{
  "AcquisitionMatrixPE": 256,
  "AcquisitionNumber": 1,
  "AcquisitionTime": "10:26:14.000000",
  "BodyPartExamined": "BRAIN",
  "CoilString": "RM:32NovaHead2",
  "ConversionSoftware": "dcm2niix",
  "ConversionSoftwareVersion": "v1.0.20211006",
  "DeviceSerialNumber": "0007347633TMRFIX",
  "EchoTime": 0.002912,
  "FlipAngle": 8,
  "ImageOrientationPatientDICOM": [0, 1, 0, 0, 0, -1],
  "ImageType": [
    "ORIGINAL",
    "PRIMARY",
    "OTHER"
],
  "ImagingFrequency": 127.75,
  "InPlanePhaseEncodingDirectionDICOM": "ROW",
  "InstitutionName": "U of M research",
  "InversionTime": 1.06,
  "MRAcquisitionType": "3D",
  "MagneticFieldStrength": 3,
  "Manufacturer": "GE",
  "ManufacturersModelName": "SIGNA UHP",
  "Modality": "MR",
  "ParallelReductionFactorInPlane": 2,
  "ParallelReductionOutOfPlane": 2,
  "PatientPosition": "HFS",
  "PercentPhaseFOV": 100,
  "PercentSampling": 100,
  "PixelBandwidth": 244.141,
  "ProtocolName": "A2CPS_32ch_HB_63021 USE",
  "ReconMatrixPE": 256,
  "RepetitionTime": 2.5,
  "SAR": 0.0970795,
  "ScanOptions": "EDR_GEMS\\PROMO_GEMS\\ACC_GEMS\\IR_GEMS",
  "ScanningSequence": "RM\\IR",
  "SequenceVariant": "NONE",
  "SeriesDescription": "ORIG T1_MPRAGE",
  "SeriesNumber": 40002,
  "SliceThickness": 1,
  "SoftwareVersions": "28\\LX\\MR Software release:RX28.0_R04_UHP3T_2111.a",
  "SpacingBetweenSlices": 1,
  "StationName": "GEHCGEHC",
  "dcmmeta_affine": [
    [1.0, 0.0, 0.0, -102.25],
    [0.0, 1.0, 0.0, -103.125],
    [0.0, 0.0, 1.0, -156.25],
    [0.0, 0.0, 0.0, 1.0]
],
  "dcmmeta_reorient_transform": [
    [0.0, 0.0, -1.0, 255.0],
    [0.0, -1.0, 0.0, 255.0],
    [-1.0, 0.0, 0.0, 207.0],
    [0.0, 0.0, 0.0, 1.0]
],
  "dcmmeta_shape": [208, 256, 256],
  "dcmmeta_slice_dim": 0,
  "dcmmeta_version": 0.6,
  "global": {
    "const": {
      "AcquisitionMatrix": [0, 256, 256, 0],
      "AcquisitionNumber": 1,
      "AnatomicRegionSequence": [
        {
          "CodeMeaning": "Brain",
          "CodeValue": "T-A0100",
          "CodingSchemeDesignator": "SRT"
        }
],
      "AngioFlag": "N",
      "BeatRejectionFlag": "N",
      "BitsAllocated": 16,
      "BitsStored": 16,
      "BodyPartExamined": "BRAIN",
      "CardiacNumberOfImages": 0,
      "Columns": 256,
      "EchoNumbers": 1,
      "EchoTime": 2.912,
      "EchoTrainLength": 1,
      "FlipAngle": 8.0,
      "HeartRate": 0,
      "HighBit": 15,
      "ImageOrientationPatient": [-0.0, 1.0, 0.0, -0.0, -0.0, -1.0],
      "ImageType": [
        "ORIGINAL",
        "PRIMARY",
        "OTHER"
],
      "ImagedNucleus": "1H",
      "ImagesInAcquisition": 208,
      "ImagingFrequency": 127.749665,
      "InPlanePhaseEncodingDirection": "ROW",
      "InversionTime": 1060.0,
      "MRAcquisitionType": "3D",
      "MagneticFieldStrength": 3.0,
      "Manufacturer": "GE MEDICAL SYSTEMS",
      "ManufacturerModelName": "SIGNA UHP",
      "Modality": "MR",
      "NumberOfAverages": 1.0,
      "PercentPhaseFieldOfView": 100.0,
      "PercentSampling": 100.0,
      "PerformedLocation": "GEHC",
      "PerformedProcedureStepStartTime": "101801",
      "PhotometricInterpretation": "MONOCHROME2",
      "PixelBandwidth": 244.141,
      "PixelRepresentation": 1,
      "PixelSpacing": [1.0, 1.0],
      "ProtocolName": "A2CPS_32ch_HB_63021 USE",
      "ReceiveCoilName": "RM:32NovaHead2",
      "ReconstructionDiameter": 256.0,
      "ReferencedPerformedProcedureStepSequence": [
        {
          "ReferencedSOPClassUID": "1.2.840.10008.3.1.2.3.3",
          "ReferencedSOPInstanceUID": "1.2.840.113619.6.475.253856284006426519486418498303277522149"}
],
      "RepetitionTime": 2500.0,
      "Rows": 256,
      "SAR": 0.0970795,
      "SamplesPerPixel": 1,
      "ScanOptions": [
        "EDR_GEMS",
        "PROMO_GEMS",
        "ACC_GEMS",
        "IR_GEMS"
],
      "ScanningSequence": [
        "RM",
        "IR"
],
      "SequenceVariant": "NONE",
      "SeriesDescription": "ORIG T1_MPRAGE",
      "SeriesNumber": 40002,
      "SeriesTime": "102614",
      "SliceThickness": 1.0,
      "SmallestImagePixelValue": 0,
      "SoftwareVersions": [
 "28",
        "LX",
        "MR Software release:RX28.0_R04_UHP3T_2111.a"
],
      "SpacingBetweenSlices": 1.0,
      "SpecificCharacterSet": "ISO_IR 100",
      "StackID": "1",
      "StudyID": "683",
      "StudyTime": "102445",
      "TriggerWindow": 0,
      "VariableFlipAngleFlag": "N"
    },
