{
 "AcquisitionMatrixPE": 140,
 "AcquisitionNumber": 1,
 "AcquisitionTime": "10:34:2.000000",
 "BodyPartExamined": "BRAIN",
 "CoilString": "RM:32NovaHead2",
 "ConversionSoftware": "dcm2niix",
 "ConversionSoftwareVersion": "v1.0.20211006",
 "DeviceSerialNumber": "0007347633TMRFIX",
 "EchoTime": 0.0815,
 "EffectiveEchoSpacing": 0.000716,
 "FlipAngle": 90,
 "ImageOrientationPatientDICOM": [
  1,
  0,
  0,
  0,
  1,
  0
 ],
 "ImageType": [
  "ORIGINAL",
  "PRIMARY",
  "OTHER"
 ],
 "ImagingFrequency": 127.75,
 "InPlanePhaseEncodingDirectionDICOM": "COL",
 "InstitutionName": "U of M research",
 "IntendedFor": [
  "ses-V1/dwi/sub-20038_ses-V1_dwi.nii.gz"
 ],
 "InternalPulseSequenceName": "EPI2",
 "MRAcquisitionType": "2D",
 "MagneticFieldStrength": 3,
 "Manufacturer": "GE",
 "ManufacturersModelName": "SIGNA UHP",
 "Modality": "MR",
 "MultibandAccelerationFactor": 3,
 "PatientPosition": "HFS",
 "PercentPhaseFOV": 100,
 "PercentSampling": 100,
 "PhaseEncodingDirection": "j",
 "PhaseEncodingPolarityGE": "Flipped",
 "PixelBandwidth": 1785.71,
 "ProtocolName": "A2CPS_32ch_HB_63021 USE",
 "ReconMatrixPE": 140,
 "RepetitionTime": 4.5,
 "SAR": 0.226338,
 "ScanOptions": "CL_GEMS\\SAT_GEMS\\EDR_GEMS\\EPI_GEMS\\HYPERBAND_GEMS\\PFF\\FS",
 "ScanningSequence": "EP\\RM",
 "SequenceVariant": "NONE",
 "SeriesDescription": "REV_POL: DTI",
 "SeriesNumber": 311,
 "SliceThickness": 1.7,
 "SoftwareVersions": "28\\LX\\MR Software release:RX28.0_R04_UHP3T_2111.a",
 "SpacingBetweenSlices": 1.7,
 "StationName": "GEHCGEHC",
 "TotalReadoutTime": 0.099524,
 "dcmmeta_affine": [
  [
   -1.7143000364303589,
   0.0,
   0.0,
   119.76785278320312
  ],
  [
   0.0,
   1.7143000364303589,
   0.0,
   -119.14484405517578
  ],
  [
   0.0,
   0.0,
   1.6999969482421875,
   -59.24974060058594
  ],
  [
   0.0,
   0.0,
   0.0,
   1.0
  ]
 ],
 "dcmmeta_reorient_transform": [
  [
   0.0,
   -1.0,
   0.0,
   139.0
  ],
  [
   1.0,
   0.0,
   0.0,
   0.0
  ],
  [
   0.0,
   0.0,
   -1.0,
   80.0
  ],
  [
   0.0,
   0.0,
   0.0,
   1.0
  ]
 ],
 "dcmmeta_shape": [
  140,
  140,
  81
 ],
 "dcmmeta_slice_dim": 2,
 "dcmmeta_version": 0.6,
 "global": {
  "const": {
   "AcquisitionMatrix": [
    140,
    0,
    0,
    140
   ],
   "AcquisitionNumber": 1,
   "AcquisitionTime": "103402",
   "AnatomicRegionSequence": [
    {
     "CodeMeaning": "Brain",
     "CodeValue": "T-A0100",
     "CodingSchemeDesignator": "SRT"
    }
   ],
   "AngioFlag": "N",
   "BeatRejectionFlag": "Y",
   "BitsAllocated": 16,
   "BitsStored": 16,
   "BodyPartExamined": "BRAIN",
   "CardiacNumberOfImages": 0,
   "Columns": 140,
   "ContentTime": "103402",
   "EchoNumbers": 1,
   "EchoTime": 81.5,
   "EchoTrainLength": 1,
   "FlipAngle": 90.0,
   "GeometryOfKSpaceTraversal": "RECTILINEAR",
   "HeartRate": 0,
   "HighBit": 15,
   "ImageOrientationPatient": [
    1.0,
    -0.0,
    0.0,
    -0.0,
    1.0,
    0.0
   ],
   "ImageType": [
    "ORIGINAL",
    "PRIMARY",
    "OTHER"
   ],
   "ImagedNucleus": "1H",
   "ImagesInAcquisition": 16929,
   "ImagingFrequency": 127.749774,
   "InPlanePhaseEncodingDirection": "COL",
   "MRAcquisitionType": "2D",
   "MagneticFieldStrength": 3.0,
   "Manufacturer": "GE MEDICAL SYSTEMS",
   "ManufacturerModelName": "SIGNA UHP",
   "Modality": "MR",
   "NumberOfAverages": 1.0,
   "PercentPhaseFieldOfView": 100.0,
   "PercentSampling": 100.0,
   "PerformedLocation": "GEHC",
   "PerformedProcedureStepStartTime": "101801",
   "PhotometricInterpretation": "MONOCHROME2",
   "PixelBandwidth": 1785.71,
   "PixelRepresentation": 1,
   "PixelSpacing": [
    1.7143,
    1.7143
   ],
   "ProtocolName": "A2CPS_32ch_HB_63021 USE",
   "ReceiveCoilName": "RM:32NovaHead2",
   "ReconstructionDiameter": 240.0,
   "RectilinearPhaseEncodeReordering": "REVERSE_LINEAR",
   "ReferencedPerformedProcedureStepSequence": [
    {
     "ReferencedSOPClassUID": "1.2.840.10008.3.1.2.3.3",
     "ReferencedSOPInstanceUID": "1.2.840.113619.6.475.253856284006426519486418498303277522149"
    }
   ],
   "RepetitionTime": 4500.0,
   "Rows": 140,
   "SAR": 0.226338,
   "SamplesPerPixel": 1,
   "ScanOptions": [
    "CL_GEMS",
    "SAT_GEMS",
    "EDR_GEMS",
    "EPI_GEMS",
    "HYPERBAND_GEMS",
    "PFF",
    "FS"
   ],
   "ScanningSequence": [
    "EP",
    "RM"
   ],
   "SequenceVariant": "NONE",
   "SeriesDescription": "REV_POL: DTI",
   "SeriesNumber": 311,
   "SeriesTime": "103356",
   "SliceThickness": 1.7,
   "SmallestImagePixelValue": 0,
   "SoftwareVersions": [
    "28",
    "LX",
    "MR Software release:RX28.0_R04_UHP3T_2111.a"
   ],
   "SpacingBetweenSlices": 1.7,
   "SpecificCharacterSet": "ISO_IR 100",
   "StackID": "1",
   "StudyID": "683",
   "StudyTime": "102445",
   "TriggerWindow": 0,
   "VariableFlipAngleFlag": "N"
  },
