{
  "AcquisitionMatrixPE": 256,
  "AcquisitionNumber": 2,
  "AcquisitionTime": "14:56:5.390000",
  "BodyPartExamined": "BRAIN",
  "CoilString": "MULTI COIL",
  "ConversionSoftware": "dcm2niix",
  "ConversionSoftwareVersion": "v1.0.20211215",
  "DeviceSerialNumber": "71399",
  "EchoTime": 0.005803,
  "EstimatedEffectiveEchoSpacing": 8.13177e-06,
  "EstimatedTotalReadoutTime": 0.0020736,
  "FlipAngle": 15,
  "ImageOrientationPatientDICOM": [1, 0, 0, 0, 1, 0],
  "ImageType": [
    "ORIGINAL",
    "PRIMARY",
    "M",
    "FFE",
    "M",
    "FFE"
],
  "ImagingFrequency": 127.767,
  "InPlanePhaseEncodingDirectionDICOM": "ROW",
  "InstitutionAddress": "5835 S. Cottage Grove",
  "InstitutionName": "UNIVERSITY OF CHICAGO MEDICAL CENTER",
  "InstitutionalDepartmentName": "BRIC",
  "MRAcquisitionType": "2D",
  "MTState": false,
  "MagneticFieldStrength": 3,
  "Manufacturer": "Philips",
  "ManufacturersModelName": "Ingenia",
  "Modality": "MR",
  "NumberOfAverages": 2,
  "PatientPosition": "HFS",
  "PercentPhaseFOV": 100,
  "PercentSampling": 100,
  "PhaseEncodingAxis": "i",
  "PhaseEncodingSteps": 256,
  "PhilipsRWVIntercept": 0,
  "PhilipsRWVSlope": 1.60977,
  "PhilipsRescaleIntercept": 0,
  "PhilipsRescaleSlope": 1.60977,
  "PhilipsScaleSlope": 0.198421,
  "PixelBandwidth": 241,
  "ProtocolName": "WIP anat-T1w_acq-GRE",
  "ReconMatrixPE": 256,
  "RepetitionTime": 0.15,
  "SAR": 0.00942575,
  "ScanOptions": "FC",
  "ScanningSequence": "GR",
  "SequenceVariant": "SS",
  "SeriesDescription": "anat-T1w_acq-GRE",
  "SeriesNumber": 201,
  "SliceThickness": 5,
  "SoftwareVersions": "5.6.1\\5.6.1.0",
  "SpacingBetweenSlices": 6,
  "StationName": "HOST-1O4ONO2CHP",
  "UsePhilipsFloatNotDisplayScaling": 1,
  "WaterFatShift": 1.80158,
  "dcmmeta_affine": [
    [-0.859375, 0.0, 0.0, 112.96910858154297],
    [0.0, 0.859375, 0.0, -102.34986877441406],
    [0.0, 0.0, 6.0, -18.398799896240234],
    [0.0, 0.0, 0.0, 1.0]
],
  "dcmmeta_reorient_transform": [
    [0.0, -1.0, 0.0, 255.0],
    [1.0, 0.0, 0.0, 0.0],
    [0.0, 0.0, -1.0, 8.0],
    [0.0, 0.0, 0.0, 1.0]
],
  "dcmmeta_shape": [256, 256, 9],
  "dcmmeta_slice_dim": 2,
  "dcmmeta_version": 0.6,
  "global": {
    "const": {
      "AcquisitionDuration": 77.40015411376953,
      "AcquisitionMatrix": [0, 256, 256, 0],
      "AcquisitionNumber": 2,
      "AcquisitionTime": "145605.39",
      "B1rms": 0.37259262800216675,
      "BitsAllocated": 16,
      "BitsStored": 12,
      "BodyPartExamined": "BRAIN",
      "Columns": 256,
      "ContentTime": "145605.39",
      "DiffusionBValue": 0.0,
      "DiffusionGradientOrientation": [0.0, 0.0, 0.0],
      "EchoNumbers": 1,
      "EchoTime": 5.803,
      "EchoTrainLength": 1,
      "FlipAngle": 15.0,
      "HeartRate": 0,
      "HighBit": 11,
      "HighRRValue": 0,
      "ImageOrientationPatient": [1.0, 0.0, 0.0, 0.0, 1.0, 0.0],
      "ImageType": [
        "ORIGINAL",
        "PRIMARY",
        "M_FFE",
        "M",
        "FFE"
],
      "ImagedNucleus": "1H",
      "ImagingFrequency": 127.76736,
      "InPlanePhaseEncodingDirection": "ROW",
      "IntervalsAcquired": 0,
      "IntervalsRejected": 0,
      "IssueTimeOfImagingServiceRequest": "145203.250",
      "LowRRValue": 0,
      "MRAcquisitionType": "2D",
      "MagneticFieldStrength": 3.0,
      "Manufacturer": "Philips",
      "ManufacturerModelName": "Ingenia",
      "Modality": "MR",
      "NumberOfAverages": 2.0,
      "NumberOfPhaseEncodingSteps": 256,
      "NumberOfTemporalPositions": 1,
      "PercentPhaseFieldOfView": 100.0,
      "PercentSampling": 100.0,
      "PerformedProcedureStepEndTime": "145203",
      "PerformedProcedureStepStartTime": "145203",
      "PerformedProtocolCodeSequence": [
        {
          "CodeMeaning": "UNDEFINED",
          "CodeValue": "UNDEFINED",
          "CodingSchemeDesignator": "UNDEFINED",
          "ContextGroupExtensionFlag": "N"
        }
],
      "PhotometricInterpretation": "MONOCHROME2",
      "PixelBandwidth": 241.0,
      "PixelRepresentation": 0,
      "PixelSpacing": [0.859375, 0.859375],
      "PregnancyStatus": 1,
      "PresentationLUTShape": "IDENTITY",
      "ProtocolName": "WIP anat-T1w_acq-GRE",
      "RealWorldValueMappingSequence": [
        {
          "LUTExplanation": "Real World Value Mapping for normalized",
          "LUTLabel": "Philips",
          "MeasurementUnitsCodeSequence": [
            {
              "CodeMeaning": "no units",
              "CodeValue": "1",
              "CodingSchemeDesignator": "UCUM",
              "ContextUID": "1.2.840.10008.6.1.918"}
],
          "RealWorldValueFirstValueMapped": 0,
          "RealWorldValueIntercept": 0.0,
          "RealWorldValueLastValueMapped": 4095,
          "RealWorldValueSlope": 1.6097680097680098}
],
      "ReceiveCoilName": "MULTI COIL",
      "ReconstructionDiameter": 220.0,
      "ReferencedPerformedProcedureStepSequence": [
        {
          "InstanceCreationDate": "20220603",
          "InstanceCreationTime": "145203.281",
          "InstanceCreatorUID": "1.3.46.670589.11.89.5",
          "InstanceNumber": 0,
          "ReferencedSOPClassUID": "1.2.840.10008.3.1.2.3.3",
          "ReferencedSOPInstanceUID": "1.3.46.670589.11.71399.5.0.15144.2022060314520328001"}
],
      "RepetitionTime": 150.000305175781,
      "RescaleIntercept": 0.0,
      "RescaleSlope": 1.609768009768,
      "RescaleType": "normalized",
      "Rows": 256,
      "SAR": 0.00942575093358,
      "SamplesPerPixel": 1,
      "ScanOptions": "FC",
      "ScanningSequence": "GR",
      "SequenceVariant": "SS",
      "SeriesDescription": "anat-T1w_acq-GRE",
      "SeriesNumber": 201,
      "SeriesTime": "145549.57000",
      "SliceThickness": 5.0,
      "SoftwareVersions": ["5.6.1", "5.6.1.0"],
      "SpacingBetweenSlices": 6.0,
      "SpecificCharacterSet": "ISO_IR 100",
      "StudyID": "694122723",
      "StudyTime": "145203",
      "TemporalPositionIdentifier": 1,
      "dBdt": 27.8501777648925},
    "slices": {
      "ImagePositionPatient": [
        [-112.96911144256, -116.7907590866, -18.39879989624],
        [-112.96911144256, -116.7907590866, -12.398798942565],
        [-112.96911144256, -116.7907590866, -6.3987989425659],
        [-112.96911144256, -116.7907590866, -0.3987989425659],
        [-112.96911144256, -116.7907590866, 5.60120105743408],
        [-112.96911144256, -116.7907590866, 11.6012010574341],
        [-112.96911144256, -116.7907590866, 17.6012001037598],
        [-112.96911144256, -116.7907590866, 23.6012001037598],
        [-112.96911144256, -116.7907590866, 29.6012001037598]
],
      "InstanceCreationTime": ["150732.838", "150732.853", "150732.853", "150732.853", "150732.869", "150732.869", "150732.869", "150732.900", "150732.931"],
      "InstanceNumber": [1, 2, 3, 4, 5, 6, 7, 8, 9],
      "SliceLocation": [18.3987998962402, 12.3987989425659, 6.39879894256591, 0.39879894256591, -5.601201057434, -11.601201057434, -17.601200103759, -23.601200103759, -29.601200103759],
      "WindowCenter": [1070.0, 1102.0, 1156.0, 1155.0, 1197.0, 1187.0, 1138.0, 1130.0, 1099.0],
      "WindowWidth": [1860.0, 1915.0, 2009.0, 2008.0, 2080.0, 2064.0, 1978.0, 1964.0, 1910.0]
    }
  }
}