{
 "AcquisitionMatrixPE": 141,
 "AcquisitionNumber": 5,
 "AcquisitionTime": "09:23:59.060000",
 "BodyPartExamined": "BRAIN",
 "CoilString": "MULTI COIL",
 "ConversionSoftware": "dcm2niix",
 "ConversionSoftwareVersion": "v1.0.20211006",
 "DeviceSerialNumber": "71399",
 "EchoTime": 0.103,
 "EchoTrainLength": 141,
 "EffectiveEchoSpacing": 0.00099846,
 "EstimatedEffectiveEchoSpacing": 0.00099846,
 "EstimatedTotalReadoutTime": 0.14278,
 "FlipAngle": 78,
 "ImageOrientationPatientDICOM": [
  1,
  0,
  0,
  0,
  1,
  0
 ],
 "ImageType": [
  "ORIGINAL",
  "PRIMARY",
  "M",
  "SE",
  "M",
  "SE"
 ],
 "ImagingFrequency": 127.767,
 "InPlanePhaseEncodingDirectionDICOM": "COL",
 "InstitutionAddress": "5835 S. Cottage Grove",
 "InstitutionName": "UNIVERSITY OF CHICAGO MEDICAL CENTER",
 "InstitutionalDepartmentName": "BRIC",
 "IntendedFor": [
  "ses-UC/dwi/sub-travel2_ses-UC_dwi.nii.gz"
 ],
 "MRAcquisitionType": "2D",
 "MTState": false,
 "MagneticFieldStrength": 3,
 "Manufacturer": "Philips",
 "ManufacturersModelName": "Ingenia",
 "Modality": "MR",
 "ParallelAcquisitionTechnique": "MBSENSE",
 "ParallelReductionOutOfPlane": 3,
 "PartialFourierDirection": "PHASE",
 "PartialFourierEnabled": "YES",
 "PatientPosition": "HFS",
 "PercentPhaseFOV": 100,
 "PercentSampling": 100.714,
 "PhaseEncodingAxis": "j",
 "PhaseEncodingDirection": "j",
 "PhaseEncodingStepsNoPartialFourier": 141,
 "PhilipsRWVIntercept": 0,
 "PhilipsRWVSlope": 3.37241,
 "PhilipsRescaleIntercept": 0,
 "PhilipsRescaleSlope": 3.37241,
 "PhilipsScaleSlope": 0.0156557,
 "PixelBandwidth": 1641,
 "ProtocolName": "WIP DWI_B0_PA",
 "ReconMatrixPE": 144,
 "RepetitionTime": 8.094,
 "SAR": 0.0908896,
 "ScanOptions": "FS",
 "ScanningSequence": "SE",
 "SequenceVariant": "SK",
 "SeriesDescription": "DWI_B0_PA",
 "SeriesNumber": 501,
 "SliceThickness": 1.7,
 "SoftwareVersions": "5.6.1\\5.6.1.0",
 "SpacingBetweenSlices": 1.7,
 "StationName": "HOST-1O4ONO2CHP",
 "TotalReadoutTime": 0.14278,
 "UsePhilipsFloatNotDisplayScaling": 1,
 "WaterFatShift": 62.4647,
 "dcmmeta_affine": [
  [
   -1.6666666269302368,
   0.0,
   0.0,
   122.17268371582031
  ],
  [
   0.0,
   1.6666666269302368,
   0.0,
   -104.73780822753906
  ],
  [
   0.0,
   0.0,
   1.6999969482421875,
   -61.38654327392578
  ],
  [
   0.0,
   0.0,
   0.0,
   1.0
  ]
 ],
 "dcmmeta_reorient_transform": [
  [
   0.0,
   -1.0,
   0.0,
   143.0
  ],
  [
   1.0,
   0.0,
   0.0,
   0.0
  ],
  [
   0.0,
   0.0,
   -1.0,
   80.0
  ],
  [
   0.0,
   0.0,
   0.0,
   1.0
  ]
 ],
 "dcmmeta_shape": [
  144,
  144,
  81
 ],
 "dcmmeta_slice_dim": 2,
 "dcmmeta_version": 0.6,
 "global": {
  "const": {
   "AcquisitionDuration": 16.18800163269043,
   "AcquisitionMatrix": [
    140,
    0,
    0,
    141
   ],
   "AcquisitionNumber": 5,
   "AcquisitionTime": "092359.06",
   "B1rms": 1.1561192274093628,
   "BitsAllocated": 16,
   "BitsStored": 12,
   "BodyPartExamined": "BRAIN",
   "Columns": 144,
   "ContentTime": "092359.06",
   "DiffusionBValue": 0.0,
   "DiffusionGradientOrientation": [
    0.0,
    0.0,
    0.0
   ],
   "EchoNumbers": 1,
   "EchoTime": 103.0,
   "EchoTrainLength": 141,
   "FlipAngle": 78.0,
   "HeartRate": 0,
   "HighBit": 11,
   "HighRRValue": 0,
   "ImageOrientationPatient": [
    1.0,
    0.0,
    0.0,
    0.0,
    1.0,
    0.0
   ],
   "ImageType": [
    "ORIGINAL",
    "PRIMARY",
    "M_SE",
    "M",
    "SE"
   ],
   "ImagedNucleus": "1H",
   "ImagingFrequency": 127.76748,
   "InPlanePhaseEncodingDirection": "COL",
   "IntervalsAcquired": 0,
   "IntervalsRejected": 0,
   "IssueTimeOfImagingServiceRequest": "090111.603",
   "LowRRValue": 0,
   "MRAcquisitionType": "2D",
   "MagneticFieldStrength": 3.0,
   "Manufacturer": "Philips",
   "ManufacturerModelName": "Ingenia",
   "Modality": "MR",
   "NumberOfAverages": 1.0,
   "NumberOfPhaseEncodingSteps": 141,
   "NumberOfTemporalPositions": 1,
   "PercentPhaseFieldOfView": 100.0,
   "PercentSampling": 100.714286804199,
   "PerformedProcedureStepEndTime": "090111",
   "PerformedProcedureStepStartTime": "090111",
   "PerformedProtocolCodeSequence": [
    {
     "CodeMeaning": "UNDEFINED",
     "CodeValue": "UNDEFINED",
     "CodingSchemeDesignator": "UNDEFINED",
     "ContextGroupExtensionFlag": "N"
    }
   ],
   "PhotometricInterpretation": "MONOCHROME2",
   "PixelBandwidth": 1641.0,
   "PixelRepresentation": 0,
   "PixelSpacing": [
    1.66666662693023,
    1.66666662693023
   ],
   "PregnancyStatus": 1,
   "PresentationLUTShape": "IDENTITY",
   "ProtocolName": "WIP DWI_B0_PA",
   "RealWorldValueMappingSequence": [
    {
     "LUTExplanation": "Real World Value Mapping for normalized",
     "LUTLabel": "Philips",
     "MeasurementUnitsCodeSequence": [
      {
       "CodeMeaning": "no units",
       "CodeValue": "1",
       "CodingSchemeDesignator": "UCUM",
       "ContextUID": "1.2.840.10008.6.1.918"
      }
     ],
     "RealWorldValueFirstValueMapped": 0,
     "RealWorldValueIntercept": 0.0,
     "RealWorldValueLastValueMapped": 4095,
     "RealWorldValueSlope": 3.3724053724053724
    }
   ],
   "ReceiveCoilName": "MULTI COIL",
   "ReconstructionDiameter": 240.0,
   "ReferencedPerformedProcedureStepSequence": [
    {
     "InstanceCreationDate": "20210930",
     "InstanceCreationTime": "090111.635",
     "InstanceCreatorUID": "1.3.46.670589.11.89.5",
     "InstanceNumber": 0,
     "ReferencedSOPClassUID": "1.2.840.10008.3.1.2.3.3",
     "ReferencedSOPInstanceUID": "1.3.46.670589.11.71399.5.0.13640.2021093009011163001"
    }
   ],
   "RepetitionTime": 8094.00048828125,
   "RescaleIntercept": 0.0,
   "RescaleSlope": 3.37240537240537,
   "RescaleType": "normalized",
   "Rows": 144,
   "SAR": 0.09088960289955,
   "SamplesPerPixel": 1,
   "ScanOptions": "FS",
   "ScanningSequence": "SE",
   "SequenceVariant": "SK",
   "SeriesDescription": "DWI_B0_PA",
   "SeriesNumber": 501,
   "SeriesTime": "092347.60000",
   "SliceThickness": 1.7,
   "SoftwareVersions": [
    "5.6.1",
    "5.6.1.0"
   ],
   "SpacingBetweenSlices": 1.7,
   "SpecificCharacterSet": "ISO_IR 100",
   "StudyID": "664898471",
   "StudyTime": "090111",
   "TemporalPositionIdentifier": 1,
   "dBdt": 54.7528572082519
  },
