{
 "AcquisitionMatrixPE": 90,
 "AcquisitionNumber": 1,
 "AcquisitionTime": "10:42:28.000000",
 "BodyPartExamined": "BRAIN",
 "CoilString": "RM:32NovaHead2",
 "ConversionSoftware": "dcm2niix",
 "ConversionSoftwareVersion": "v1.0.20211006",
 "DeviceSerialNumber": "0007347633TMRFIX",
 "EchoTime": 0.08,
 "EffectiveEchoSpacing": 0.00040926,
 "FlipAngle": 90,
 "ImageOrientationPatientDICOM": [
  1,
  0,
  0,
  0,
  1,
  0
 ],
 "ImageType": [
  "ORIGINAL",
  "PRIMARY",
  "OTHER"
 ],
 "ImagingFrequency": 127.75,
 "InPlanePhaseEncodingDirectionDICOM": "COL",
 "InstitutionName": "U of M research",
 "IntendedFor": [
  "ses-V1/func/sub-20038_ses-V1_task-cuff_run-01_bold.nii.gz",
  "ses-V1/func/sub-20038_ses-V1_task-cuff_run-02_bold.nii.gz",
  "ses-V1/func/sub-20038_ses-V1_task-rest_run-01_bold.nii.gz",
  "ses-V1/func/sub-20038_ses-V1_task-rest_run-02_bold.nii.gz"
 ],
 "MRAcquisitionType": "2D",
 "MagneticFieldStrength": 3,
 "Manufacturer": "GE",
 "ManufacturersModelName": "SIGNA UHP",
 "Modality": "MR",
 "PatientPosition": "HFS",
 "PercentPhaseFOV": 100,
 "PercentSampling": 100,
 "PhaseEncodingDirection": "j-",
 "PhaseEncodingPolarityGE": "Unflipped",
 "PixelBandwidth": 3906.25,
 "ProtocolName": "A2CPS_32ch_HB_63021 USE",
 "ReconMatrixPE": 128,
 "RepetitionTime": 7.4,
 "SAR": 0.281002,
 "ScanOptions": "SAT_GEMS\\MP_GEMS\\EPI_GEMS\\FS",
 "ScanningSequence": "EP\\RM",
 "SequenceVariant": "NONE",
 "SeriesDescription": "fMRI_B0",
 "SeriesNumber": 1004,
 "SliceThickness": 2.4,
 "SliceTiming": [
  0,
  3.7,
  0.123333,
  3.82333,
  0.246667,
  3.94667,
  0.37,
  4.07,
  0.493333,
  4.19333,
  0.616667,
  4.31667,
  0.74,
  4.44,
  0.863333,
  4.56333,
  0.986667,
  4.68667,
  1.11,
  4.81,
  1.23333,
  4.93333,
  1.35667,
  5.05667,
  1.48,
  5.18,
  1.60333,
  5.30333,
  1.72667,
  5.42667,
  1.85,
  5.55,
  1.97333,
  5.67333,
  2.09667,
  5.79667,
  2.22,
  5.92,
  2.34333,
  6.04333,
  2.46667,
  6.16667,
  2.59,
  6.29,
  2.71333,
  6.41333,
  2.83667,
  6.53667,
  2.96,
  6.66,
  3.08333,
  6.78333,
  3.20667,
  6.90667,
  3.33,
  7.03,
  3.45333,
  7.15333,
  3.57667,
  7.27667
 ],
 "SoftwareVersions": "28\\LX\\MR Software release:RX28.0_R04_UHP3T_2111.a",
 "SpacingBetweenSlices": 2.4,
 "StationName": "GEHCGEHC",
 "TotalReadoutTime": 0.051976,
 "TriggerDelayTime": 22077
}