{
 "AcquisitionMatrixPE": 140,
 "AcquisitionNumber": 1,
 "AcquisitionTime": "09:30:54.697500",
 "BandwidthPerPixelPhaseEncode": 10.352,
 "BaseResolution": 140,
 "BodyPartExamined": "BRAIN",
 "CoilCombinationMethod": "Adaptive Combine",
 "ConsistencyInfo": "N4_VE11C_LATEST_20160120",
 "ConversionSoftware": "dcm2niix",
 "ConversionSoftwareVersion": "v1.0.20211006",
 "DerivedVendorReportedEchoSpacing": 0.000689998,
 "DeviceSerialNumber": "70032",
 "DiffusionScheme": "Monopolar",
 "DwellTime": 2.1e-06,
 "EchoTime": 0.089,
 "EchoTrainLength": 105,
 "EffectiveEchoSpacing": 0.000689998,
 "FlipAngle": 90,
 "ImageOrientationPatientDICOM": [
  1,
  0,
  0,
  0,
  1,
  0
 ],
 "ImageOrientationText": "Tra",
 "ImageType": [
  "ORIGINAL",
  "PRIMARY",
  "DIFFUSION",
  "NONE",
  "ND"
 ],
 "ImagingFrequency": 123.218,
 "InPlanePhaseEncodingDirectionDICOM": "COL",
 "InstitutionAddress": "Ridge Ave. 2650 ,Evanston, IL,Chicago,US,60201",
 "InstitutionName": "EVANSTON HOSP",
 "InstitutionalDepartmentName": "Department",
 "IntendedFor": [
  "ses-NS/dwi/sub-travel2_ses-NS_dwi.nii.gz"
 ],
 "MRAcquisitionType": "2D",
 "MagneticFieldStrength": 3,
 "Manufacturer": "Siemens",
 "ManufacturersModelName": "Skyra_fit",
 "MatrixCoilMode": "SENSE",
 "Modality": "MR",
 "PartialFourier": 0.75,
 "PatientPosition": "HFS",
 "PercentPhaseFOV": 100,
 "PercentSampling": 100,
 "PhaseEncodingDirection": "j",
 "PhaseEncodingSteps": 105,
 "PhaseResolution": 1,
 "PixelBandwidth": 1700,
 "ProtocolName": "DWI_B0_PA",
 "PulseSequenceDetails": "%CustomerSeq%\\ep2d_diff_sms_abcd",
 "ReceiveCoilActiveElements": "HC3-7;NC1",
 "ReceiveCoilName": "HeadNeck_64",
 "ReconMatrixPE": 140,
 "RepetitionTime": 12.4,
 "SAR": 0.137238,
 "ScanOptions": "PFP\\FS",
 "ScanningSequence": "EP",
 "SequenceName": "ep_b0",
 "SequenceVariant": "SK\\SP",
 "SeriesDescription": "DWI_B0_PA",
 "SeriesNumber": 5,
 "ShimSetting": [
  -7332,
  5546,
  11918,
  -105,
  -174,
  -359,
  144,
  -399
 ],
 "SliceThickness": 1.7,
 "SliceTiming": [
  0,
  6.27344,
  0.15625,
  6.42188,
  0.3125,
  6.57812,
  0.46094,
  6.72656,
  0.61719,
  6.88281,
  0.76562,
  7.03125,
  0.92188,
  7.1875,
  1.07031,
  7.33594,
  1.22656,
  7.49219,
  1.38281,
  7.64844,
  1.53125,
  7.79688,
  1.6875,
  7.95312,
  1.83594,
  8.10156,
  1.99219,
  8.25781,
  2.14062,
  8.40625,
  2.29688,
  8.5625,
  2.45312,
  8.71094,
  2.60156,
  8.86719,
  2.75781,
  9.02344,
  2.90625,
  9.17188,
  3.0625,
  9.32812,
  3.21094,
  9.47656,
  3.36719,
  9.63281,
  3.52344,
  9.78125,
  3.67188,
  9.9375,
  3.82812,
  10.0859,
  3.97656,
  10.2422,
  4.13281,
  10.3984,
  4.28125,
  10.5469,
  4.4375,
  10.7031,
  4.58594,
  10.8516,
  4.74219,
  11.0078,
  4.89844,
  11.1562,
  5.04688,
  11.3125,
  5.20312,
  11.4609,
  5.35156,
  11.6172,
  5.50781,
  11.7734,
  5.65625,
  11.9219,
  5.8125,
  12.0781,
  5.96094,
  12.2266,
  6.11719
 ],
 "SoftwareVersions": "syngo MR E11",
 "SpacingBetweenSlices": 1.7,
 "SpoilingState": true,
 "StationName": "MRC40210",
 "TotalReadoutTime": 0.0959097,
 "TxRefAmp": 314.261,
 "VendorReportedEchoSpacing": 0.00069,
 "WipMemBlock": "cf3e1f68-d433-4589-8e31-0419fb6d0a78",
 "dcmmeta_affine": [
  [
   -1.7142857313156128,
   0.0,
   0.0,
   120.0
  ],
  [
   0.0,
   1.7142857313156128,
   0.0,
   -118.28571319580078
  ],
  [
   0.0,
   0.0,
   1.6999969482421875,
   -57.999755859375
  ],
  [
   0.0,
   0.0,
   0.0,
   1.0
  ]
 ],
 "dcmmeta_reorient_transform": [
  [
   0.0,
   -1.0,
   0.0,
   139.0
  ],
  [
   1.0,
   0.0,
   0.0,
   0.0
  ],
  [
   0.0,
   0.0,
   -1.0,
   80.0
  ],
  [
   0.0,
   0.0,
   0.0,
   1.0
  ]
 ],
 "dcmmeta_shape": [
  140,
  140,
  81
 ],
 "dcmmeta_slice_dim": 2,
 "dcmmeta_version": 0.6,
 "global": {
  "const": {
   "AcquisitionMatrix": [
    140,
    0,
    0,
    140
   ],
   "AcquisitionNumber": 1,
   "AngioFlag": "N",
   "BitsAllocated": 16,
   "BitsStored": 12,
   "BodyPartExamined": "BRAIN",
   "Columns": 140,
   "EchoNumbers": 1,
   "EchoTime": 89.0,
   "EchoTrainLength": 105,
   "FlipAngle": 90.0,
   "HighBit": 11,
   "ImageOrientationPatient": [
    1.0,
    0.0,
    0.0,
    0.0,
    1.0,
    0.0
   ],
   "ImageType": [
    "ORIGINAL",
    "PRIMARY",
    "DIFFUSION",
    "NONE",
    "ND"
   ],
   "ImagedNucleus": "1H",
   "ImagingFrequency": 123.217571,
   "InPlanePhaseEncodingDirection": "COL",
   "MRAcquisitionType": "2D",
   "MagneticFieldStrength": 3.0,
   "Manufacturer": "SIEMENS",
   "ManufacturerModelName": "Skyra_fit",
   "Modality": "MR",
   "NumberOfAverages": 1.0,
   "NumberOfPhaseEncodingSteps": 105,
   "PercentPhaseFieldOfView": 100.0,
   "PercentSampling": 100.0,
   "PerformedProcedureStepStartTime": "091611.605000",
   "PhotometricInterpretation": "MONOCHROME2",
   "PixelBandwidth": 1700.0,
   "PixelRepresentation": 0,
   "PixelSpacing": [
    1.7142857313156,
    1.7142857313156
   ],
   "ProtocolName": "DWI_B0_PA",
   "ReferencedPerformedProcedureStepSequence": [
    {
     "ReferencedSOPClassUID": "1.2.840.10008.3.1.2.3.3",
     "ReferencedSOPInstanceUID": "1.3.12.2.1107.5.2.42.70032.30000021100113253196600000002"
    }
   ],
   "RepetitionTime": 12400.0,
   "Rows": 140,
   "SAR": 0.13723841373554,
   "SamplesPerPixel": 1,
   "ScanOptions": [
    "PFP",
    "FS"
   ],
   "ScanningSequence": "EP",
   "SequenceName": "ep_b0",
   "SequenceVariant": [
    "SK",
    "SP"
   ],
   "SeriesDescription": "DWI_B0_PA",
   "SeriesNumber": 5,
   "SeriesTime": "093108.083000",
   "SliceThickness": 1.7000000476837,
   "SmallestImagePixelValue": 0,
   "SoftwareVersions": "syngo MR E11",
   "SpacingBetweenSlices": 1.7,
   "SpecificCharacterSet": "ISO_IR 100",
   "StudyID": "1",
   "StudyTime": "091611.501000",
   "TransmitCoilName": "Body",
   "VariableFlipAngleFlag": "N",
   "WindowCenterWidthExplanation": "Algo1",
   "dBdt": 0.0
  },
