{
 "AcquisitionMatrixPE": 89,
 "AcquisitionNumber": 8,
 "AcquisitionTime": "09:40:32.640000",
 "BodyPartExamined": "BRAIN",
 "CoilString": "MULTI COIL",
 "ConversionSoftware": "dcm2niix",
 "ConversionSoftwareVersion": "v1.0.20211006",
 "DeviceSerialNumber": "71399",
 "EchoTime": 0.07,
 "EchoTrainLength": 89,
 "EffectiveEchoSpacing": 0.000680241,
 "EstimatedEffectiveEchoSpacing": 0.000680241,
 "EstimatedTotalReadoutTime": 0.0646229,
 "FlipAngle": 52,
 "ImageOrientationPatientDICOM": [
  1,
  0,
  0,
  0,
  1,
  0
 ],
 "ImageType": [
  "ORIGINAL",
  "PRIMARY",
  "M",
  "SE",
  "M",
  "SE"
 ],
 "ImagingFrequency": 127.767,
 "InPlanePhaseEncodingDirectionDICOM": "COL",
 "InstitutionAddress": "5835 S. Cottage Grove",
 "InstitutionName": "UNIVERSITY OF CHICAGO MEDICAL CENTER",
 "InstitutionalDepartmentName": "BRIC",
 "IntendedFor": [
  "ses-UC/func/sub-travel2_ses-UC_task-cuff_run-01_bold.nii.gz",
  "ses-UC/func/sub-travel2_ses-UC_task-cuff_run-02_bold.nii.gz",
  "ses-UC/func/sub-travel2_ses-UC_task-rest_run-01_bold.nii.gz",
  "ses-UC/func/sub-travel2_ses-UC_task-rest_run-02_bold.nii.gz"
 ],
 "MRAcquisitionType": "2D",
 "MTState": false,
 "MagneticFieldStrength": 3,
 "Manufacturer": "Philips",
 "ManufacturersModelName": "Ingenia",
 "Modality": "MR",
 "ParallelAcquisitionTechnique": "MBSENSE",
 "ParallelReductionOutOfPlane": 2,
 "PartialFourierDirection": "PHASE",
 "PartialFourierEnabled": "YES",
 "PatientPosition": "HFS",
 "PercentPhaseFOV": 100,
 "PercentSampling": 101.136,
 "PhaseEncodingAxis": "j",
 "PhaseEncodingDirection": "j",
 "PhaseEncodingStepsNoPartialFourier": 89,
 "PhilipsRWVIntercept": 0,
 "PhilipsRWVSlope": 1.95678,
 "PhilipsRescaleIntercept": 0,
 "PhilipsRescaleSlope": 1.95678,
 "PhilipsScaleSlope": 0.0133444,
 "PixelBandwidth": 2157,
 "ProtocolName": "WIP FMRI_B0_PA",
 "ReconMatrixPE": 96,
 "RepetitionTime": 7,
 "SAR": 0.0757243,
 "ScanOptions": "FS",
 "ScanningSequence": "SE",
 "SequenceVariant": "SK",
 "SeriesDescription": "FMRI_B0_PA",
 "SeriesNumber": 801,
 "SliceThickness": 2.4,
 "SoftwareVersions": "5.6.1\\5.6.1.0",
 "SpacingBetweenSlices": 2.4,
 "StationName": "HOST-1O4ONO2CHP",
 "TotalReadoutTime": 0.0646229,
 "UsePhilipsFloatNotDisplayScaling": 1,
 "WaterFatShift": 28.3882,
 "dcmmeta_affine": [
  [
   -2.21875,
   0.0,
   0.0,
   109.59904479980469
  ],
  [
   0.0,
   2.21875,
   0.0,
   -89.75936889648438
  ],
  [
   0.0,
   0.0,
   2.4000015258789062,
   -56.990074157714844
  ],
  [
   0.0,
   0.0,
   0.0,
   1.0
  ]
 ],
 "dcmmeta_reorient_transform": [
  [
   0.0,
   -1.0,
   0.0,
   95.0
  ],
  [
   1.0,
   0.0,
   0.0,
   0.0
  ],
  [
   0.0,
   0.0,
   -1.0,
   53.0
  ],
  [
   0.0,
   0.0,
   0.0,
   1.0
  ]
 ],
 "dcmmeta_shape": [
  96,
  96,
  54
 ],
 "dcmmeta_slice_dim": 2,
 "dcmmeta_version": 0.6,
 "global": {
  "const": {
   "AcquisitionDuration": 14.000001907348633,
   "AcquisitionMatrix": [
    88,
    0,
    0,
    89
   ],
   "AcquisitionNumber": 8,
   "AcquisitionTime": "094032.64",
   "B1rms": 1.0552693605422974,
   "BitsAllocated": 16,
   "BitsStored": 12,
   "BodyPartExamined": "BRAIN",
   "Columns": 96,
   "ContentTime": "094032.64",
   "DiffusionBValue": 0.0,
   "DiffusionGradientOrientation": [
    0.0,
    0.0,
    0.0
   ],
   "EchoNumbers": 1,
   "EchoTime": 70.0,
   "EchoTrainLength": 89,
   "FlipAngle": 52.0,
   "HeartRate": 0,
   "HighBit": 11,
   "HighRRValue": 0,
   "ImageOrientationPatient": [
    1.0,
    0.0,
    0.0,
    0.0,
    1.0,
    0.0
   ],
   "ImageType": [
    "ORIGINAL",
    "PRIMARY",
    "M_SE",
    "M",
    "SE"
   ],
   "ImagedNucleus": "1H",
   "ImagingFrequency": 127.767472,
   "InPlanePhaseEncodingDirection": "COL",
   "IntervalsAcquired": 0,
   "IntervalsRejected": 0,
   "IssueTimeOfImagingServiceRequest": "090111.603",
   "LowRRValue": 0,
   "MRAcquisitionType": "2D",
   "MagneticFieldStrength": 3.0,
   "Manufacturer": "Philips",
   "ManufacturerModelName": "Ingenia",
   "Modality": "MR",
   "NumberOfAverages": 1.0,
   "NumberOfPhaseEncodingSteps": 89,
   "NumberOfTemporalPositions": 1,
   "PercentPhaseFieldOfView": 100.0,
   "PercentSampling": 101.136360168457,
   "PerformedProcedureStepEndTime": "090111",
   "PerformedProcedureStepStartTime": "090111",
   "PerformedProtocolCodeSequence": [
    {
     "CodeMeaning": "UNDEFINED",
     "CodeValue": "UNDEFINED",
     "CodingSchemeDesignator": "UNDEFINED",
     "ContextGroupExtensionFlag": "N"
    }
   ],
   "PhotometricInterpretation": "MONOCHROME2",
   "PixelBandwidth": 2157.0,
   "PixelRepresentation": 0,
   "PixelSpacing": [
    2.21875,
    2.21875
   ],
   "PregnancyStatus": 1,
   "PresentationLUTShape": "IDENTITY",
   "ProtocolName": "WIP FMRI_B0_PA",
   "RealWorldValueMappingSequence": [
    {
     "LUTExplanation": "Real World Value Mapping for normalized",
     "LUTLabel": "Philips",
     "MeasurementUnitsCodeSequence": [
      {
       "CodeMeaning": "no units",
       "CodeValue": "1",
       "CodingSchemeDesignator": "UCUM",
       "ContextUID": "1.2.840.10008.6.1.918"
      }
     ],
     "RealWorldValueFirstValueMapped": 0,
     "RealWorldValueIntercept": 0.0,
     "RealWorldValueLastValueMapped": 4095,
     "RealWorldValueSlope": 1.9567765567765567
    }
   ],
   "ReceiveCoilName": "MULTI COIL",
   "ReconstructionDiameter": 213.0,
   "ReferencedPerformedProcedureStepSequence": [
    {
     "InstanceCreationDate": "20210930",
     "InstanceCreationTime": "090111.635",
     "InstanceCreatorUID": "1.3.46.670589.11.89.5",
     "InstanceNumber": 0,
     "ReferencedSOPClassUID": "1.2.840.10008.3.1.2.3.3",
     "ReferencedSOPInstanceUID": "1.3.46.670589.11.71399.5.0.13640.2021093009011163001"
    }
   ],
   "RepetitionTime": 7000.0009765625,
   "RescaleIntercept": 0.0,
   "RescaleSlope": 1.95677655677655,
   "RescaleType": "normalized",
   "Rows": 96,
   "SAR": 0.0757243335247,
   "SamplesPerPixel": 1,
   "ScanOptions": "FS",
   "ScanningSequence": "SE",
   "SequenceVariant": "SK",
   "SeriesDescription": "FMRI_B0_PA",
   "SeriesNumber": 801,
   "SeriesTime": "094022.32000",
   "SliceThickness": 2.4,
   "SoftwareVersions": [
    "5.6.1",
    "5.6.1.0"
   ],
   "SpacingBetweenSlices": 2.4,
   "SpecificCharacterSet": "ISO_IR 100",
   "StudyID": "664898471",
   "StudyTime": "090111",
   "TemporalPositionIdentifier": 1,
   "dBdt": 62.4147567749023
  },
