{
  "AcquisitionMatrixPE": 208,
  "AcquisitionNumber": 1,
  "AcquisitionTime": "11:33:30.195000",
  "BaseResolution": 256,
  "BodyPartExamined": "BRAIN",
  "CoilCombinationMethod": "Sum of Squares",
  "ConsistencyInfo": "N4_VE11C_LATEST_20160120",
  "ConversionSoftware": "dcm2niix",
  "ConversionSoftwareVersion": "v1.0.20211006",
  "DeviceSerialNumber": "66022",
  "DwellTime": 8.1e-06,
  "EchoTime": 0.00606,
  "FlipAngle": 15,
  "ImageOrientationPatientDICOM": [1, 0, 0, 0, 1, 0],
  "ImageOrientationText": "Tra",
  "ImageType": [
    "ORIGINAL",
    "PRIMARY",
    "M",
    "NORM",
    "DIS2D"
],
  "ImagingFrequency": 123.257,
  "InPlanePhaseEncodingDirectionDICOM": "COL",
  "InstitutionAddress": "East Beltline NE 2750,Grand Rapids,MI,US,49503",
  "InstitutionName": "SPECTRUM HEALTH   ICCB",
  "InstitutionalDepartmentName": "Department",
  "MRAcquisitionType": "2D",
  "MagneticFieldStrength": 3,
  "Manufacturer": "Siemens",
  "ManufacturersModelName": "Prisma",
  "MatrixCoilMode": "SENSE",
  "Modality": "MR",
  "NumberOfAverages": 2,
  "PartialFourier": 1,
  "PatientPosition": "HFS",
  "PercentPhaseFOV": 81.25,
  "PercentSampling": 100,
  "PhaseEncodingDirection": "j-",
  "PhaseEncodingSteps": 208,
  "PhaseResolution": 1,
  "PixelBandwidth": 240,
  "ProtocolName": "anat-T1w_acq_GRE",
  "PulseSequenceDetails": "%SiemensSeq%\\gre",
  "ReceiveCoilActiveElements": "HC1-7;NC1",
  "ReceiveCoilName": "HeadNeck_64",
  "ReconMatrixPE": 208,
  "RepetitionTime": 0.15,
  "SAR": 0.00438974,
  "ScanningSequence": "GR",
  "SequenceName": "*fl2d1r",
  "SequenceVariant": "SP",
  "SeriesDescription": "anat-T1w_acq_GRE",
  "SeriesNumber": 2,
  "ShimSetting": [-1202, -11039, 2838, 125, 170, -295, 120, 40],
  "SliceThickness": 5,
  "SliceTiming": [0, 0.08594, 0.01562, 0.10156, 0.03125, 0.11719, 0.04688, 0.13281, 0.07031],
  "SoftwareVersions": "syngo MR E11",
  "SpacingBetweenSlices": 5,
  "StationName": "AWP66022",
  "TxRefAmp": 145.953,
  "dcmmeta_affine": [
    [-0.859375, 0.0, 0.0, 109.41888427734375],
    [0.0, 0.859375, 0.0, -90.84008026123047],
    [0.0, 0.0, 5.0, -26.585956573486328],
    [0.0, 0.0, 0.0, 1.0]
],
  "dcmmeta_reorient_transform": [
    [0.0, -1.0, 0.0, 207.0],
    [1.0, 0.0, 0.0, 0.0],
    [0.0, 0.0, -1.0, 8.0],
    [0.0, 0.0, 0.0, 1.0]
],
  "dcmmeta_shape": [256, 208, 9],
  "dcmmeta_slice_dim": 2,
  "dcmmeta_version": 0.6,
  "global": {
    "const": {
      "AcquisitionMatrix": [256, 0, 0, 208],
      "AcquisitionNumber": 1,
      "AngioFlag": "N",
      "BitsAllocated": 16,
      "BitsStored": 12,
      "BodyPartExamined": "BRAIN",
      "Columns": 256,
      "EchoNumbers": 1,
      "EchoTime": 6.06,
      "EchoTrainLength": 1,
      "FlipAngle": 15.0,
      "HighBit": 11,
      "ImageOrientationPatient": [1.0, 0.0, 0.0, 0.0, 1.0, 0.0],
      "ImageType": [
        "ORIGINAL",
        "PRIMARY",
        "M",
        "NORM",
        "DIS2D"
],
      "ImagedNucleus": "1H",
      "ImagingFrequency": 123.257414,
      "InPlanePhaseEncodingDirection": "COL",
      "MRAcquisitionType": "2D",
      "MagneticFieldStrength": 3.0,
      "Manufacturer": "SIEMENS",
      "ManufacturerModelName": "Prisma",
      "Modality": "MR",
      "NumberOfAverages": 2.0,
      "NumberOfPhaseEncodingSteps": 208,
      "PercentPhaseFieldOfView": 81.25,
      "PercentSampling": 100.0,
      "PerformedProcedureStepStartTime": "113217.843000",
      "PhotometricInterpretation": "MONOCHROME2",
      "PixelBandwidth": 240.0,
      "PixelRepresentation": 0,
      "PixelSpacing": [0.859375, 0.859375],
      "ProtocolName": "anat-T1w_acq_GRE",
      "RepetitionTime": 150.0,
      "Rows": 208,
      "SAR": 0.00438974412663,
      "SamplesPerPixel": 1,
      "ScanningSequence": "GR",
      "SequenceName": "*fl2d1r",
      "SequenceVariant": "SP",
      "SeriesDescription": "anat-T1w_acq_GRE",
      "SeriesNumber": 2,
      "SeriesTime": "113432.796000",
      "SliceThickness": 5.0,
      "SmallestImagePixelValue": 0,
      "SoftwareVersions": "syngo MR E11",
      "SpacingBetweenSlices": 5.0,
      "SpecificCharacterSet": "ISO_IR 100",
      "StudyID": "1",
      "StudyTime": "113217.771000",
      "TransmitCoilName": "Body",
      "VariableFlipAngleFlag": "N",
      "WindowCenter": 948.0,
      "WindowWidth": 1640.0,
      "dBdt": 0.0},
    "slices": {
      "AcquisitionTime": ["113330.195000", "113330.280000", "113330.212500", "113330.295000", "113330.230000", "113330.312500", "113330.245000", "113330.330000", "113330.262500"],
      "ContentTime": ["113432.805000", "113432.819000", "113432.810000", "113432.822000", "113432.812000", "113432.824000", "113432.815000", "113432.827000", "113432.817000"],
      "CsaImage.ICE_Dims": [
        "X_1_1_1_1_1_1_1_1_1_1_1_172",
        "X_1_1_1_1_1_1_6_1_1_2_1_172",
        "X_1_1_1_1_1_1_2_1_1_3_1_172",
        "X_1_1_1_1_1_1_7_1_1_4_1_172",
        "X_1_1_1_1_1_1_3_1_1_5_1_172",
        "X_1_1_1_1_1_1_8_1_1_6_1_172",
        "X_1_1_1_1_1_1_4_1_1_7_1_172",
        "X_1_1_1_1_1_1_9_1_1_8_1_172",
        "X_1_1_1_1_1_1_5_1_1_9_1_172"
],
      "CsaImage.ProtocolSliceNumber": [0, 1, 2, 3, 4, 5, 6, 7, 8],
      "CsaImage.RFSWDDataType": [
        "predicted",
        "predicted",
        "predicted",
        "predicted",
        "predicted",
        "measured",
        "predicted",
        "measured",
        "predicted"
],
      "CsaImage.SlicePosition_PCS": [
        [-109.41888618, -87.05054474, -19.58595657],
        [-109.41888618, -87.05054474, -14.58595657],
        [-109.41888618, -87.05054474, -9.58595657],
        [-109.41888618, -87.05054474, -4.58595657],
        [-109.41888618, -87.05054474, 0.41404358],
        [-109.41888618, -87.05054474, 5.41404343],
        [-109.41888618, -87.05054474, 10.41404343],
        [-109.41888618, -87.05054474, 15.41404343],
        [-109.41888618, -87.05054474, 20.41404343]
],
      "ImagePositionPatient": [
        [-109.41888618469, -87.05054473877, -26.585956573486],
        [-109.41888618469, -87.05054473877, -21.585956573486],
        [-109.41888618469, -87.05054473877, -16.585956573486],
        [-109.41888618469, -87.05054473877, -11.585956573486],
        [-109.41888618469, -87.05054473877, -6.5859564244747],
        [-109.41888618469, -87.05054473877, -1.5859565734863],
        [-109.41888618469, -87.05054473877, 3.4140434265137],
        [-109.41888618469, -87.05054473877, 8.4140434265137],
        [-109.41888618469, -87.05054473877, 13.414043426514]
],
      "InstanceCreationTime": ["113432.805000", "113432.819000", "113432.810000", "113432.822000", "113432.812000", "113432.824000", "113432.815000", "113432.827000", "113432.817000"],
      "InstanceNumber": [1, 2, 3, 4, 5, 6, 7, 8, 9],
      "LargestImagePixelValue": [1212, 1241, 1275, 1292, 1296, 1286, 1257, 1217, 1172],
      "SliceLocation": [-26.585956573486, -21.585956573486, -16.585956573486, -11.585956573486, -6.5859564244747, -1.5859565734863, 3.4140434265137, 8.4140434265137, 13.414043426514],
      "WindowCenterWidthExplanation": [
        "WINDOW1",
        "WINDOW1",
        "WINDOW1",
        "WINDOW1",
        "Algo1",
        "WINDOW1",
        "WINDOW1",
        "WINDOW1",
        "WINDOW1"
]
    }
  }
}