{
 "AcquisitionMatrixPE": 90,
 "AcquisitionNumber": 1,
 "AcquisitionTime": "13:44:13.052500",
 "BandwidthPerPixelPhaseEncode": 52.083,
 "BaseResolution": 90,
 "CoilCombinationMethod": "Sum of Squares",
 "CoilString": "C:HEA;HEP",
 "ConversionSoftware": "dcm2niix",
 "ConversionSoftwareVersion": "v1.0.20211006",
 "DerivedVendorReportedEchoSpacing": 0.000640004,
 "DeviceSerialNumber": "40292",
 "DwellTime": 3e-06,
 "EchoTime": 0.058,
 "EffectiveEchoSpacing": 0.000213335,
 "FlipAngle": 90,
 "ImageComments": "WS20064V1",
 "ImageOrientationPatientDICOM": [
  1,
  0,
  0,
  0,
  1,
  0
 ],
 "ImageOrientationText": "Tra",
 "ImageType": [
  "ORIGINAL",
  "PRIMARY",
  "M",
  "ND",
  "MOSAIC"
 ],
 "ImagingFrequency": 123.234,
 "InPlanePhaseEncodingDirectionDICOM": "COL",
 "InstitutionAddress": "SJohn R. Stre3990,Detroit ,District,US,48201",
 "InstitutionName": "Wayne State Research Facility 3T",
 "InstitutionalDepartmentName": "Department",
 "IntendedFor": [
  "ses-V1/func/sub-20064_ses-V1_task-cuff_run-01_bold.nii.gz",
  "ses-V1/func/sub-20064_ses-V1_task-cuff_run-02_bold.nii.gz",
  "ses-V1/func/sub-20064_ses-V1_task-rest_run-01_bold.nii.gz",
  "ses-V1/func/sub-20064_ses-V1_task-rest_run-02_bold.nii.gz"
 ],
 "MRAcquisitionType": "2D",
 "MagneticFieldStrength": 3,
 "Manufacturer": "Siemens",
 "ManufacturersModelName": "Verio",
 "MatrixCoilMode": "GRAPPA",
 "Modality": "MR",
 "ParallelReductionFactorInPlane": 3,
 "PartialFourier": 0.875,
 "PatientPosition": "HFS",
 "PercentPhaseFOV": 100,
 "PercentSampling": 100,
 "PhaseEncodingDirection": "j",
 "PhaseEncodingSteps": 80,
 "PhaseResolution": 1,
 "PixelBandwidth": 1852,
 "ProcedureStepDescription": "ZAHID_RESEARCH^A2CP - CHRONIC PAIN 01252021",
 "ProtocolName": "FMRI_B0_PA",
 "PulseSequenceDetails": "%CustomerSeq%\\cmrr_mbep2d_se",
 "ReceiveCoilName": "32Ch_Head",
 "ReconMatrixPE": 90,
 "RefLinesPE": 36,
 "RepetitionTime": 6,
 "SAR": 0.186259,
 "ScanOptions": "PFP\\FS",
 "ScanningSequence": "EP",
 "SequenceName": "epse2d1_90",
 "SequenceVariant": "SK",
 "SeriesDescription": "FMRI_B0_PA",
 "SeriesNumber": 8,
 "ShimSetting": [
  4676,
  14051,
  1522,
  -33,
  -173,
  -96,
  403,
  120
 ],
 "SliceThickness": 2.4,
 "SliceTiming": [
  0,
  0.1,
  0.2,
  0.3,
  0.4,
  0.5,
  0.6025,
  0.7025,
  0.8025,
  0.9025,
  1.0025,
  1.1025,
  1.2025,
  1.305,
  1.405,
  1.505,
  1.605,
  1.705,
  1.805,
  1.9075,
  2.0075,
  2.1075,
  2.2075,
  2.3075,
  2.4075,
  2.51,
  2.61,
  2.71,
  2.81,
  2.91,
  3.01,
  3.11,
  3.2125,
  3.3125,
  3.4125,
  3.5125,
  3.6125,
  3.7125,
  3.815,
  3.915,
  4.015,
  4.115,
  4.215,
  4.315,
  4.415,
  4.5175,
  4.6175,
  4.7175,
  4.8175,
  4.9175,
  5.0175,
  5.12,
  5.22,
  5.32,
  5.42,
  5.52,
  5.62,
  5.7225,
  5.8225,
  5.9225
 ],
 "SoftwareVersions": "syngo MR B17",
 "SpacingBetweenSlices": 2.4,
 "StationName": "MRC40292",
 "TotalReadoutTime": 0.0189868,
 "TxRefAmp": 488.195,
 "dcmmeta_affine": [
  [
   -2.4000000953674316,
   0.0,
   0.0,
   112.58021545410156
  ],
  [
   0.0,
   2.4000000953674316,
   0.0,
   -116.25379943847656
  ],
  [
   0.0,
   0.0,
   2.3999998569488525,
   -64.9818115234375
  ],
  [
   0.0,
   0.0,
   0.0,
   1.0
  ]
 ],
 "dcmmeta_reorient_transform": [
  [
   0.0,
   -1.0,
   0.0,
   89.0
  ],
  [
   1.0,
   0.0,
   0.0,
   0.0
  ],
  [
   0.0,
   0.0,
   1.0,
   0.0
  ],
  [
   0.0,
   0.0,
   0.0,
   1.0
  ]
 ],
 "dcmmeta_shape": [
  90,
  90,
  60
 ],
 "dcmmeta_slice_dim": 2,
 "dcmmeta_version": 0.6,
 "global": {
  "const": {
   "AcquisitionMatrix": [
    90,
    0,
    0,
    90
   ],
   "AngioFlag": "N",
   "BitsAllocated": 16,
   "BitsStored": 12,
   "Columns": 720,
   "ContentTime": "134432.078000",
   "EchoNumbers": 1,
   "EchoTime": 58.0,
   "EchoTrainLength": 1,
   "FlipAngle": 90.0,
   "HighBit": 11,
   "ImageOrientationPatient": [
    1.0,
    0.0,
    0.0,
    0.0,
    1.0,
    0.0
   ],
   "ImagePositionPatient": [
    -868.58024168015,
    -853.34623527527,
    -64.981811523438
   ],
   "ImageType": [
    "ORIGINAL",
    "PRIMARY",
    "M",
    "ND",
    "MOSAIC"
   ],
   "ImagedNucleus": "1H",
   "ImagingFrequency": 123.234242,
   "InPlanePhaseEncodingDirection": "COL",
   "InstanceCreationTime": "134432.078000",
   "MRAcquisitionType": "2D",
   "MagneticFieldStrength": 3.0,
   "Manufacturer": "SIEMENS",
   "ManufacturerModelName": "Verio",
   "Modality": "MR",
   "NumberOfAverages": 1.0,
   "NumberOfPhaseEncodingSteps": 80,
   "PercentPhaseFieldOfView": 100.0,
   "PercentSampling": 100.0,
   "PerformedProcedureStepStartTime": "131453.546000",
   "PhotometricInterpretation": "MONOCHROME2",
   "PixelBandwidth": 1852.0,
   "PixelRepresentation": 0,
   "PixelSpacing": [
    2.4000000953674,
    2.4000000953674
   ],
   "ProtocolName": "FMRI_B0_PA",
   "RepetitionTime": 6000.0,
   "Rows": 720,
   "SAR": 0.18625877515195,
   "SamplesPerPixel": 1,
   "ScanOptions": [
    "PFP",
    "FS"
   ],
   "ScanningSequence": "EP",
   "SequenceName": "epse2d1_90",
   "SequenceVariant": "SK",
   "SeriesDescription": "FMRI_B0_PA",
   "SeriesNumber": 8,
   "SeriesTime": "134432.062000",
   "SliceLocation": -64.981811523438,
   "SliceThickness": 2.4000000953674,
   "SmallestImagePixelValue": 0,
   "SoftwareVersions": "syngo MR B17",
   "SpacingBetweenSlices": 2.3999999741376,
   "SpecificCharacterSet": "ISO_IR 100",
   "StudyID": "1",
   "StudyTime": "131453.500000",
   "TransmitCoilName": "Body",
   "VariableFlipAngleFlag": "N",
   "WindowCenterWidthExplanation": "Algo1",
   "dBdt": 0.0
  },
  "slices": {}
 },
 "time": {
  "samples": {
   "AcquisitionNumber": [
    1,
    2,
    3
   ],
   "AcquisitionTime": [
    "134413.052500",
    "134419.075000",
    "134425.100000"
   ],
   "InstanceNumber": [
    1,
    2,
    3
   ],
   "LargestImagePixelValue": [
    3770,
    3738,
    3760
   ],
   "WindowCenter": [
    565.0,
    564.0,
    564.0
   ],
   "WindowWidth": [
    1254.0,
    1250.0,
    1249.0
   ]
  },
  "slices": {}
 }
}