{
  "AcquisitionMatrixPE": 32,
  "AcquisitionNumber": 1,
  "AcquisitionTime": "07:47:36.000000",
  "BodyPartExamined": "BRAIN",
  "CoilString": "RM:32NovaHead2",
  "ConversionSoftware": "dcm2niix",
  "ConversionSoftwareVersion": "v1.0.20211006",
  "DeviceSerialNumber": "0007347633TMRFIX",
  "EchoTime": 0.000496,
  "FlipAngle": 1,
  "ImageOrientationPatientDICOM": [1, 0, 0, 0, 1, 0],
  "ImageType": [
    "ORIGINAL",
    "PRIMARY",
    "OTHER"
],
  "ImagingFrequency": 127.749,
  "InPlanePhaseEncodingDirectionDICOM": "ROW",
  "InstitutionName": "U of M research",
  "MRAcquisitionType": "3D",
  "MagneticFieldStrength": 3,
  "Manufacturer": "GE",
  "ManufacturersModelName": "SIGNA UHP",
  "Modality": "MR",
  "NumberOfAverages": 2,
  "NumberOfExcitations": 2,
  "PatientPosition": "HFS",
  "PercentPhaseFOV": 100,
  "PercentSampling": 100,
  "PixelBandwidth": 488.281,
  "ProtocolName": "scott_ABCD_QA_RX28",
  "ReconMatrixPE": 256,
  "RepetitionTime": 0.0022,
  "SAR": 0.00578905,
  "ScanOptions": "EDR_GEMS",
  "ScanningSequence": "RM",
  "SequenceVariant": "NONE",
  "SeriesDescription": "Coil_QA",
  "SeriesNumber": 2,
  "SliceThickness": 9.4,
  "SoftwareVersions": "28\\LX\\MR Software release:RX28.0_R04_UHP3T_2111.a",
  "SpacingBetweenSlices": 9.4,
  "StationName": "GEHCGEHC"
}