{
 "AcquisitionMatrixPE": 90,
 "AcquisitionNumber": 1,
 "AcquisitionTime": "14:04:38.000000",
 "BodyPartExamined": "BRAIN",
 "CoilString": "RM:Nova32ch",
 "ConversionSoftware": "dcm2niix",
 "ConversionSoftwareVersion": "v1.0.20211006",
 "DeviceSerialNumber": "000000312996MR3T",
 "EchoTime": 0.08,
 "EffectiveEchoSpacing": 0.000375622,
 "FlipAngle": 90,
 "ImageOrientationPatientDICOM": [
  1,
  0,
  0,
  0,
  1,
  0
 ],
 "ImageType": [
  "ORIGINAL",
  "PRIMARY",
  "OTHER"
 ],
 "ImagingFrequency": 127.779,
 "InPlanePhaseEncodingDirectionDICOM": "COL",
 "InstitutionName": "UNIVERSITY OF ILLINOIS",
 "IntendedFor": [
  "ses-UI/func/sub-travel1_ses-UI_task-cuff_run-01_bold.nii.gz",
  "ses-UI/func/sub-travel1_ses-UI_task-cuff_run-02_bold.nii.gz",
  "ses-UI/func/sub-travel1_ses-UI_task-rest_run-01_bold.nii.gz",
  "ses-UI/func/sub-travel1_ses-UI_task-rest_run-02_bold.nii.gz"
 ],
 "MRAcquisitionType": "2D",
 "MagneticFieldStrength": 3,
 "Manufacturer": "GE",
 "ManufacturersModelName": "DISCOVERY MR750",
 "Modality": "MR",
 "PatientPosition": "HFS",
 "PercentPhaseFOV": 100,
 "PercentSampling": 100,
 "PhaseEncodingDirection": "j",
 "PhaseEncodingPolarityGE": "Flipped",
 "PixelBandwidth": 3906.25,
 "ProtocolName": "UM1_ABCD_9.17.20",
 "ReconMatrixPE": 128,
 "RepetitionTime": 7.4,
 "SAR": 0.393668,
 "ScanOptions": "SAT_GEMS\\EDR_GEMS\\MP_GEMS\\EPI_GEMS\\FS",
 "ScanningSequence": "EP\\RM",
 "SequenceVariant": "NONE",
 "SeriesDescription": "GE_EPI_B0",
 "SeriesNumber": 7,
 "SliceThickness": 2.4,
 "SliceTiming": [
  7.27667,
  3.57667,
  7.15333,
  3.45333,
  7.03,
  3.33,
  6.90667,
  3.20667,
  6.78333,
  3.08333,
  6.66,
  2.96,
  6.53667,
  2.83667,
  6.41333,
  2.71333,
  6.29,
  2.59,
  6.16667,
  2.46667,
  6.04333,
  2.34333,
  5.92,
  2.22,
  5.79667,
  2.09667,
  5.67333,
  1.97333,
  5.55,
  1.85,
  5.42667,
  1.72667,
  5.30333,
  1.60333,
  5.18,
  1.48,
  5.05667,
  1.35667,
  4.93333,
  1.23333,
  4.81,
  1.11,
  4.68667,
  0.986667,
  4.56333,
  0.863333,
  4.44,
  0.74,
  4.31667,
  0.616667,
  4.19333,
  0.493333,
  4.07,
  0.37,
  3.94667,
  0.246667,
  3.82333,
  0.123333,
  3.7,
  0
 ],
 "SoftwareVersions": "27\\LX\\MR Software release:DV26.0_R02_1810.b",
 "SpacingBetweenSlices": 2.4,
 "StationName": "GEMSGEMS",
 "TotalReadoutTime": 0.047704,
 "TriggerDelayTime": 22077
}