{
 "AcquisitionMatrixPE": 140,
 "AcquisitionNumber": 1,
 "AcquisitionTime": "13:27:53.925000",
 "BandwidthPerPixelPhaseEncode": 22.556,
 "BaseResolution": 140,
 "CoilCombinationMethod": "Sum of Squares",
 "CoilString": "C:HEA;HEP",
 "ConversionSoftware": "dcm2niix",
 "ConversionSoftwareVersion": "v1.0.20211006",
 "DerivedVendorReportedEchoSpacing": 0.000950016,
 "DeviceSerialNumber": "40292",
 "DwellTime": 2.3e-06,
 "EchoTime": 0.058,
 "EffectiveEchoSpacing": 0.000316672,
 "FlipAngle": 90,
 "ImageComments": "WS20064V1",
 "ImageOrientationPatientDICOM": [
  1,
  0,
  0,
  0,
  1,
  0
 ],
 "ImageOrientationText": "Tra",
 "ImageType": [
  "ORIGINAL",
  "PRIMARY",
  "M",
  "ND",
  "MOSAIC"
 ],
 "ImagingFrequency": 123.234,
 "InPlanePhaseEncodingDirectionDICOM": "COL",
 "InstitutionAddress": "SJohn R. Stre3990,Detroit ,District,US,48201",
 "InstitutionName": "Wayne State Research Facility 3T",
 "InstitutionalDepartmentName": "Department",
 "IntendedFor": [
  "ses-V1/dwi/sub-20064_ses-V1_dwi.nii.gz"
 ],
 "MRAcquisitionType": "2D",
 "MagneticFieldStrength": 3,
 "Manufacturer": "Siemens",
 "ManufacturersModelName": "Verio",
 "MatrixCoilMode": "GRAPPA",
 "Modality": "MR",
 "ParallelReductionFactorInPlane": 3,
 "PartialFourier": 0.875,
 "PatientPosition": "HFS",
 "PercentPhaseFOV": 100,
 "PercentSampling": 100,
 "PhaseEncodingDirection": "j",
 "PhaseEncodingSteps": 123,
 "PhaseResolution": 1,
 "PixelBandwidth": 1553,
 "ProcedureStepDescription": "ZAHID_RESEARCH^A2CP - CHRONIC PAIN 01252021",
 "ProtocolName": "DWI_B0_PA",
 "PulseSequenceDetails": "%CustomerSeq%\\cmrr_mbep2d_se",
 "ReceiveCoilName": "32Ch_Head",
 "ReconMatrixPE": 140,
 "RefLinesPE": 36,
 "RepetitionTime": 8,
 "SAR": 0.188597,
 "ScanOptions": "PFP\\FS",
 "ScanningSequence": "EP",
 "SequenceName": "epse2d1_140",
 "SequenceVariant": "SK",
 "SeriesDescription": "DWI_B0_PA",
 "SeriesNumber": 4,
 "ShimSetting": [
  4675,
  14049,
  1528,
  -11,
  -173,
  -72,
  393,
  123
 ],
 "SliceThickness": 1.7,
 "SliceTiming": [
  0,
  0.1,
  0.2,
  0.2975,
  0.3975,
  0.4975,
  0.595,
  0.695,
  0.795,
  0.8925,
  0.9925,
  1.0925,
  1.19,
  1.29,
  1.39,
  1.4875,
  1.5875,
  1.6875,
  1.785,
  1.885,
  1.985,
  2.0825,
  2.1825,
  2.2825,
  2.38,
  2.48,
  2.58,
  2.6775,
  2.7775,
  2.8775,
  2.975,
  3.075,
  3.175,
  3.2725,
  3.3725,
  3.4725,
  3.57,
  3.67,
  3.77,
  3.8675,
  3.9675,
  4.0675,
  4.165,
  4.265,
  4.365,
  4.4625,
  4.5625,
  4.6625,
  4.76,
  4.86,
  4.96,
  5.0575,
  5.1575,
  5.2575,
  5.355,
  5.455,
  5.555,
  5.6525,
  5.7525,
  5.8525,
  5.95,
  6.05,
  6.15,
  6.2475,
  6.3475,
  6.4475,
  6.545,
  6.645,
  6.745,
  6.8425,
  6.9425,
  7.0425,
  7.14,
  7.24,
  7.3375,
  7.4375,
  7.5375,
  7.635,
  7.735,
  7.835,
  7.9325
 ],
 "SoftwareVersions": "syngo MR B17",
 "SpacingBetweenSlices": 1.7,
 "StationName": "MRC40292",
 "TotalReadoutTime": 0.0440174,
 "TxRefAmp": 488.195,
 "dcmmeta_affine": [
  [
   -1.7142857313156128,
   0.0,
   0.0,
   124.58020782470703
  ],
  [
   0.0,
   1.7142857313156128,
   0.0,
   -128.93951416015625
  ],
  [
   0.0,
   0.0,
   1.7000000476837158,
   -62.18180847167969
  ],
  [
   0.0,
   0.0,
   0.0,
   1.0
  ]
 ],
 "dcmmeta_reorient_transform": [
  [
   0.0,
   -1.0,
   0.0,
   139.0
  ],
  [
   1.0,
   0.0,
   0.0,
   0.0
  ],
  [
   0.0,
   0.0,
   1.0,
   0.0
  ],
  [
   0.0,
   0.0,
   0.0,
   1.0
  ]
 ],
 "dcmmeta_shape": [
  140,
  140,
  81
 ],
 "dcmmeta_slice_dim": 2,
 "dcmmeta_version": 0.6,
 "global": {
  "const": {
   "AcquisitionMatrix": [
    140,
    0,
    0,
    140
   ],
   "AngioFlag": "N",
   "BitsAllocated": 16,
   "BitsStored": 12,
   "Columns": 1260,
   "ContentTime": "132818.484000",
   "EchoNumbers": 1,
   "EchoTime": 58.0,
   "EchoTrainLength": 1,
   "FlipAngle": 90.0,
   "HighBit": 11,
   "ImageOrientationPatient": [
    1.0,
    0.0,
    0.0,
    0.0,
    1.0,
    0.0
   ],
   "ImagePositionPatient": [
    -1084.5802180767,
    -1069.3462116718,
    -62.18180847168
   ],
   "ImageType": [
    "ORIGINAL",
    "PRIMARY",
    "M",
    "ND",
    "MOSAIC"
   ],
   "ImagedNucleus": "1H",
   "ImagingFrequency": 123.23419,
   "InPlanePhaseEncodingDirection": "COL",
   "InstanceCreationTime": "132818.484000",
   "LargestImagePixelValue": 4095,
   "MRAcquisitionType": "2D",
   "MagneticFieldStrength": 3.0,
   "Manufacturer": "SIEMENS",
   "ManufacturerModelName": "Verio",
   "Modality": "MR",
   "NumberOfAverages": 1.0,
   "NumberOfPhaseEncodingSteps": 123,
   "PercentPhaseFieldOfView": 100.0,
   "PercentSampling": 100.0,
   "PerformedProcedureStepStartTime": "131453.546000",
   "PhotometricInterpretation": "MONOCHROME2",
   "PixelBandwidth": 1553.0,
   "PixelRepresentation": 0,
   "PixelSpacing": [
    1.7142857313156,
    1.7142857313156
   ],
   "ProtocolName": "DWI_B0_PA",
   "RepetitionTime": 8000.0,
   "Rows": 1260,
   "SAR": 0.18859703637355,
   "SamplesPerPixel": 1,
   "ScanOptions": [
    "PFP",
    "FS"
   ],
   "ScanningSequence": "EP",
   "SequenceName": "epse2d1_140",
   "SequenceVariant": "SK",
   "SeriesDescription": "DWI_B0_PA",
   "SeriesNumber": 4,
   "SeriesTime": "132818.468000",
   "SliceLocation": -62.18180847168,
   "SliceThickness": 1.7000000476837,
   "SmallestImagePixelValue": 0,
   "SoftwareVersions": "syngo MR B17",
   "SpacingBetweenSlices": 1.7,
   "SpecificCharacterSet": "ISO_IR 100",
   "StudyID": "1",
   "StudyTime": "131453.500000",
   "TransmitCoilName": "Body",
   "VariableFlipAngleFlag": "N",
   "WindowCenter": 603.0,
   "WindowCenterWidthExplanation": "Algo1",
   "dBdt": 0.0
  },
  "slices": {}
 },
 "time": {
  "samples": {
   "AcquisitionNumber": [
    1,
    2,
    3
   ],
   "AcquisitionTime": [
    "132753.925000",
    "132801.957500",
    "132809.990000"
   ],
   "InstanceNumber": [
    1,
    2,
    3
   ],
   "WindowWidth": [
    1362.0,
    1361.0,
    1360.0
   ]
  },
  "slices": {}
 }
}