{
    "AcquisitionMatrixPE": 90,
    "AcquisitionNumber": 1,
    "AcquisitionTime": "12:39:46.000000",
    "BodyPartExamined": "BRAIN",
    "CoilString": "RM:Nova32ch",
    "ConversionSoftware": "dcm2niix",
    "ConversionSoftwareVersion": "v1.0.20211006",
    "DeviceSerialNumber": "000000000UM750MR",
    "EchoTime": 0.08,
    "EffectiveEchoSpacing": 0.000375622,
    "FlipAngle": 90,
    "ImageOrientationPatientDICOM": [
     1,
     0,
     0,
     0,
     1,
     0
    ],
    "ImageType": [
     "ORIGINAL",
     "PRIMARY",
     "OTHER"
    ],
    "ImagingFrequency": 127.767,
    "InPlanePhaseEncodingDirectionDICOM": "COL",
    "InstitutionName": "UOFMResearch",
    "IntendedFor": [
     "ses-V3/func/sub-20097_ses-V3_task-rest_run-01_bold.nii.gz"
    ],
    "MRAcquisitionType": "2D",
    "MagneticFieldStrength": 3,
    "Manufacturer": "GE",
    "ManufacturersModelName": "DISCOVERY MR750",
    "Modality": "MR",
    "PatientPosition": "HFS",
    "PercentPhaseFOV": 100,
    "PercentSampling": 100,
    "PhaseEncodingDirection": "j-",
    "PhaseEncodingPolarityGE": "Unflipped",
    "PixelBandwidth": 3906.25,
    "ProtocolName": "A2CPS 32ch HB 09/2/2022",
    "ReconMatrixPE": 128,
    "RepetitionTime": 7.4,
    "SAR": 0.269323,
    "ScanOptions": "SAT_GEMS\\MP_GEMS\\EPI_GEMS\\FS",
    "ScanningSequence": "EP\\RM",
    "SequenceVariant": "NONE",
    "SeriesDescription": "fMRI_B0",
    "SeriesNumber": 1004,
    "SliceThickness": 2.4,
    "SliceTiming": [
     0,
     3.7,
     0.123333,
     3.82333,
     0.246667,
     3.94667,
     0.37,
     4.07,
     0.493333,
     4.19333,
     0.616667,
     4.31667,
     0.74,
     4.44,
     0.863333,
     4.56333,
     0.986667,
     4.68667,
     1.11,
     4.81,
     1.23333,
     4.93333,
     1.35667,
     5.05667,
     1.48,
     5.18,
     1.60333,
     5.30333,
     1.72667,
     5.42667,
     1.85,
     5.55,
     1.97333,
     5.67333,
     2.09667,
     5.79667,
     2.22,
     5.92,
     2.34333,
     6.04333,
     2.46667,
     6.16667,
     2.59,
     6.29,
     2.71333,
     6.41333,
     2.83667,
     6.53667,
     2.96,
     6.66,
     3.08333,
     6.78333,
     3.20667,
     6.90667,
     3.33,
     7.03,
     3.45333,
     7.15333,
     3.57667,
     7.27667
    ],
    "SoftwareVersions": "29\\LX\\DV29.1_R02_2131.a",
    "SpacingBetweenSlices": 2.4,
    "StationName": "MR01MR01",
    "TotalReadoutTime": 0.047704,
    "TriggerDelayTime": 22077
   }