{
  "AcquisitionMatrixPE": 256,
  "AcquisitionNumber": 1,
  "AcquisitionTime": "12:25:56.000000",
  "BodyPartExamined": "BRAIN",
  "CoilString": "RM:Nova32ch",
  "ConversionSoftware": "dcm2niix",
  "ConversionSoftwareVersion": "v1.0.20211006",
  "DeviceSerialNumber": "000000000UM750MR",
  "EchoTime": 0.00292,
  "FlipAngle": 8,
  "ImageOrientationPatientDICOM": [0, 1, 0, 0, 0, -1],
  "ImageType": [
    "ORIGINAL",
    "PRIMARY",
    "OTHER"
],
  "ImagingFrequency": 127.767,
  "InPlanePhaseEncodingDirectionDICOM": "ROW",
  "InstitutionName": "UOFMResearch",
  "InversionTime": 1.06,
  "MRAcquisitionType": "3D",
  "MagneticFieldStrength": 3,
  "Manufacturer": "GE",
  "ManufacturersModelName": "DISCOVERY MR750",
  "Modality": "MR",
  "ParallelReductionFactorInPlane": 2,
  "ParallelReductionOutOfPlane": 2,
  "PatientPosition": "HFS",
  "PercentPhaseFOV": 100,
  "PercentSampling": 100,
  "PixelBandwidth": 244.141,
  "ProtocolName": "A2CPS 32ch HB 09/2/2022",
  "ReconMatrixPE": 256,
  "RepetitionTime": 2.49938,
  "SAR": 0.0902279,
  "ScanOptions": "EDR_GEMS\\PROMO_GEMS\\ACC_GEMS\\FSI_GEMS\\IR_GEMS",
  "ScanningSequence": "RM\\IR",
  "SequenceVariant": "NONE",
  "SeriesDescription": "t1spgr_208sl",
  "SeriesNumber": 2,
  "SliceThickness": 1,
  "SoftwareVersions": "29\\LX\\DV29.1_R02_2131.a",
  "SpacingBetweenSlices": 1,
  "StationName": "MR01MR01",
  "dcmmeta_affine": [
    [1.0, 0.0, 0.0, -106.625],
    [0.0, 1.0, 0.0, -113.75],
    [0.0, 0.0, 1.0, -118.75],
    [0.0, 0.0, 0.0, 1.0]
],
  "dcmmeta_reorient_transform": [
    [0.0, 0.0, -1.0, 255.0],
    [0.0, -1.0, 0.0, 255.0],
    [-1.0, 0.0, 0.0, 207.0],
    [0.0, 0.0, 0.0, 1.0]
],
  "dcmmeta_shape": [208, 256, 256],
  "dcmmeta_slice_dim": 0,
  "dcmmeta_version": 0.6,
  "global": {
    "const": {
      "AcquisitionMatrix": [0, 256, 256, 0],
      "AcquisitionNumber": 1,
      "AnatomicRegionSequence": [
        {
          "CodeMeaning": "Brain",
          "CodeValue": "T-A0100",
          "CodingSchemeDesignator": "SRT"
        }
],
      "AngioFlag": "N",
      "BeatRejectionFlag": "N",
      "BitsAllocated": 16,
      "BitsStored": 16,
      "BodyPartExamined": "BRAIN",
      "CardiacNumberOfImages": 0,
      "Columns": 256,
      "EchoNumbers": 1,
      "EchoTime": 2.92,
      "EchoTrainLength": 1,
      "FlipAngle": 8.0,
      "HeartRate": 0,
      "HighBit": 15,
      "ImageOrientationPatient": [-0.0, 1.0, 0.0, -0.0, -0.0, -1.0],
      "ImageType": [
        "ORIGINAL",
        "PRIMARY",
        "OTHER"
],
      "ImagedNucleus": "1H",
      "ImagesInAcquisition": 208,
      "ImagingFrequency": 127.766988,
      "InPlanePhaseEncodingDirection": "ROW",
      "InversionTime": 1060.0,
      "MRAcquisitionType": "3D",
      "MagneticFieldStrength": 3.0,
      "Manufacturer": "GE MEDICAL SYSTEMS",
      "ManufacturerModelName": "DISCOVERY MR750",
      "Modality": "MR",
      "NumberOfAverages": 1.0,
      "PercentPhaseFieldOfView": 100.0,
      "PercentSampling": 100.0,
      "PerformedLocation": "MR01",
      "PerformedProcedureStepStartTime": "122119",
      "PhotometricInterpretation": "MONOCHROME2",
      "PixelBandwidth": 244.141,
      "PixelRepresentation": 1,
      "PixelSpacing": [1.0, 1.0],
      "ProtocolName": "A2CPS 32ch HB 09/2/2022",
      "ReceiveCoilName": "RM:Nova32ch",
      "ReconstructionDiameter": 256.0,
      "ReferencedPerformedProcedureStepSequence": [
        {
          "ReferencedSOPClassUID": "1.2.840.10008.3.1.2.3.3",
          "ReferencedSOPInstanceUID": "1.2.840.113619.6.495.171421650416546950166447614475527267489"}
],
      "RepetitionTime": 2499.38,
      "Rows": 256,
      "SAR": 0.0902279,
      "SamplesPerPixel": 1,
      "ScanOptions": [
        "EDR_GEMS",
        "PROMO_GEMS",
        "ACC_GEMS",
        "FSI_GEMS",
        "IR_GEMS"
],
      "ScanningSequence": [
        "RM",
        "IR"
],
      "SequenceVariant": "NONE",
      "SeriesDescription": "t1spgr_208sl",
      "SeriesNumber": 2,
      "SeriesTime": "122556",
      "SliceThickness": 1.0,
      "SmallestImagePixelValue": 0,
      "SoftwareVersions": [
 "29",
        "LX",
        "DV29.1_R02_2131.a"
],
      "SpacingBetweenSlices": 1.0,
      "SpecificCharacterSet": "ISO_IR 100",
      "StackID": "1",
      "StudyID": "11498",
      "StudyTime": "122447",
      "TriggerWindow": 0,
      "VariableFlipAngleFlag": "N"
    },
