{
  "AcquisitionMatrixPE": 130,
  "AcquisitionNumber": 1,
  "AcquisitionTime": "14:59:49.345000",
  "BandwidthPerPixelPhaseEncode": 8.097,
  "BaseResolution": 130,
  "CoilCombinationMethod": "Sum of Squares",
  "CoilString": "C:HEA;HEP",
  "ConversionSoftware": "dcm2niix",
  "ConversionSoftwareVersion": "v1.0.20211006",
  "DerivedVendorReportedEchoSpacing": 0.00095002,
  "DeviceSerialNumber": "40292",
  "DiffusionScheme": "Monopolar",
  "DwellTime": 3.4e-06,
  "EchoTime": 0.106,
  "EffectiveEchoSpacing": 0.000950019,
  "FlipAngle": 90,
  "ImageOrientationPatientDICOM": [1, 0, 0, 0, 1, 0],
  "ImageOrientationText": "Tra",
  "ImageType": [
    "ORIGINAL",
    "PRIMARY",
    "DIFFUSION",
    "NONE",
    "ND"
],
  "ImagingFrequency": 123.234,
  "InPlanePhaseEncodingDirectionDICOM": "COL",
  "InstitutionAddress": "SJohn R. Stre3990,Detroit ,District,US,48201",
  "InstitutionName": "Wayne State Research Facility 3T",
  "InstitutionalDepartmentName": "Department",
  "MRAcquisitionType": "2D",
  "MagneticFieldStrength": 3,
  "Manufacturer": "Siemens",
  "ManufacturersModelName": "Verio",
  "MatrixCoilMode": "SENSE",
  "Modality": "MR",
  "PartialFourier": 0.75,
  "PatientPosition": "HFS",
  "PercentPhaseFOV": 100,
  "PercentSampling": 100,
  "PhaseEncodingDirection": "j-",
  "PhaseEncodingSteps": 98,
  "PhaseResolution": 1,
  "PixelBandwidth": 1131,
  "ProcedureStepDescription": "ZAHID_RESEARCH^A2CP - CHRONIC PAIN 01252021",
  "ProtocolName": "DWI_b2000",
  "PulseSequenceDetails": "%CustomerSeq%\\cmrr_mbep2d_diff",
  "ReceiveCoilName": "32Ch_Head",
  "ReconMatrixPE": 130,
  "RepetitionTime": 2,
  "SAR": 0.0212778,
  "ScanOptions": "PFP\\FS",
  "ScanningSequence": "EP",
  "SequenceName": "ep_b2000#1",
  "SequenceVariant": "SK\\SS",
  "SeriesDescription": "DWI_b2000",
  "SeriesNumber": 4,
  "ShimSetting": [4727, 14100, 1103, 184, -183, 432, -200, 541],
  "SliceThickness": 5,
  "SliceTiming": [0, 1.34375, 0.67188],
  "SoftwareVersions": "syngo MR B17",
  "SpacingBetweenSlices": 6,
  "StationName": "MRC40292",
  "TotalReadoutTime": 0.122553,
  "TxRefAmp": 310.521,
  "dcmmeta_affine": [
    [-1.692307710647583, 0.0, 0.0, 114.68404388427734],
    [0.0, 1.692307710647583, 0.0, -127.04385375976562],
    [0.0, 0.0, 6.0, -6.0],
    [0.0, 0.0, 0.0, 1.0]
],
  "dcmmeta_reorient_transform": [
    [0.0, -1.0, 0.0, 129.0],
    [1.0, 0.0, 0.0, 0.0],
    [0.0, 0.0, -1.0, 2.0],
    [0.0, 0.0, 0.0, 1.0]
],
  "dcmmeta_shape": [130, 130, 3, 12],
  "dcmmeta_slice_dim": 2,
  "dcmmeta_version": 0.6,
  "global": {
    "const": {
      "AcquisitionMatrix": [130, 0, 0, 130],
      "AngioFlag": "N",
      "BitsAllocated": 16,
      "BitsStored": 12,
      "Columns": 130,
      "EchoNumbers": 1,
      "EchoTime": 106.0,
      "EchoTrainLength": 1,
      "FlipAngle": 90.0,
      "HighBit": 11,
      "ImageOrientationPatient": [1.0, 0.0, 0.0, 0.0, 1.0, 0.0],
      "ImageType": [
        "ORIGINAL",
        "PRIMARY",
        "DIFFUSION",
        "NONE",
        "ND"
],
      "ImagedNucleus": "1H",
      "ImagingFrequency": 123.234466,
      "InPlanePhaseEncodingDirection": "COL",
      "MRAcquisitionType": "2D",
      "MagneticFieldStrength": 3.0,
      "Manufacturer": "SIEMENS",
      "ManufacturerModelName": "Verio",
      "Modality": "MR",
      "NumberOfAverages": 1.0,
      "NumberOfPhaseEncodingSteps": 98,
      "PercentPhaseFieldOfView": 100.0,
      "PercentSampling": 100.0,
      "PerformedProcedureStepStartTime": "145617.078000",
      "PhotometricInterpretation": "MONOCHROME2",
      "PixelBandwidth": 1131.0,
      "PixelRepresentation": 0,
      "PixelSpacing": [1.6923077106476, 1.6923077106476],
      "ProtocolName": "DWI_b2000",
      "RepetitionTime": 2000.0,
      "Rows": 130,
      "SAR": 0.02127783976148,
      "SamplesPerPixel": 1,
      "ScanOptions": [
        "PFP",
        "FS"
],
      "ScanningSequence": "EP",
      "SequenceVariant": [
        "SK",
        "SS"
],
      "SeriesDescription": "DWI_b2000",
      "SeriesNumber": 4,
      "SeriesTime": "150013.953000",
      "SliceThickness": 5.0,
      "SoftwareVersions": "syngo MR B17",
      "SpacingBetweenSlices": 6.0,
      "SpecificCharacterSet": "ISO_IR 100",
      "StudyID": "2",
      "StudyTime": "145617.062000",
      "TransmitCoilName": "Body",
      "VariableFlipAngleFlag": "N",
      "WindowCenterWidthExplanation": "Algo1",
      "dBdt": 0.0},
    "slices": {
      "AcquisitionTime": ["145949.345000", "145950.682500", "145950.012500", "145951.352500", "145952.690000", "145952.022500", "145953.360000", "145954.697500", "145954.030000", "145955.367500", "145956.707500", "145956.037500", "145957.377500", "145958.715000", "145958.045000", "145959.385000", "150000.722500", "150000.052500", "150001.392500", "150002.730000", "150002.062500", "150003.400000", "150004.740000", "150004.070000", "150005.407500", "150006.747500", "150006.077500", "150007.417500", "150008.755000", "150008.085000", "150009.425000", "150010.762500", "150010.092500", "150011.432500", "150012.770000", "150012.102500"],
      "ContentTime": ["150013.953000", "150013.953000", "150013.953000", "150013.953000", "150013.953000", "150013.953000", "150013.953000", "150013.968000", "150013.953000", "150013.968000", "150013.968000", "150013.968000", "150013.968000", "150013.968000", "150013.968000", "150013.968000", "150013.984000", "150013.968000", "150013.984000", "150013.984000", "150013.984000", "150013.984000", "150013.984000", "150013.984000", "150014.000000", "150014.000000", "150014.000000", "150014.000000", "150014.000000", "150014.000000", "150014.000000", "150014.000000", "150014.000000", "150014.000000", "150014.000000", "150014.000000"],
      "CsaImage.ICE_Dims": [
        "X_1_1_1_1_1_1_1_1_1_1_1_86",
        "X_1_1_1_1_1_1_3_1_1_2_1_86",
        "X_1_1_1_1_1_1_2_1_1_3_1_86",
        "X_1_1_1_2_1_1_1_1_1_1_1_86",
        "X_1_1_1_2_1_1_3_1_1_2_1_86",
        "X_1_1_1_2_1_1_2_1_1_3_1_86",
        "X_1_1_1_3_1_1_1_1_1_1_1_86",
        "X_1_1_1_3_1_1_3_1_1_2_1_86",
        "X_1_1_1_3_1_1_2_1_1_3_1_86",
        "X_1_1_1_4_1_1_1_1_1_1_1_86",
        "X_1_1_1_4_1_1_3_1_1_2_1_86",
        "X_1_1_1_4_1_1_2_1_1_3_1_86",
        "X_1_1_1_5_1_1_1_1_1_1_1_86",
        "X_1_1_1_5_1_1_3_1_1_2_1_86",
        "X_1_1_1_5_1_1_2_1_1_3_1_86",
        "X_1_1_1_6_1_1_1_1_1_1_1_86",
        "X_1_1_1_6_1_1_3_1_1_2_1_86",
        "X_1_1_1_6_1_1_2_1_1_3_1_86",
        "X_1_1_1_7_1_1_1_1_1_1_1_86",
        "X_1_1_1_7_1_1_3_1_1_2_1_86",
        "X_1_1_1_7_1_1_2_1_1_3_1_86",
        "X_1_1_1_8_1_1_1_1_1_1_1_86",
        "X_1_1_1_8_1_1_3_1_1_2_1_86",
        "X_1_1_1_8_1_1_2_1_1_3_1_86",
        "X_1_1_1_9_1_1_1_1_1_1_1_86",
        "X_1_1_1_9_1_1_3_1_1_2_1_86",
        "X_1_1_1_9_1_1_2_1_1_3_1_86",
        "X_1_1_1_10_1_1_1_1_1_1_1_86",
        "X_1_1_1_10_1_1_3_1_1_2_1_86",
        "X_1_1_1_10_1_1_2_1_1_3_1_86",
        "X_1_1_1_11_1_1_1_1_1_1_1_86",
        "X_1_1_1_11_1_1_3_1_1_2_1_86",
        "X_1_1_1_11_1_1_2_1_1_3_1_86",
        "X_1_1_1_12_1_1_1_1_1_1_1_86",
        "X_1_1_1_12_1_1_3_1_1_2_1_86",
        "X_1_1_1_12_1_1_2_1_1_3_1_86"
],
      "CsaImage.TimeAfterStart": [0.0, 1.3375, 0.6675, 2.0075, 3.345, 2.675, 4.015, 5.3525, 4.685, 6.0225, 7.3625, 6.6925, 8.03, 9.37, 8.7, 10.04, 11.3775, 10.7075, 12.0475, 13.385, 12.715, 14.055, 15.3925, 14.725, 16.0625, 17.4025, 16.7325, 18.07, 19.41, 18.74, 20.08, 21.4175, 20.7475, 22.0875, 23.425, 22.7575],
      "InstanceCreationTime": ["150013.953000", "150013.953000", "150013.953000", "150013.953000", "150013.953000", "150013.953000", "150013.953000", "150013.968000", "150013.953000", "150013.968000", "150013.968000", "150013.968000", "150013.968000", "150013.968000", "150013.968000", "150013.968000", "150013.984000", "150013.968000", "150013.984000", "150013.984000", "150013.984000", "150013.984000", "150013.984000", "150013.984000", "150014.000000", "150014.000000", "150014.000000", "150014.000000", "150014.000000", "150014.000000", "150014.000000", "150014.000000", "150014.000000", "150014.000000", "150014.000000", "150014.000000"],
      "InstanceNumber": [1, 2, 3, 4, 5, 6, 7, 8, 9, 10, 11, 12, 13, 14, 15, 16, 17, 18, 19, 20, 21, 22, 23, 24, 25, 26, 27, 28, 29, 30, 31, 32, 33, 34, 35, 36],
      "LargestImagePixelValue": [172, 114, 58, 193, 130, 65, 204, 140, 69, 196, 132, 68, 208, 149, 70, 170, 141, 62, 132, 114, 62, 180, 121, 71, 199, 140, 74, 204, 147, 77, 201, 144, 70, 200, 136, 66],
      "SmallestImagePixelValue": [8, 8, 8, 7, 8, 8, 8, 8, 7, 8, 8, 8, 7, 7, 8, 8, 8, 7, 7, 8, 8, 8, 7, 8, 8, 8, 8, 8, 7, 8, 8, 8, 7, 8, 8, 8],
      "WindowCenter": [58.0, 56.0, 54.0, 60.0, 57.0, 53.0, 60.0, 57.0, 53.0, 60.0, 58.0, 54.0, 61.0, 58.0, 54.0, 58.0, 57.0, 54.0, 57.0, 56.0, 53.0, 58.0, 56.0, 53.0, 61.0, 58.0, 54.0, 59.0, 57.0, 53.0, 58.0, 56.0, 52.0, 59.0, 57.0, 53.0],
      "WindowWidth": [151.0, 145.0, 136.0, 158.0, 148.0, 136.0, 161.0, 150.0, 136.0, 156.0, 150.0, 138.0, 162.0, 152.0, 138.0, 151.0, 147.0, 137.0, 147.0, 143.0, 135.0, 151.0, 144.0, 136.0, 161.0, 151.0, 138.0, 158.0, 148.0, 136.0, 154.0, 147.0, 134.0, 157.0, 149.0, 136.0]
    }
  },
  "time": {
    "samples": {
      "AcquisitionNumber": [1, 2, 3, 4, 5, 6, 7, 8, 9, 10, 11, 12],
      "SequenceName": [
 "ep_b2000#1",
 "ep_b2000#2",
 "ep_b2000#3",
 "ep_b2000#4",
 "ep_b2000#5",
 "ep_b2000#6",
 "ep_b2000#7",
 "ep_b2000#8",
 "ep_b2000#9",
 "ep_b2000#10",
 "ep_b2000#11",
 "ep_b2000#12"
]
    },
    "slices": {
      "CsaImage.ProtocolSliceNumber": [0, 1, 2],
      "CsaImage.SlicePosition_PCS": [
        [-114.68404174, -91.26383901, -6.0],
        [-114.68404174, -91.26383901, 0.0],
        [-114.68404174, -91.26383901, 6.0]
],
      "ImagePositionPatient": [
        [-114.68404173851, -91.263839006424, -6.0],
        [-114.68404173851, -91.263839006424, 0.0],
        [-114.68404173851, -91.263839006424, 6.0]
],
      "SliceLocation": [-6.0, 0.0, 6.0]
    }
  }
}