{
  "AcquisitionMatrixPE": 90,
  "AcquisitionNumber": 1,
  "AcquisitionTime": "19:31:26.187500",
  "BandwidthPerPixelPhaseEncode": 21.786,
  "BaseResolution": 90,
  "BodyPartExamined": "BRAIN",
  "CoilCombinationMethod": "Adaptive Combine",
  "ConsistencyInfo": "N4_VE11C_LATEST_20160120",
  "ConversionSoftware": "dcm2niix",
  "ConversionSoftwareVersion": "v1.0.20211006",
  "DerivedVendorReportedEchoSpacing": 0.000510012,
  "DeviceSerialNumber": "66022",
  "DiffusionScheme": "Monopolar",
  "DwellTime": 2e-06,
  "EchoTime": 0.08,
  "EchoTrainLength": 90,
  "EffectiveEchoSpacing": 0.000510012,
  "FlipAngle": 90,
  "ImageOrientationPatientDICOM": [1, 0, 0, 0, 1, 0],
  "ImageOrientationText": "Tra",
  "ImageType": [
    "ORIGINAL",
    "PRIMARY",
    "DIFFUSION",
    "NONE",
    "ND"
],
  "ImagingFrequency": 123.257,
  "InPlanePhaseEncodingDirectionDICOM": "COL",
  "InstitutionAddress": "East Beltline NE 2750,Grand Rapids,MI,US,49503",
  "InstitutionName": "SPECTRUM HEALTH   ICCB",
  "InstitutionalDepartmentName": "Department",
  "MRAcquisitionType": "2D",
  "MagneticFieldStrength": 3,
  "Manufacturer": "Siemens",
  "ManufacturersModelName": "Prisma",
  "MatrixCoilMode": "SENSE",
  "Modality": "MR",
  "PartialFourier": 1,
  "PatientPosition": "HFS",
  "PercentPhaseFOV": 100,
  "PercentSampling": 100,
  "PhaseEncodingDirection": "j-",
  "PhaseEncodingSteps": 90,
  "PhaseResolution": 1,
  "PixelBandwidth": 2780,
  "ProtocolName": "fMRI_B0_AP",
  "PulseSequenceDetails": "%SiemensSeq%\\ep2d_diff",
  "ReceiveCoilActiveElements": "HE1-4;NE1,2",
  "ReceiveCoilName": "HeadNeck_64",
  "ReconMatrixPE": 90,
  "RepetitionTime": 7.1,
  "SAR": 0.0681445,
  "ScanOptions": "FS",
  "ScanningSequence": "EP",
  "SequenceName": "*ep_b0",
  "SequenceVariant": "SK\\SP",
  "SeriesDescription": "fMRI_B0_AP",
  "SeriesNumber": 7,
  "ShimSetting": [-1204, -11040, 2828, 169, 172, -368, 177, 35],
  "SliceThickness": 2.4,
  "SliceTiming": [3.54688, 0, 3.67188, 0.125, 3.78125, 0.23438, 3.90625, 0.35938, 4.01562, 0.48438, 4.14062, 0.59375, 4.25, 0.71875, 4.375, 0.82812, 4.48438, 0.95312, 4.60938, 1.0625, 4.73438, 1.1875, 4.84375, 1.29688, 4.96875, 1.42188, 5.07812, 1.54688, 5.20312, 1.65625, 5.3125, 1.78125, 5.4375, 1.89062, 5.54688, 2.01562, 5.67188, 2.125, 5.78125, 2.25, 5.90625, 2.35938, 6.03125, 2.48438, 6.14062, 2.60938, 6.26562, 2.71875, 6.375, 2.84375, 6.5, 2.95312, 6.60938, 3.07812, 6.73438, 3.1875, 6.84375, 3.3125, 6.96875, 3.42188],
  "SoftwareVersions": "syngo MR E11",
  "SpacingBetweenSlices": 2.4,
  "SpoilingState": true,
  "StationName": "AWP66022",
  "TotalReadoutTime": 0.045391,
  "TxRefAmp": 162.826,
  "VendorReportedEchoSpacing": 0.00051,
  "dcmmeta_affine": [
    [-2.4000000953674316, 0.0, 0.0, 105.00000762939453],
    [0.0, 2.4000000953674316, 0.0, -97.50000762939453],
    [5.815200317810243e-12, -7.545600429204047e-12, 2.4000015258789062, -58.500091552734375],
    [0.0, 0.0, 0.0, 1.0]
],
  "dcmmeta_reorient_transform": [
    [0.0, -1.0, 0.0, 89.0],
    [1.0, 0.0, 0.0, 0.0],
    [0.0, 0.0, -1.0, 59.0],
    [0.0, 0.0, 0.0, 1.0]
],
  "dcmmeta_shape": [90, 90, 60],
  "dcmmeta_slice_dim": 2,
  "dcmmeta_version": 0.6,
  "global": {
    "const": {
      "AccessionNumber": "IC20220504",
      "AcquisitionMatrix": [90, 0, 0, 90],
      "AcquisitionNumber": 1,
      "AngioFlag": "N",
      "BitsAllocated": 16,
      "BitsStored": 12,
      "BodyPartExamined": "BRAIN",
      "Columns": 90,
      "EchoNumbers": 1,
      "EchoTime": 80.0,
      "EchoTrainLength": 90,
      "FlipAngle": 90.0,
      "HighBit": 11,
      "ImageOrientationPatient": [1.0, 0.0, 2.423e-12, 0.0, 1.0, 3.144e-12],
      "ImageType": [
        "ORIGINAL",
        "PRIMARY",
        "DIFFUSION",
        "NONE",
        "ND"
],
      "ImagedNucleus": "1H",
      "ImagingFrequency": 123.257403,
      "InPlanePhaseEncodingDirection": "COL",
      "MRAcquisitionType": "2D",
      "MagneticFieldStrength": 3.0,
      "Manufacturer": "SIEMENS",
      "ManufacturerModelName": "Prisma",
      "Modality": "MR",
      "NumberOfAverages": 1.0,
      "NumberOfPhaseEncodingSteps": 90,
      "PercentPhaseFieldOfView": 100.0,
      "PercentSampling": 100.0,
      "PerformedProcedureStepStartTime": "185609.191000",
      "PhotometricInterpretation": "MONOCHROME2",
      "PixelBandwidth": 2780.0,
      "PixelRepresentation": 0,
      "PixelSpacing": [2.4000000953674, 2.4000000953674],
      "ProtocolName": "fMRI_B0_AP",
      "RepetitionTime": 7100.0,
      "Rows": 90,
      "SAR": 0.06814450343777,
      "SamplesPerPixel": 1,
      "ScanOptions": "FS",
      "ScanningSequence": "EP",
      "SequenceName": "*ep_b0",
      "SequenceVariant": [
        "SK",
        "SP"
],
      "SeriesDescription": "fMRI_B0_AP",
      "SeriesNumber": 7,
      "SeriesTime": "193130.567000",
      "SliceThickness": 2.4000000953674,
      "SmallestImagePixelValue": 0,
      "SoftwareVersions": "syngo MR E11",
      "SpacingBetweenSlices": 2.4,
      "SpecificCharacterSet": "ISO_IR 100",
      "StudyID": "1",
      "StudyTime": "185609.123000",
      "TransmitCoilName": "Body",
      "VariableFlipAngleFlag": "N",
      "WindowCenterWidthExplanation": "Algo1",
      "dBdt": 0.0},
