{
  "AcquisitionMatrixPE": 130,
  "AcquisitionNumber": 1,
  "AcquisitionTime": "13:21:57.025000",
  "BandwidthPerPixelPhaseEncode": 10.395,
  "BaseResolution": 130,
  "BodyPartExamined": "BRAIN",
  "CoilCombinationMethod": "Adaptive Combine",
  "ConsistencyInfo": "N4_VE11C_LATEST_20160120",
  "ConversionSoftware": "dcm2niix",
  "ConversionSoftwareVersion": "v1.0.20211006",
  "DerivedVendorReportedEchoSpacing": 0.000740001,
  "DeviceSerialNumber": "70032",
  "DiffusionScheme": "Bipolar",
  "DwellTime": 2.6e-06,
  "EchoTime": 0.096,
  "EchoTrainLength": 98,
  "EffectiveEchoSpacing": 0.000740001,
  "FlipAngle": 90,
  "ImageOrientationPatientDICOM": [1, 0, 0, 0, 1, 0],
  "ImageOrientationText": "Tra",
  "ImageType": [
    "ORIGINAL",
    "PRIMARY",
    "DIFFUSION",
    "NONE",
    "ND",
    "NORM",
    "MOSAIC"
],
  "ImagingFrequency": 123.218,
  "InPlanePhaseEncodingDirectionDICOM": "COL",
  "InstitutionAddress": "Ridge Ave. 2650 ,Evanston, IL,Chicago,US,60201",
  "InstitutionName": "EVANSTON HOSP",
  "InstitutionalDepartmentName": "Department",
  "MRAcquisitionType": "2D",
  "MagneticFieldStrength": 3,
  "Manufacturer": "Siemens",
  "ManufacturersModelName": "Skyra_fit",
  "MatrixCoilMode": "SENSE",
  "Modality": "MR",
  "PartialFourier": 0.75,
  "PatientPosition": "HFS",
  "PercentPhaseFOV": 100,
  "PercentSampling": 100,
  "PhaseEncodingDirection": "j",
  "PhaseEncodingSteps": 98,
  "PhaseResolution": 1,
  "PixelBandwidth": 1480,
  "ProtocolName": "dwi-dwi_acq-b2000",
  "PulseSequenceDetails": "%SiemensSeq%\\ep2d_diff",
  "ReceiveCoilActiveElements": "HC3-7;NC1",
  "ReceiveCoilName": "HeadNeck_64",
  "ReconMatrixPE": 130,
  "RepetitionTime": 2,
  "SAR": 0.0202399,
  "ScanOptions": "PFP\\FS",
  "ScanningSequence": "EP",
  "SequenceName": "*ep_b0",
  "SequenceVariant": "SK\\SP",
  "SeriesDescription": "dwi-dwi_acq-b2000",
  "SeriesNumber": 11,
  "ShimSetting": [-7346, 5533, 11486, -599, -178, -169, -93, -368],
  "SliceThickness": 5,
  "SliceTiming": [0, 1.32, 0.66],
  "SoftwareVersions": "syngo MR E11",
  "SpacingBetweenSlices": 6,
  "SpoilingState": true,
  "StationName": "MRC40210",
  "TotalReadoutTime": 0.0954601,
  "TxRefAmp": 196.257,
  "dcmmeta_affine": [
    [-1.692307710647583, 0.0, 0.0, 112.18019104003906],
    [0.0, 1.692307710647583, 0.0, -109.94586944580078],
    [0.0, 0.0, 6.0, -16.717571258544922],
    [0.0, 0.0, 0.0, 1.0]
],
  "dcmmeta_reorient_transform": [
    [0.0, -1.0, 0.0, 129.0],
    [1.0, 0.0, 0.0, 0.0],
    [0.0, 0.0, 1.0, 0.0],
    [0.0, 0.0, 0.0, 1.0]
],
  "dcmmeta_shape": [130, 130, 3, 14],
  "dcmmeta_slice_dim": 2,
  "dcmmeta_version": 0.6,
  "global": {
    "const": {
      "AcquisitionMatrix": [130, 0, 0, 130],
      "AngioFlag": "N",
      "BitsAllocated": 16,
      "BitsStored": 12,
      "BodyPartExamined": "BRAIN",
      "Columns": 260,
      "EchoNumbers": 1,
      "EchoTime": 96.0,
      "EchoTrainLength": 98,
      "FlipAngle": 90.0,
      "HighBit": 11,
      "ImageOrientationPatient": [1.0, 0.0, 0.0, 0.0, 1.0, 0.0],
      "ImagePositionPatient": [-222.18019032478, -218.36182773113, -16.717572212219],
      "ImageType": [
        "ORIGINAL",
        "PRIMARY",
        "DIFFUSION",
        "NONE",
        "ND",
        "NORM",
        "MOSAIC"
],
      "ImagedNucleus": "1H",
      "ImagingFrequency": 123.217771,
      "InPlanePhaseEncodingDirection": "COL",
      "MRAcquisitionType": "2D",
      "MagneticFieldStrength": 3.0,
      "Manufacturer": "SIEMENS",
      "ManufacturerModelName": "Skyra_fit",
      "Modality": "MR",
      "NumberOfAverages": 1.0,
      "NumberOfPhaseEncodingSteps": 98,
      "PercentPhaseFieldOfView": 100.0,
      "PercentSampling": 100.0,
      "PerformedProcedureStepStartTime": "130607.568000",
      "PhotometricInterpretation": "MONOCHROME2",
      "PixelBandwidth": 1480.0,
      "PixelRepresentation": 0,
      "PixelSpacing": [1.6923077106476, 1.6923077106476],
      "ProtocolName": "dwi-dwi_acq-b2000",
      "ReferencedPerformedProcedureStepSequence": [
        {
          "ReferencedSOPClassUID": "1.2.840.10008.3.1.2.3.3",
          "ReferencedSOPInstanceUID": "1.3.12.2.1107.5.2.42.70032.30000022060115375187000000002"}
],
      "RepetitionTime": 2000.0,
      "Rows": 260,
      "SAR": 0.02023994304848,
      "SamplesPerPixel": 1,
      "ScanOptions": [
        "PFP",
        "FS"
],
      "ScanningSequence": "EP",
      "SequenceVariant": [
        "SK",
        "SP"
],
      "SeriesDescription": "dwi-dwi_acq-b2000",
      "SeriesNumber": 11,
      "SeriesTime": "132225.409000",
      "SliceLocation": -16.717572212219,
      "SliceThickness": 5.0,
      "SmallestImagePixelValue": 0,
      "SoftwareVersions": "syngo MR E11",
      "SpacingBetweenSlices": 6.0,
      "SpecificCharacterSet": "ISO_IR 100",
      "StudyID": "1",
      "StudyTime": "130607.471000",
      "TransmitCoilName": "Body",
      "VariableFlipAngleFlag": "N",
      "WindowCenterWidthExplanation": "Algo1",
      "dBdt": 0.0},
    "slices": {}
  },
  "time": {
    "samples": {
      "AcquisitionNumber": [1, 2, 3, 4, 5, 6, 7, 8, 9, 10, 11, 12, 13, 14],
      "AcquisitionTime": ["132157.025000", "132159.025000", "132201.025000", "132203.025000", "132205.025000", "132207.025000", "132209.025000", "132211.025000", "132213.025000", "132215.025000", "132217.025000", "132219.025000", "132221.025000", "132223.025000"],
      "ContentTime": ["132225.413000", "132225.419000", "132225.422000", "132225.425000", "132225.428000", "132225.448000", "132225.450000", "132225.453000", "132225.456000", "132225.459000", "132225.462000", "132225.465000", "132225.468000", "132225.471000"],
      "InstanceCreationTime": ["132225.413000", "132225.419000", "132225.422000", "132225.425000", "132225.428000", "132225.448000", "132225.450000", "132225.453000", "132225.456000", "132225.459000", "132225.462000", "132225.465000", "132225.468000", "132225.471000"],
      "InstanceNumber": [1, 2, 3, 4, 5, 6, 7, 8, 9, 10, 11, 12, 13, 14],
      "LargestImagePixelValue": [2424, 53, 50, 50, 51, 52, 48, 2425, 50, 52, 50, 51, 51, 48],
      "SequenceName": [
        "*ep_b0",
        "*ep_b2000#1",
        "*ep_b2000#2",
        "*ep_b2000#3",
        "*ep_b2000#4",
        "*ep_b2000#5",
        "*ep_b2000#6",
        "*ep_b0",
        "*ep_b2000#1",
        "*ep_b2000#2",
        "*ep_b2000#3",
        "*ep_b2000#4",
        "*ep_b2000#5",
        "*ep_b2000#6"
],
      "WindowCenter": [1212.0, 58.0, 58.0, 58.0, 57.0, 59.0, 54.0, 1209.0, 59.0, 58.0, 58.0, 57.0, 59.0, 54.0],
      "WindowWidth": [3096.0, 153.0, 153.0, 152.0, 150.0, 155.0, 144.0, 3096.0, 155.0, 153.0, 152.0, 150.0, 155.0, 144.0]
    },
    "slices": {}
  }
}