{
  "AcquisitionMatrixPE": 90,
  "AcquisitionNumber": 1,
  "AcquisitionTime": "11:37:1.372500",
  "BandwidthPerPixelPhaseEncode": 20.576,
  "BaseResolution": 90,
  "BodyPartExamined": "BRAIN",
  "CoilCombinationMethod": "Sum of Squares",
  "ConsistencyInfo": "N4_VE11C_LATEST_20160120",
  "ConversionSoftware": "dcm2niix",
  "ConversionSoftwareVersion": "v1.0.20211006",
  "DerivedVendorReportedEchoSpacing": 0.000540003,
  "DeviceSerialNumber": "66022",
  "DwellTime": 2.2e-06,
  "EchoTime": 0.032,
  "EchoTrainLength": 90,
  "EffectiveEchoSpacing": 0.000540003,
  "FlipAngle": 52,
  "ImageOrientationPatientDICOM": [1, 0, 2.423e-12, 0, 1, 3.144e-12],
  "ImageOrientationText": "Tra",
  "ImageType": [
    "ORIGINAL",
    "PRIMARY",
    "M",
    "ND",
    "MOSAIC"
],
  "ImagingFrequency": 123.257,
  "InPlanePhaseEncodingDirectionDICOM": "COL",
  "InstitutionAddress": "East Beltline NE 2750,Grand Rapids,MI,US,49503",
  "InstitutionName": "SPECTRUM HEALTH   ICCB",
  "InstitutionalDepartmentName": "Department",
  "MRAcquisitionType": "2D",
  "MagneticFieldStrength": 3,
  "Manufacturer": "Siemens",
  "ManufacturersModelName": "Prisma",
  "Modality": "MR",
  "MultibandAccelerationFactor": 6,
  "PartialFourier": 1,
  "PatientPosition": "HFS",
  "PercentPhaseFOV": 100,
  "PercentSampling": 100,
  "PhaseEncodingDirection": "j",
  "PhaseEncodingSteps": 90,
  "PhaseResolution": 1,
  "PixelBandwidth": 2525,
  "ProtocolName": "func_bold_acq_QA",
  "PulseSequenceDetails": "%SiemensSeq%\\ep2d_bold",
  "ReceiveCoilActiveElements": "HC1-7;NC1",
  "ReceiveCoilName": "HeadNeck_64",
  "ReconMatrixPE": 90,
  "RefLinesPE": 8,
  "RepetitionTime": 0.8,
  "SAR": 0.026899,
  "ScanOptions": "FS",
  "ScanningSequence": "EP",
  "SequenceName": "*epfid2d1_90",
  "SequenceVariant": "SK",
  "SeriesDescription": "func_bold_acq_QA",
  "SeriesNumber": 9,
  "ShimSetting": [-1188, -11013, 2809, 151, 181, -574, 87, -21],
  "SliceThickness": 2.4,
  "SliceTiming": [0.345, 0, 0.4325, 0.085, 0.52, 0.1725, 0.605, 0.26, 0.6925, 0.345, 0, 0.4325, 0.085, 0.52, 0.1725, 0.605, 0.26, 0.6925, 0.345, 0, 0.4325, 0.085, 0.52, 0.1725, 0.605, 0.26, 0.6925, 0.345, 0, 0.4325, 0.085, 0.52, 0.1725, 0.605, 0.26, 0.6925, 0.345, 0, 0.4325, 0.085, 0.52, 0.1725, 0.605, 0.26, 0.6925, 0.345, 0, 0.4325, 0.085, 0.52, 0.1725, 0.605, 0.26, 0.6925],
  "SoftwareVersions": "syngo MR E11",
  "SpacingBetweenSlices": 2.4,
  "StationName": "AWP66022",
  "TaskName": "rest",
  "TotalReadoutTime": 0.0480603,
  "TxRefAmp": 152.331,
  "VendorReportedEchoSpacing": 0.00054,
  "dcmmeta_affine": [
    [-2.4000000953674316, 0.0, 5.815200317810243e-12, 107.30000305175781],
    [0.0, 2.4000000953674316, 7.545600429204047e-12, -108.13341522216797],
    [5.815200317810243e-12, -7.545600429204047e-12, 2.4000000953674316, -71.42227935791016],
    [0.0, 0.0, 0.0, 1.0]
],
  "dcmmeta_reorient_transform": [
    [0.0, -1.0, 0.0, 89.0],
    [1.0, 0.0, 0.0, 0.0],
    [0.0, 0.0, 1.0, 0.0],
    [0.0, 0.0, 0.0, 1.0]
],
  "dcmmeta_shape": [90, 90, 54, 450],
  "dcmmeta_slice_dim": 2,
  "dcmmeta_version": 0.6,
  "global": {
    "const": {
      "AcquisitionMatrix": [90, 0, 0, 90],
      "AngioFlag": "N",
      "BitsAllocated": 16,
      "BitsStored": 12,
      "BodyPartExamined": "BRAIN",
      "Columns": 720,
      "EchoNumbers": 1,
      "EchoTime": 32.0,
      "EchoTrainLength": 90,
      "FlipAngle": 52.0,
      "HighBit": 11,
      "ImageOrientationPatient": [1.0, 0.0, 2.423e-12, 0.0, 1.0, 3.144e-12],
      "ImagePositionPatient": [-863.3000343442, -861.46662020683, -71.42227936272],
      "ImageType": [
        "ORIGINAL",
        "PRIMARY",
        "M",
        "ND",
        "MOSAIC"
],
      "ImagedNucleus": "1H",
      "ImagingFrequency": 123.257407,
      "InPlanePhaseEncodingDirection": "COL",
      "MRAcquisitionType": "2D",
      "MagneticFieldStrength": 3.0,
      "Manufacturer": "SIEMENS",
      "ManufacturerModelName": "Prisma",
      "Modality": "MR",
      "NumberOfAverages": 1.0,
      "NumberOfPhaseEncodingSteps": 90,
      "PercentPhaseFieldOfView": 100.0,
      "PercentSampling": 100.0,
      "PerformedProcedureStepStartTime": "113217.843000",
      "PhotometricInterpretation": "MONOCHROME2",
      "PixelBandwidth": 2525.0,
      "PixelRepresentation": 0,
      "PixelSpacing": [2.4000000953674, 2.4000000953674],
      "ProtocolName": "func_bold_acq_QA",
      "RepetitionTime": 800.0,
      "Rows": 720,
      "SAR": 0.0268989681839,
      "SamplesPerPixel": 1,
      "ScanOptions": "FS",
      "ScanningSequence": "EP",
      "SequenceName": "*epfid2d1_90",
      "SequenceVariant": "SK",
      "SeriesDescription": "func_bold_acq_QA",
      "SeriesNumber": 9,
      "SeriesTime": "113722.355000",
      "SliceLocation": -71.42227935792,
      "SliceThickness": 2.4000000953674,
      "SmallestImagePixelValue": 0,
      "SoftwareVersions": "syngo MR E11",
      "SpacingBetweenSlices": 2.4000000863705,
      "SpecificCharacterSet": "ISO_IR 100",
      "StudyID": "1",
      "StudyTime": "113217.771000",
      "TransmitCoilName": "Body",
      "VariableFlipAngleFlag": "N",
      "WindowCenterWidthExplanation": "Algo1",
      "dBdt": 0.0},
