{
 "AcquisitionMatrixPE": 140,
 "AcquisitionNumber": 1,
 "AcquisitionTime": "13:28:56.505000",
 "BandwidthPerPixelPhaseEncode": 9.158,
 "BaseResolution": 140,
 "CoilCombinationMethod": "Sum of Squares",
 "CoilString": "C:HEA;HEP",
 "ConversionSoftware": "dcm2niix",
 "ConversionSoftwareVersion": "v1.0.20211006",
 "DerivedVendorReportedEchoSpacing": 0.000779958,
 "DeviceSerialNumber": "40292",
 "DiffusionScheme": "Monopolar",
 "DwellTime": 2.4e-06,
 "EchoTime": 0.122,
 "EffectiveEchoSpacing": 0.000779958,
 "FlipAngle": 90,
 "ImageComments": "Unaliased MB3/PE3/LB\r\nWS20064V1",
 "ImageOrientationPatientDICOM": [
  1,
  0,
  0,
  0,
  1,
  0
 ],
 "ImageOrientationText": "Tra",
 "ImageType": [
  "ORIGINAL",
  "PRIMARY",
  "DIFFUSION",
  "NONE",
  "MB",
  "ND",
  "MOSAIC"
 ],
 "ImagingFrequency": 123.234,
 "InPlanePhaseEncodingDirectionDICOM": "COL",
 "InstitutionAddress": "SJohn R. Stre3990,Detroit ,District,US,48201",
 "InstitutionName": "Wayne State Research Facility 3T",
 "InstitutionalDepartmentName": "Department",
 "MRAcquisitionType": "2D",
 "MagneticFieldStrength": 3,
 "Manufacturer": "Siemens",
 "ManufacturersModelName": "Verio",
 "MatrixCoilMode": "SENSE",
 "Modality": "MR",
 "MultibandAccelerationFactor": 3,
 "PartialFourier": 0.75,
 "PatientPosition": "HFS",
 "PercentPhaseFOV": 100,
 "PercentSampling": 100,
 "PhaseEncodingDirection": "j",
 "PhaseEncodingSteps": 105,
 "PhaseResolution": 1,
 "PixelBandwidth": 1488,
 "ProcedureStepDescription": "ZAHID_RESEARCH^A2CP - CHRONIC PAIN 01252021",
 "ProtocolName": "DWI",
 "PulseSequenceDetails": "%CustomerSeq%\\cmrr_mbep2d_diff",
 "ReceiveCoilName": "32Ch_Head",
 "ReconMatrixPE": 140,
 "RepetitionTime": 8,
 "SAR": 0.0574647,
 "ScanOptions": "PFP\\FS",
 "ScanningSequence": "EP",
 "SequenceName": "ep_b5#1",
 "SequenceVariant": "SK\\SS",
 "SeriesDescription": "DWI",
 "SeriesNumber": 5,
 "ShimSetting": [
  4675,
  14049,
  1528,
  -11,
  -173,
  -72,
  393,
  123
 ],
 "SliceThickness": 1.7,
 "SliceTiming": [
  0,
  4.165,
  0.2975,
  4.4625,
  0.595,
  4.76,
  0.8925,
  5.0575,
  1.19,
  5.355,
  1.4875,
  5.6525,
  1.785,
  5.95,
  2.0825,
  6.2475,
  2.38,
  6.545,
  2.6775,
  6.8425,
  2.975,
  7.14,
  3.2725,
  7.4375,
  3.57,
  7.735,
  3.8675,
  0,
  4.165,
  0.2975,
  4.4625,
  0.595,
  4.76,
  0.8925,
  5.0575,
  1.19,
  5.355,
  1.4875,
  5.6525,
  1.785,
  5.95,
  2.0825,
  6.2475,
  2.38,
  6.545,
  2.6775,
  6.8425,
  2.975,
  7.14,
  3.2725,
  7.4375,
  3.57,
  7.735,
  3.8675,
  0,
  4.165,
  0.2975,
  4.4625,
  0.595,
  4.76,
  0.8925,
  5.0575,
  1.19,
  5.355,
  1.4875,
  5.6525,
  1.785,
  5.95,
  2.0825,
  6.2475,
  2.38,
  6.545,
  2.6775,
  6.8425,
  2.975,
  7.14,
  3.2725,
  7.4375,
  3.57,
  7.735,
  3.8675
 ],
 "SoftwareVersions": "syngo MR B17",
 "SpacingBetweenSlices": 1.7,
 "StationName": "MRC40292",
 "TotalReadoutTime": 0.108414,
 "TxRefAmp": 488.195,
 "dcmmeta_affine": [
  [
   -1.7142857313156128,
   0.0,
   0.0,
   124.58020782470703
  ],
  [
   0.0,
   1.7142857313156128,
   0.0,
   -128.93951416015625
  ],
  [
   0.0,
   0.0,
   1.7000000476837158,
   -62.18180847167969
  ],
  [
   0.0,
   0.0,
   0.0,
   1.0
  ]
 ],
 "dcmmeta_reorient_transform": [
  [
   0.0,
   -1.0,
   0.0,
   139.0
  ],
  [
   1.0,
   0.0,
   0.0,
   0.0
  ],
  [
   0.0,
   0.0,
   1.0,
   0.0
  ],
  [
   0.0,
   0.0,
   0.0,
   1.0
  ]
 ],
 "dcmmeta_shape": [
  140,
  140,
  81,
  102
 ],
 "dcmmeta_slice_dim": 2,
 "dcmmeta_version": 0.6,
 "global": {
  "const": {
   "AcquisitionMatrix": [
    140,
    0,
    0,
    140
   ],
   "AngioFlag": "N",
   "BitsAllocated": 16,
   "BitsStored": 12,
   "Columns": 1260,
   "EchoNumbers": 1,
   "EchoTime": 122.0,
   "EchoTrainLength": 1,
   "FlipAngle": 90.0,
   "HighBit": 11,
   "ImageOrientationPatient": [
    1.0,
    0.0,
    0.0,
    0.0,
    1.0,
    0.0
   ],
   "ImagePositionPatient": [
    -1084.5802180767,
    -1069.3462116718,
    -62.18180847168
   ],
   "ImageType": [
    "ORIGINAL",
    "PRIMARY",
    "DIFFUSION",
    "NONE",
    "MB",
    "ND",
    "MOSAIC"
   ],
   "ImagedNucleus": "1H",
   "ImagingFrequency": 123.234193,
   "InPlanePhaseEncodingDirection": "COL",
   "MRAcquisitionType": "2D",
   "MagneticFieldStrength": 3.0,
   "Manufacturer": "SIEMENS",
   "ManufacturerModelName": "Verio",
   "Modality": "MR",
   "NumberOfAverages": 1.0,
   "NumberOfPhaseEncodingSteps": 105,
   "PercentPhaseFieldOfView": 100.0,
   "PercentSampling": 100.0,
   "PerformedProcedureStepStartTime": "131453.546000",
   "PhotometricInterpretation": "MONOCHROME2",
   "PixelBandwidth": 1488.0,
   "PixelRepresentation": 0,
   "PixelSpacing": [
    1.7142857313156,
    1.7142857313156
   ],
   "ProtocolName": "DWI",
   "RepetitionTime": 8000.0,
   "Rows": 1260,
   "SAR": 0.0574647366792,
   "SamplesPerPixel": 1,
   "ScanOptions": [
    "PFP",
    "FS"
   ],
   "ScanningSequence": "EP",
   "SequenceVariant": [
    "SK",
    "SS"
   ],
   "SeriesDescription": "DWI",
   "SeriesNumber": 5,
   "SeriesTime": "132942.921000",
   "SliceLocation": -62.18180847168,
   "SliceThickness": 1.7000000476837,
   "SmallestImagePixelValue": 0,
   "SoftwareVersions": "syngo MR B17",
   "SpacingBetweenSlices": 1.7,
   "SpecificCharacterSet": "ISO_IR 100",
   "StudyID": "1",
   "StudyTime": "131453.500000",
   "TransmitCoilName": "Body",
   "VariableFlipAngleFlag": "N",
   "WindowCenterWidthExplanation": "Algo1",
   "dBdt": 0.0
  },
