{
 "AcquisitionMatrixPE": 140,
 "AcquisitionNumber": 1,
 "AcquisitionTime": "13:55:55.000000",
 "BodyPartExamined": "BRAIN",
 "CoilString": "RM:Nova32ch",
 "ConversionSoftware": "dcm2niix",
 "ConversionSoftwareVersion": "v1.0.20211006",
 "DeviceSerialNumber": "000000312996MR3T",
 "EchoTime": 0.0817,
 "EffectiveEchoSpacing": 0.000768,
 "FlipAngle": 90,
 "ImageOrientationPatientDICOM": [
  1,
  0,
  0,
  0,
  1,
  0
 ],
 "ImageType": [
  "ORIGINAL",
  "PRIMARY",
  "OTHER"
 ],
 "ImagingFrequency": 127.779,
 "InPlanePhaseEncodingDirectionDICOM": "COL",
 "InstitutionName": "UNIVERSITY OF ILLINOIS",
 "IntendedFor": [
  "ses-UI/dwi/sub-travel1_ses-UI_dwi.nii.gz"
 ],
 "InternalPulseSequenceName": "EPI2",
 "MRAcquisitionType": "2D",
 "MagneticFieldStrength": 3,
 "Manufacturer": "GE",
 "ManufacturersModelName": "DISCOVERY MR750",
 "Modality": "MR",
 "MultibandAccelerationFactor": 3,
 "PatientPosition": "HFS",
 "PercentPhaseFOV": 100,
 "PercentSampling": 100,
 "PhaseEncodingDirection": "j-",
 "PhaseEncodingPolarityGE": "Unflipped",
 "PixelBandwidth": 1785.71,
 "ProtocolName": "UM1_ABCD_9.17.20",
 "ReconMatrixPE": 140,
 "RepetitionTime": 4.1,
 "SAR": 0.391015,
 "ScanOptions": "CL_GEMS\\SAT_GEMS\\EDR_GEMS\\EPI_GEMS\\HYPERBAND_GEMS\\PFF\\FS",
 "ScanningSequence": "EP\\RM",
 "SequenceVariant": "NONE",
 "SeriesDescription": "SE_EPI_B0",
 "SeriesNumber": 5,
 "SliceThickness": 1.7,
 "SoftwareVersions": "27\\LX\\MR Software release:DV26.0_R02_1810.b",
 "SpacingBetweenSlices": 1.7,
 "StationName": "GEMSGEMS",
 "TotalReadoutTime": 0.106752,
 "dcmmeta_affine": [
  [
   -1.7143000364303589,
   0.0,
   0.0,
   114.66200256347656
  ],
  [
   0.0,
   1.7143000364303589,
   0.0,
   -106.48870086669922
  ],
  [
   0.0,
   0.0,
   1.7000000476837158,
   -42.04999923706055
  ],
  [
   0.0,
   0.0,
   0.0,
   1.0
  ]
 ],
 "dcmmeta_reorient_transform": [
  [
   0.0,
   -1.0,
   0.0,
   139.0
  ],
  [
   1.0,
   0.0,
   0.0,
   0.0
  ],
  [
   0.0,
   0.0,
   -1.0,
   80.0
  ],
  [
   0.0,
   0.0,
   0.0,
   1.0
  ]
 ],
 "dcmmeta_shape": [
  140,
  140,
  81,
  8
 ],
 "dcmmeta_slice_dim": 2,
 "dcmmeta_version": 0.6,
 "global": {
  "const": {
   "AcquisitionMatrix": [
    140,
    0,
    0,
    140
   ],
   "AcquisitionNumber": 1,
   "AcquisitionTime": "135555",
   "AnatomicRegionSequence": [
    {
     "CodeMeaning": "Brain",
     "CodeValue": "T-A0100",
     "CodingSchemeDesignator": "SRT",
     "GroupLength": 42
    }
   ],
   "AngioFlag": "N",
   "BeatRejectionFlag": "Y",
   "BitsAllocated": 16,
   "BitsStored": 16,
   "BodyPartExamined": "BRAIN",
   "CardiacNumberOfImages": 0,
   "Columns": 140,
   "ContentTime": "135555",
   "EchoNumbers": 1,
   "EchoTime": 81.7,
   "EchoTrainLength": 1,
   "FlipAngle": 90.0,
   "GroupLength_0X10_0X0": 92,
   "GroupLength_0X28_0X0": 156,
   "GroupLength_0X40_0X0": 82,
   "GroupLength_0X7FE0_0X0": 39208,
   "HeartRate": 0,
   "HighBit": 15,
   "ImageOrientationPatient": [
    1.0,
    -0.0,
    0.0,
    -0.0,
    1.0,
    0.0
   ],
   "ImageType": [
    "ORIGINAL",
    "PRIMARY",
    "OTHER"
   ],
   "ImagedNucleus": "1H",
   "ImagesInAcquisition": 648,
   "ImagingFrequency": 127.779048,
   "InPlanePhaseEncodingDirection": "COL",
   "MRAcquisitionType": "2D",
   "MagneticFieldStrength": 3.0,
   "Manufacturer": "GE MEDICAL SYSTEMS",
   "ManufacturerModelName": "DISCOVERY MR750",
   "Modality": "MR",
   "NumberOfAverages": 1.0,
   "PercentPhaseFieldOfView": 100.0,
   "PercentSampling": 100.0,
   "PerformedLocation": "GEMS",
   "PerformedProcedureStepStartTime": "134148",
   "PhotometricInterpretation": "MONOCHROME2",
   "PixelBandwidth": 1785.71,
   "PixelRepresentation": 1,
   "PixelSpacing": [
    1.7143,
    1.7143
   ],
   "ProtocolName": "UM1_ABCD_9.17.20",
   "ReceiveCoilName": "RM:Nova32ch",
   "ReconstructionDiameter": 240.0,
   "ReferencedPerformedProcedureStepSequence": [
    {
     "GroupLength": 100,
     "ReferencedSOPClassUID": "1.2.840.10008.3.1.2.3.3",
     "ReferencedSOPInstanceUID": "1.2.840.113619.6.408.107015857041096290710538730865022360254"
    }
   ],
   "RepetitionTime": 4100.0,
   "Rows": 140,
   "SAR": 0.391015,
   "SamplesPerPixel": 1,
   "ScanOptions": [
    "CL_GEMS",
    "SAT_GEMS",
    "EDR_GEMS",
    "EPI_GEMS",
    "HYPERBAND_GEMS",
    "PFF",
    "FS"
   ],
   "ScanningSequence": [
    "EP",
    "RM"
   ],
   "SequenceVariant": "NONE",
   "SeriesDescription": "SE_EPI_B0",
   "SeriesNumber": 5,
   "SeriesTime": "135555",
   "SliceThickness": 1.7,
   "SmallestImagePixelValue": 0,
   "SoftwareVersions": [
    "27",
    "LX",
    "MR Software release:DV26.0_R02_1810.b"
   ],
   "SpacingBetweenSlices": 1.7,
   "SpecificCharacterSet": "ISO_IR 100",
   "StackID": "1",
   "StudyID": "8186",
   "StudyTime": "134559",
   "TriggerWindow": 0,
   "VariableFlipAngleFlag": "N"
  },
