{
 "AcquisitionMatrixPE": 90,
 "AcquisitionNumber": 1,
 "AcquisitionTime": "09:47:1.290000",
 "BandwidthPerPixelPhaseEncode": 17.361,
 "BaseResolution": 90,
 "BodyPartExamined": "BRAIN",
 "CoilCombinationMethod": "Adaptive Combine",
 "ConsistencyInfo": "N4_VE11C_LATEST_20160120",
 "ConversionSoftware": "dcm2niix",
 "ConversionSoftwareVersion": "v1.0.20211006",
 "DerivedVendorReportedEchoSpacing": 0.000640004,
 "DeviceSerialNumber": "70032",
 "DwellTime": 2.3e-06,
 "EchoTime": 0.08,
 "EchoTrainLength": 90,
 "EffectiveEchoSpacing": 0.000640004,
 "FlipAngle": 90,
 "ImageOrientationPatientDICOM": [
  1,
  0,
  0,
  0,
  1,
  0
 ],
 "ImageOrientationText": "Tra",
 "ImageType": [
  "ORIGINAL",
  "PRIMARY",
  "M",
  "ND"
 ],
 "ImagingFrequency": 123.218,
 "InPlanePhaseEncodingDirectionDICOM": "COL",
 "InstitutionAddress": "Ridge Ave. 2650 ,Evanston, IL,Chicago,US,60201",
 "InstitutionName": "EVANSTON HOSP",
 "InstitutionalDepartmentName": "Department",
 "IntendedFor": [
  "ses-NS/func/sub-travel2_ses-NS_task-cuff_run-01_bold.nii.gz",
  "ses-NS/func/sub-travel2_ses-NS_task-cuff_run-02_bold.nii.gz",
  "ses-NS/func/sub-travel2_ses-NS_task-rest_run-01_bold.nii.gz",
  "ses-NS/func/sub-travel2_ses-NS_task-rest_run-02_bold.nii.gz"
 ],
 "MRAcquisitionType": "2D",
 "MagneticFieldStrength": 3,
 "Manufacturer": "Siemens",
 "ManufacturersModelName": "Skyra_fit",
 "MatrixCoilMode": "SENSE",
 "Modality": "MR",
 "PartialFourier": 1,
 "PatientPosition": "HFS",
 "PercentPhaseFOV": 100,
 "PercentSampling": 100,
 "PhaseEncodingDirection": "j",
 "PhaseEncodingSteps": 90,
 "PhaseResolution": 1,
 "PixelBandwidth": 2415,
 "ProtocolName": "FMRI_B0_PA",
 "PulseSequenceDetails": "%CustomerSeq%\\ep2d_se_sms_abcd",
 "ReceiveCoilActiveElements": "HC3-7;NC1",
 "ReceiveCoilName": "HeadNeck_64",
 "ReconMatrixPE": 90,
 "RepetitionTime": 7.38,
 "SAR": 0.14893,
 "ScanOptions": "FS",
 "ScanningSequence": "EP",
 "SequenceName": "epse2d1_90",
 "SequenceVariant": "SK\\SP",
 "SeriesDescription": "FMRI_B0_PA",
 "SeriesNumber": 8,
 "ShimSetting": [
  -7326,
  5537,
  11909,
  -60,
  -112,
  -330,
  27,
  -419
 ],
 "SliceThickness": 2.4,
 "SliceTiming": [
  3.6875,
  0,
  3.82812,
  0.13281,
  3.96094,
  0.27344,
  4.10156,
  0.40625,
  4.23438,
  0.54688,
  4.375,
  0.67969,
  4.50781,
  0.82031,
  4.64844,
  0.95312,
  4.78125,
  1.09375,
  4.92188,
  1.22656,
  5.05469,
  1.36719,
  5.19531,
  1.5,
  5.32812,
  1.64062,
  5.46875,
  1.77344,
  5.60156,
  1.91406,
  5.74219,
  2.04688,
  5.875,
  2.1875,
  6.01562,
  2.32031,
  6.14844,
  2.46094,
  6.28906,
  2.59375,
  6.42188,
  2.73438,
  6.55469,
  2.86719,
  6.69531,
  3.00781,
  6.83594,
  3.14062,
  6.96875,
  3.28125,
  7.10938,
  3.41406,
  7.24219,
  3.55469
 ],
 "SoftwareVersions": "syngo MR E11",
 "SpacingBetweenSlices": 2.4,
 "SpoilingState": true,
 "StationName": "MRC40210",
 "TotalReadoutTime": 0.0569604,
 "TxRefAmp": 314.261,
 "VendorReportedEchoSpacing": 0.00064,
 "WipMemBlock": "84195b7e-39f9-443a-82e7-2024b7ffc468",
 "dcmmeta_affine": [
  [
   -2.4000000953674316,
   0.0,
   0.0,
   108.00000762939453
  ],
  [
   0.0,
   2.4000000953674316,
   0.0,
   -110.60000610351562
  ],
  [
   0.0,
   0.0,
   2.4000015258789062,
   -53.60008239746094
  ],
  [
   0.0,
   0.0,
   0.0,
   1.0
  ]
 ],
 "dcmmeta_reorient_transform": [
  [
   0.0,
   -1.0,
   0.0,
   89.0
  ],
  [
   1.0,
   0.0,
   0.0,
   0.0
  ],
  [
   0.0,
   0.0,
   -1.0,
   53.0
  ],
  [
   0.0,
   0.0,
   0.0,
   1.0
  ]
 ],
 "dcmmeta_shape": [
  90,
  90,
  54
 ],
 "dcmmeta_slice_dim": 2,
 "dcmmeta_version": 0.6,
 "global": {
  "const": {
   "AcquisitionMatrix": [
    90,
    0,
    0,
    90
   ],
   "AcquisitionNumber": 1,
   "AngioFlag": "N",
   "BitsAllocated": 16,
   "BitsStored": 12,
   "BodyPartExamined": "BRAIN",
   "Columns": 90,
   "EchoNumbers": 1,
   "EchoTime": 80.0,
   "EchoTrainLength": 90,
   "FlipAngle": 90.0,
   "HighBit": 11,
   "ImageOrientationPatient": [
    1.0,
    0.0,
    0.0,
    0.0,
    1.0,
    0.0
   ],
   "ImageType": [
    "ORIGINAL",
    "PRIMARY",
    "M",
    "ND"
   ],
   "ImagedNucleus": "1H",
   "ImagingFrequency": 123.217644,
   "InPlanePhaseEncodingDirection": "COL",
   "MRAcquisitionType": "2D",
   "MagneticFieldStrength": 3.0,
   "Manufacturer": "SIEMENS",
   "ManufacturerModelName": "Skyra_fit",
   "Modality": "MR",
   "NumberOfAverages": 1.0,
   "NumberOfPhaseEncodingSteps": 90,
   "PercentPhaseFieldOfView": 100.0,
   "PercentSampling": 100.0,
   "PerformedProcedureStepStartTime": "091611.605000",
   "PhotometricInterpretation": "MONOCHROME2",
   "PixelBandwidth": 2415.0,
   "PixelRepresentation": 0,
   "PixelSpacing": [
    2.4000000953674,
    2.4000000953674
   ],
   "ProtocolName": "FMRI_B0_PA",
   "ReferencedPerformedProcedureStepSequence": [
    {
     "ReferencedSOPClassUID": "1.2.840.10008.3.1.2.3.3",
     "ReferencedSOPInstanceUID": "1.3.12.2.1107.5.2.42.70032.30000021100113253196600000002"
    }
   ],
   "RepetitionTime": 7380.0,
   "Rows": 90,
   "SAR": 0.14892959727258,
   "SamplesPerPixel": 1,
   "ScanOptions": "FS",
   "ScanningSequence": "EP",
   "SequenceName": "epse2d1_90",
   "SequenceVariant": [
    "SK",
    "SP"
   ],
   "SeriesDescription": "FMRI_B0_PA",
   "SeriesNumber": 8,
   "SeriesTime": "094705.717000",
   "SliceThickness": 2.4000000953674,
   "SmallestImagePixelValue": 0,
   "SoftwareVersions": "syngo MR E11",
   "SpacingBetweenSlices": 2.4,
   "SpecificCharacterSet": "ISO_IR 100",
   "StudyID": "1",
   "StudyTime": "091611.501000",
   "TransmitCoilName": "Body",
   "VariableFlipAngleFlag": "N",
   "WindowCenterWidthExplanation": "Algo1",
   "dBdt": 0.0
  },
