{
  "AcquisitionMatrixPE": 256,
  "AcquisitionNumber": 1,
  "AcquisitionTime": "09:41:26.000000",
  "BodyPartExamined": "HEAD",
  "CoilString": "RM:Nova32ch",
  "ConversionSoftware": "dcm2niix",
  "ConversionSoftwareVersion": "v1.0.20211006",
  "DeviceSerialNumber": "000000312996MR3T",
  "EchoTime": 0.0049,
  "FlipAngle": 15,
  "ImageOrientationPatientDICOM": [1, 0, 0, 0, 1, 0],
  "ImageType": [
    "ORIGINAL",
    "PRIMARY",
    "OTHER"
],
  "ImagingFrequency": 127.779,
  "InPlanePhaseEncodingDirectionDICOM": "ROW",
  "InstitutionName": "UNIVERSITY OF ILLINOIS",
  "MRAcquisitionType": "2D",
  "MagneticFieldStrength": 3,
  "Manufacturer": "GE",
  "ManufacturersModelName": "DISCOVERY MR750",
  "Modality": "MR",
  "NumberOfAverages": 2,
  "NumberOfExcitations": 2,
  "ParallelReductionFactorInPlane": 2,
  "PatientPosition": "HFS",
  "PercentPhaseFOV": 100,
  "PercentSampling": 100,
  "PhaseEncodingAxis": "i",
  "PixelBandwidth": 244.141,
  "ProtocolName": "UM1_A2CPS QA_6.24.21",
  "ReconMatrixPE": 256,
  "RepetitionTime": 0.15,
  "SAR": 0.00659559,
  "ScanOptions": "EDR_GEMS",
  "ScanningSequence": "GR",
  "SequenceVariant": "SS",
  "SeriesDescription": "ORIG anat-T1w_acq-GRE",
  "SeriesNumber": 40003,
  "SliceThickness": 5,
  "SoftwareVersions": "27\\LX\\MR Software release:DV26.0_R02_1810.b",
  "SpacingBetweenSlices": 5,
  "StationName": "GEMSGEMS",
  "dcmmeta_affine": [
    [-0.8593999743461609, 0.0, 0.0, 106.44499969482422],
    [0.0, 0.8593999743461609, 0.0, -102.70099639892578],
    [0.0, 0.0, 5.0, -21.874500274658203],
    [0.0, 0.0, 0.0, 1.0]
],
  "dcmmeta_reorient_transform": [
    [0.0, -1.0, 0.0, 255.0],
    [1.0, 0.0, 0.0, 0.0],
    [0.0, 0.0, -1.0, 8.0],
    [0.0, 0.0, 0.0, 1.0]
],
  "dcmmeta_shape": [256, 256, 9],
  "dcmmeta_slice_dim": 2,
  "dcmmeta_version": 0.6,
  "global": {
    "const": {
      "AcquisitionMatrix": [0, 256, 256, 0],
      "AcquisitionNumber": 1,
      "AcquisitionTime": "094126",
      "AnatomicRegionSequence": [
        {
          "CodeMeaning": "Head",
          "CodeValue": "T-D1100",
          "CodingSchemeDesignator": "SRT",
          "GroupLength": 40}
],
      "AngioFlag": "N",
      "BeatRejectionFlag": "Y",
      "BitsAllocated": 16,
      "BitsStored": 16,
      "BodyPartExamined": "HEAD",
      "CardiacNumberOfImages": 0,
      "Columns": 256,
      "ContentTime": "094126",
      "EchoNumbers": 1,
      "EchoTime": 4.9,
      "EchoTrainLength": 1,
      "FlipAngle": 15.0,
      "GroupLength_0X10_0X0": 96,
      "GroupLength_0X18_0X0": 474,
      "GroupLength_0X28_0X0": 156,
      "GroupLength_0X40_0X0": 82,
      "GroupLength_0X7FE0_0X0": 131080,
      "GroupLength_0X8_0X0": 864,
      "HeartRate": 0,
      "HighBit": 15,
      "ImageOrientationPatient": [1.0, -0.0, 0.0, -0.0, 1.0, 0.0],
      "ImageType": [
        "ORIGINAL",
        "PRIMARY",
        "OTHER"
],
      "ImagedNucleus": "1H",
      "ImagesInAcquisition": 9,
      "ImagingFrequency": 127.778617,
      "InPlanePhaseEncodingDirection": "ROW",
      "MRAcquisitionType": "2D",
      "MagneticFieldStrength": 3.0,
      "Manufacturer": "GE MEDICAL SYSTEMS",
      "ManufacturerModelName": "DISCOVERY MR750",
      "Modality": "MR",
      "NumberOfAverages": 2.0,
      "PercentPhaseFieldOfView": 100.0,
      "PercentSampling": 100.0,
      "PerformedLocation": "GEMS",
      "PerformedProcedureStepStartTime": "093944",
      "PhotometricInterpretation": "MONOCHROME2",
      "PixelBandwidth": 244.141,
      "PixelRepresentation": 1,
      "PixelSpacing": [0.8594, 0.8594],
      "ProtocolName": "UM1_A2CPS QA_6.24.21",
      "ReceiveCoilName": "RM:Nova32ch",
      "ReconstructionDiameter": 220.0,
      "ReferencedPerformedProcedureStepSequence": [
        {
          "GroupLength": 100,
          "ReferencedSOPClassUID": "1.2.840.10008.3.1.2.3.3",
          "ReferencedSOPInstanceUID": "1.2.840.113619.6.408.245161380640528400974807034451794986253"}
],
      "RepetitionTime": 150.0,
      "Rows": 256,
      "SAR": 0.00659559,
      "SamplesPerPixel": 1,
      "ScanOptions": "EDR_GEMS",
      "ScanningSequence": "GR",
      "SequenceVariant": "SS",
      "SeriesDescription": "ORIG anat-T1w_acq-GRE",
      "SeriesNumber": 40003,
      "SeriesTime": "094126",
      "SliceThickness": 5.0,
      "SmallestImagePixelValue": 0,
      "SoftwareVersions": [
 "27",
        "LX",
        "MR Software release:DV26.0_R02_1810.b"
],
      "SpacingBetweenSlices": 5.0,
      "SpecificCharacterSet": "ISO_IR 100",
      "StackID": "1",
      "StudyID": "10394",
      "StudyTime": "093949",
      "TriggerWindow": 0,
      "VariableFlipAngleFlag": "N"
    },
    "slices": {
      "GroupLength_0X20_0X0": [408, 408, 408, 408, 408, 404, 404, 408, 408],
      "ImagePositionPatient": [
        [-106.445, -116.446, -21.8745],
        [-106.445, -116.446, -16.8745],
        [-106.445, -116.446, -11.8745],
        [-106.445, -116.446, -6.8745],
        [-106.445, -116.446, -1.8745],
        [-106.445, -116.446, 3.1255],
        [-106.445, -116.446, 8.1255],
        [-106.445, -116.446, 13.1255],
        [-106.445, -116.446, 18.1255]
],
      "InStackPositionNumber": [9, 8, 7, 6, 5, 4, 3, 2, 1],
      "InstanceNumber": [9, 8, 7, 6, 5, 4, 3, 2, 1],
      "LargestImagePixelValue": [1809, 2039, 2170, 2161, 2089, 2058, 2073, 2086, 2031],
      "SliceLocation": [-21.87449646, -16.87449646, -11.87449646, -6.87449646, -1.87449646, 3.12550354, 8.12550354, 13.12550354, 18.12550354],
      "WindowCenter": [904.0, 1019.0, 1085.0, 1080.0, 1044.0, 1029.0, 1036.0, 1043.0, 1015.0],
      "WindowWidth": [1809.0, 2039.0, 2170.0, 2161.0, 2089.0, 2058.0, 2073.0, 2086.0, 2031.0]
    }
  }
}