{
  "AcquisitionMatrixPE": 130,
  "AcquisitionNumber": 1,
  "AcquisitionTime": "13:20:21.222500",
  "BandwidthPerPixelPhaseEncode": 10.395,
  "BaseResolution": 130,
  "BodyPartExamined": "BRAIN",
  "CoilCombinationMethod": "Adaptive Combine",
  "ConsistencyInfo": "N4_VE11C_LATEST_20160120",
  "ConversionSoftware": "dcm2niix",
  "ConversionSoftwareVersion": "v1.0.20211006",
  "DerivedVendorReportedEchoSpacing": 0.000740001,
  "DeviceSerialNumber": "70032",
  "DiffusionScheme": "Bipolar",
  "DwellTime": 2.6e-06,
  "EchoTime": 0.087,
  "EchoTrainLength": 98,
  "EffectiveEchoSpacing": 0.000740001,
  "FlipAngle": 90,
  "ImageOrientationPatientDICOM": [1, 0, 0, 0, 1, 0],
  "ImageOrientationText": "Tra",
  "ImageType": [
    "ORIGINAL",
    "PRIMARY",
    "DIFFUSION",
    "NONE",
    "ND",
    "NORM",
    "MOSAIC"
],
  "ImagingFrequency": 123.218,
  "InPlanePhaseEncodingDirectionDICOM": "COL",
  "InstitutionAddress": "Ridge Ave. 2650 ,Evanston, IL,Chicago,US,60201",
  "InstitutionName": "EVANSTON HOSP",
  "InstitutionalDepartmentName": "Department",
  "MRAcquisitionType": "2D",
  "MagneticFieldStrength": 3,
  "Manufacturer": "Siemens",
  "ManufacturersModelName": "Skyra_fit",
  "MatrixCoilMode": "SENSE",
  "Modality": "MR",
  "PartialFourier": 0.75,
  "PatientPosition": "HFS",
  "PercentPhaseFOV": 100,
  "PercentSampling": 100,
  "PhaseEncodingDirection": "j",
  "PhaseEncodingSteps": 98,
  "PhaseResolution": 1,
  "PixelBandwidth": 1480,
  "ProtocolName": "dwi-dwi_acq-b1000",
  "PulseSequenceDetails": "%SiemensSeq%\\ep2d_diff",
  "ReceiveCoilActiveElements": "HC3-7;NC1",
  "ReceiveCoilName": "HeadNeck_64",
  "ReconMatrixPE": 130,
  "RepetitionTime": 2,
  "SAR": 0.0202399,
  "ScanOptions": "PFP\\FS",
  "ScanningSequence": "EP",
  "SequenceName": "*ep_b0",
  "SequenceVariant": "SK\\SP",
  "SeriesDescription": "dwi-dwi_acq-b1000",
  "SeriesNumber": 5,
  "ShimSetting": [-7346, 5533, 11486, -599, -178, -169, -93, -368],
  "SliceThickness": 5,
  "SliceTiming": [0, 1.32, 0.66],
  "SoftwareVersions": "syngo MR E11",
  "SpacingBetweenSlices": 6,
  "SpoilingState": true,
  "StationName": "MRC40210",
  "TotalReadoutTime": 0.0954601,
  "TxRefAmp": 196.257,
  "dcmmeta_affine": [
    [-1.692307710647583, 0.0, 0.0, 112.18019104003906],
    [0.0, 1.692307710647583, 0.0, -109.94586944580078],
    [0.0, 0.0, 6.0, -16.717571258544922],
    [0.0, 0.0, 0.0, 1.0]
],
  "dcmmeta_reorient_transform": [
    [0.0, -1.0, 0.0, 129.0],
    [1.0, 0.0, 0.0, 0.0],
    [0.0, 0.0, 1.0, 0.0],
    [0.0, 0.0, 0.0, 1.0]
],
  "dcmmeta_shape": [130, 130, 3, 14],
  "dcmmeta_slice_dim": 2,
  "dcmmeta_version": 0.6,
  "global": {
    "const": {
      "AcquisitionMatrix": [130, 0, 0, 130],
      "AngioFlag": "N",
      "BitsAllocated": 16,
      "BitsStored": 12,
      "BodyPartExamined": "BRAIN",
      "Columns": 260,
      "EchoNumbers": 1,
      "EchoTime": 87.0,
      "EchoTrainLength": 98,
      "FlipAngle": 90.0,
      "HighBit": 11,
      "ImageOrientationPatient": [1.0, 0.0, 0.0, 0.0, 1.0, 0.0],
      "ImagePositionPatient": [-222.18019032478, -218.36182773113, -16.717572212219],
      "ImageType": [
        "ORIGINAL",
        "PRIMARY",
        "DIFFUSION",
        "NONE",
        "ND",
        "NORM",
        "MOSAIC"
],
      "ImagedNucleus": "1H",
      "ImagingFrequency": 123.217771,
      "InPlanePhaseEncodingDirection": "COL",
      "MRAcquisitionType": "2D",
      "MagneticFieldStrength": 3.0,
      "Manufacturer": "SIEMENS",
      "ManufacturerModelName": "Skyra_fit",
      "Modality": "MR",
      "NumberOfAverages": 1.0,
      "NumberOfPhaseEncodingSteps": 98,
      "PercentPhaseFieldOfView": 100.0,
      "PercentSampling": 100.0,
      "PerformedProcedureStepStartTime": "130607.568000",
      "PhotometricInterpretation": "MONOCHROME2",
      "PixelBandwidth": 1480.0,
      "PixelRepresentation": 0,
      "PixelSpacing": [1.6923077106476, 1.6923077106476],
      "ProtocolName": "dwi-dwi_acq-b1000",
      "ReferencedPerformedProcedureStepSequence": [
        {
          "ReferencedSOPClassUID": "1.2.840.10008.3.1.2.3.3",
          "ReferencedSOPInstanceUID": "1.3.12.2.1107.5.2.42.70032.30000022060115375187000000002"}
],
      "RepetitionTime": 2000.0,
      "Rows": 260,
      "SAR": 0.02023994304848,
      "SamplesPerPixel": 1,
      "ScanOptions": [
        "PFP",
        "FS"
],
      "ScanningSequence": "EP",
      "SequenceVariant": [
        "SK",
        "SP"
],
      "SeriesDescription": "dwi-dwi_acq-b1000",
      "SeriesNumber": 5,
      "SeriesTime": "132049.873000",
      "SliceLocation": -16.717572212219,
      "SliceThickness": 5.0,
      "SmallestImagePixelValue": 0,
      "SoftwareVersions": "syngo MR E11",
      "SpacingBetweenSlices": 6.0,
      "SpecificCharacterSet": "ISO_IR 100",
      "StudyID": "1",
      "StudyTime": "130607.471000",
      "TransmitCoilName": "Body",
      "VariableFlipAngleFlag": "N",
      "WindowCenterWidthExplanation": "Algo1",
      "dBdt": 0.0},
    "slices": {}
  },
  "time": {
    "samples": {
      "AcquisitionNumber": [1, 2, 3, 4, 5, 6, 7, 8, 9, 10, 11, 12, 13, 14],
      "AcquisitionTime": ["132021.222500", "132023.222500", "132025.222500", "132027.222500", "132029.222500", "132031.222500", "132033.222500", "132035.222500", "132037.222500", "132039.222500", "132041.222500", "132043.222500", "132045.222500", "132047.222500"],
      "ContentTime": ["132049.879000", "132049.905000", "132049.908000", "132049.911000", "132049.913000", "132049.916000", "132049.919000", "132049.921000", "132049.923000", "132049.926000", "132049.929000", "132049.946000", "132049.948000", "132049.951000"],
      "InstanceCreationTime": ["132049.879000", "132049.905000", "132049.908000", "132049.911000", "132049.913000", "132049.916000", "132049.919000", "132049.921000", "132049.923000", "132049.926000", "132049.929000", "132049.946000", "132049.948000", "132049.951000"],
      "InstanceNumber": [1, 2, 3, 4, 5, 6, 7, 8, 9, 10, 11, 12, 13, 14],
      "LargestImagePixelValue": [2525, 320, 317, 319, 313, 321, 302, 2530, 323, 318, 318, 313, 318, 301],
      "SequenceName": [
        "*ep_b0",
        "*ep_b1000#1",
        "*ep_b1000#2",
        "*ep_b1000#3",
        "*ep_b1000#4",
        "*ep_b1000#5",
        "*ep_b1000#6",
        "*ep_b0",
        "*ep_b1000#1",
        "*ep_b1000#2",
        "*ep_b1000#3",
        "*ep_b1000#4",
        "*ep_b1000#5",
        "*ep_b1000#6"
],
      "WindowCenter": [1234.0, 341.0, 334.0, 334.0, 330.0, 339.0, 324.0, 1235.0, 341.0, 334.0, 333.0, 333.0, 340.0, 323.0],
      "WindowWidth": [3179.0, 722.0, 710.0, 709.0, 704.0, 720.0, 691.0, 3182.0, 724.0, 710.0, 708.0, 707.0, 721.0, 690.0]
    },
    "slices": {}
  }
}