{
  "AcquisitionMatrixPE": 256,
  "AcquisitionNumber": 1,
  "AcquisitionTime": "13:48:27.000000",
  "BodyPartExamined": "BRAIN",
  "CoilString": "RM:Nova32ch",
  "ConversionSoftware": "dcm2niix",
  "ConversionSoftwareVersion": "v1.0.20211006",
  "DeviceSerialNumber": "000000312996MR3T",
  "EchoTime": 0.00292,
  "FlipAngle": 8,
  "ImageOrientationPatientDICOM": [0, 1, 0, 0, 0, -1],
  "ImageType": [
    "ORIGINAL",
    "PRIMARY",
    "OTHER"
],
  "ImagingFrequency": 127.779,
  "InPlanePhaseEncodingDirectionDICOM": "ROW",
  "InstitutionName": "UNIVERSITY OF ILLINOIS",
  "InversionTime": 1.06,
  "MRAcquisitionType": "3D",
  "MagneticFieldStrength": 3,
  "Manufacturer": "GE",
  "ManufacturersModelName": "DISCOVERY MR750",
  "Modality": "MR",
  "ParallelReductionFactorInPlane": 2,
  "ParallelReductionOutOfPlane": 2,
  "PatientPosition": "HFS",
  "PercentPhaseFOV": 100,
  "PercentSampling": 100,
  "PixelBandwidth": 244.141,
  "ProtocolName": "UM1_ABCD_9.17.20",
  "ReconMatrixPE": 256,
  "RepetitionTime": 0.006952,
  "SAR": 0.167935,
  "ScanOptions": "EDR_GEMS\\PROMO_GEMS\\ACC_GEMS\\IR_GEMS",
  "ScanningSequence": "RM",
  "SequenceVariant": "NONE",
  "SeriesDescription": "T1_MPRAGE",
  "SeriesNumber": 3,
  "SliceThickness": 1,
  "SoftwareVersions": "27\\LX\\MR Software release:DV26.0_R02_1810.b",
  "SpacingBetweenSlices": 1,
  "StationName": "GEMSGEMS",
  "dcmmeta_affine": [
    [1.0, 0.0, 0.0, -107.71880340576172],
    [0.0, 1.0, 0.0, -110.6240005493164],
    [0.0, 0.0, 1.0, -106.40599822998047],
    [0.0, 0.0, 0.0, 1.0]
],
  "dcmmeta_reorient_transform": [
    [0.0, 0.0, -1.0, 255.0],
    [0.0, -1.0, 0.0, 255.0],
    [-1.0, 0.0, 0.0, 207.0],
    [0.0, 0.0, 0.0, 1.0]
],
  "dcmmeta_shape": [208, 256, 256],
  "dcmmeta_slice_dim": 0,
  "dcmmeta_version": 0.6,
  "global": {
    "const": {
      "AcquisitionMatrix": [0, 256, 256, 0],
      "AcquisitionNumber": 1,
      "AcquisitionTime": "134827",
      "AnatomicRegionSequence": [
        {
          "CodeMeaning": "Brain",
          "CodeValue": "T-A0100",
          "CodingSchemeDesignator": "SRT",
          "GroupLength": 42}
],
      "AngioFlag": "N",
      "BeatRejectionFlag": "N",
      "BitsAllocated": 16,
      "BitsStored": 16,
      "BodyPartExamined": "BRAIN",
      "CardiacNumberOfImages": 0,
      "Columns": 256,
      "ContentTime": "134827",
      "EchoNumbers": 1,
      "EchoTime": 2.92,
      "EchoTrainLength": 1,
      "FlipAngle": 8.0,
      "GroupLength_0X10_0X0": 92,
      "GroupLength_0X18_0X0": 514,
      "GroupLength_0X40_0X0": 82,
      "GroupLength_0X7FE0_0X0": 131080,
      "GroupLength_0X8_0X0": 974,
      "HeartRate": 0,
      "HighBit": 15,
      "ImageOrientationPatient": [-0.0, 1.0, 0.0, -0.0, -0.0, -1.0],
      "ImageType": [
        "ORIGINAL",
        "PRIMARY",
        "OTHER"
],
      "ImagedNucleus": "1H",
      "ImagesInAcquisition": 208,
      "ImagingFrequency": 127.779079,
      "InPlanePhaseEncodingDirection": "ROW",
      "InversionTime": 1060.0,
      "MRAcquisitionType": "3D",
      "MagneticFieldStrength": 3.0,
      "Manufacturer": "GE MEDICAL SYSTEMS",
      "ManufacturerModelName": "DISCOVERY MR750",
      "Modality": "MR",
      "NumberOfAverages": 1.0,
      "PercentPhaseFieldOfView": 100.0,
      "PercentSampling": 100.0,
      "PerformedLocation": "GEMS",
      "PerformedProcedureStepStartTime": "134148",
      "PhotometricInterpretation": "MONOCHROME2",
      "PixelBandwidth": 244.141,
      "PixelRepresentation": 1,
      "PixelSpacing": [1.0, 1.0],
      "ProtocolName": "UM1_ABCD_9.17.20",
      "ReceiveCoilName": "RM:Nova32ch",
      "ReconstructionDiameter": 256.0,
      "ReferencedPerformedProcedureStepSequence": [
        {
          "GroupLength": 100,
          "ReferencedSOPClassUID": "1.2.840.10008.3.1.2.3.3",
          "ReferencedSOPInstanceUID": "1.2.840.113619.6.408.107015857041096290710538730865022360254"}
],
      "RepetitionTime": 6.952,
      "Rows": 256,
      "SAR": 0.167935,
      "SamplesPerPixel": 1,
      "ScanOptions": [
        "EDR_GEMS",
        "PROMO_GEMS",
        "ACC_GEMS",
        "IR_GEMS"
],
      "ScanningSequence": "RM",
      "SequenceVariant": "NONE",
      "SeriesDescription": "T1_MPRAGE",
      "SeriesNumber": 3,
      "SeriesTime": "134827",
      "SliceThickness": 1.0,
      "SmallestImagePixelValue": 0,
      "SoftwareVersions": [
 "27",
        "LX",
        "MR Software release:DV26.0_R02_1810.b"
],
      "SpacingBetweenSlices": 1.0,
      "SpecificCharacterSet": "ISO_IR 100",
      "StackID": "1",
      "StudyID": "8186",
      "StudyTime": "134559",
      "TriggerWindow": 0,
      "VariableFlipAngleFlag": "N"
    },
