{
  "AcquisitionMatrixPE": 127,
  "AcquisitionNumber": 4,
  "AcquisitionTime": "14:58:15.440000",
  "BodyPartExamined": "BRAIN",
  "CoilString": "MULTI COIL",
  "ConversionSoftware": "dcm2niix",
  "ConversionSoftwareVersion": "v1.0.20211215",
  "DeviceSerialNumber": "71399",
  "EchoTime": 0.123216,
  "EchoTrainLength": 127,
  "EstimatedEffectiveEchoSpacing": 0.000883466,
  "EstimatedTotalReadoutTime": 0.126336,
  "FlipAngle": 90,
  "ImageOrientationPatientDICOM": [1, 0, 0, 0, 1, 0],
  "ImageType": [
    "ORIGINAL",
    "PRIMARY",
    "M",
    "SE",
    "M",
    "SE"
],
  "ImagingFrequency": 127.767,
  "InPlanePhaseEncodingDirectionDICOM": "COL",
  "InstitutionAddress": "5835 S. Cottage Grove",
  "InstitutionName": "UNIVERSITY OF CHICAGO MEDICAL CENTER",
  "InstitutionalDepartmentName": "BRIC",
  "MRAcquisitionType": "2D",
  "MTState": false,
  "MagneticFieldStrength": 3,
  "Manufacturer": "Philips",
  "ManufacturersModelName": "Ingenia",
  "Modality": "MR",
  "ParallelAcquisitionTechnique": "SENSE",
  "PartialFourierDirection": "PHASE",
  "PartialFourierEnabled": "YES",
  "PatientPosition": "HFS",
  "PercentPhaseFOV": 100,
  "PercentSampling": 100,
  "PhaseEncodingAxis": "j",
  "PhaseEncodingStepsNoPartialFourier": 127,
  "PhilipsRWVIntercept": 0,
  "PhilipsRWVSlope": 9.30867,
  "PhilipsRescaleIntercept": 0,
  "PhilipsRescaleSlope": 9.30867,
  "PhilipsScaleSlope": 0.0536319,
  "PixelBandwidth": 1516,
  "ProtocolName": "WIP dwi-dwi_acq-b2000",
  "ReconMatrixPE": 144,
  "RepetitionTime": 2,
  "SAR": 0.0212104,
  "ScanOptions": "FS",
  "ScanningSequence": "SE",
  "SequenceVariant": "SK",
  "SeriesDescription": "dwi-dwi_acq-b2000",
  "SeriesNumber": 401,
  "SliceThickness": 5,
  "SoftwareVersions": "5.6.1\\5.6.1.0",
  "SpacingBetweenSlices": 6,
  "StationName": "HOST-1O4ONO2CHP",
  "UsePhilipsFloatNotDisplayScaling": 1,
  "WaterFatShift": 55.3135}