{
    "AcquisitionMatrixPE": 130,
    "AcquisitionNumber": 1,
    "AcquisitionTime": "11:35:43.192500",
    "BandwidthPerPixelPhaseEncode": 10.395,
    "BaseResolution": 130,
    "BodyPartExamined": "BRAIN",
    "CoilCombinationMethod": "Adaptive Combine",
    "ConsistencyInfo": "N4_VE11C_LATEST_20160120",
    "ConversionSoftware": "dcm2niix",
    "ConversionSoftwareVersion": "v1.0.20211006",
    "DerivedVendorReportedEchoSpacing": 0.000740001,
    "DeviceSerialNumber": "66022",
    "DiffusionScheme": "Bipolar",
    "DwellTime": 2.6e-06,
    "EchoTime": 0.091,
    "EchoTrainLength": 98,
    "EffectiveEchoSpacing": 0.000740001,
    "FlipAngle": 90,
    "ImageOrientationPatientDICOM": [
     1,
     0,
     2.423e-12,
     0,
     1,
     3.144e-12
    ],
    "ImageOrientationText": "Tra",
    "ImageType": [
     "ORIGINAL",
     "PRIMARY",
     "DIFFUSION",
     "NONE",
     "ND",
     "NORM",
     "MOSAIC"
    ],
    "ImagingFrequency": 123.257,
    "InPlanePhaseEncodingDirectionDICOM": "COL",
    "InstitutionAddress": "East Beltline NE 2750,Grand Rapids,MI,US,49503",
    "InstitutionName": "SPECTRUM HEALTH   ICCB",
    "InstitutionalDepartmentName": "Department",
    "MRAcquisitionType": "2D",
    "MagneticFieldStrength": 3,
    "Manufacturer": "Siemens",
    "ManufacturersModelName": "Prisma",
    "MatrixCoilMode": "SENSE",
    "Modality": "MR",
    "PartialFourier": 0.75,
    "PatientPosition": "HFS",
    "PercentPhaseFOV": 100,
    "PercentSampling": 100,
    "PhaseEncodingDirection": "j",
    "PhaseEncodingSteps": 98,
    "PhaseResolution": 1,
    "PixelBandwidth": 1480,
    "ProtocolName": "dwi_dwi_acq_b2000",
    "PulseSequenceDetails": "%SiemensSeq%\\ep2d_diff",
    "ReceiveCoilActiveElements": "HC1-7",
    "ReceiveCoilName": "HeadNeck_64",
    "ReconMatrixPE": 130,
    "RepetitionTime": 2,
    "SAR": 0.0272207,
    "ScanOptions": "PFP\\FS",
    "ScanningSequence": "EP",
    "SequenceName": "*ep_b0",
    "SequenceVariant": "SK\\SP",
    "SeriesDescription": "dwi_dwi_acq_b2000",
    "SeriesNumber": 6,
    "ShimSetting": [
     -1170,
     -11034,
     2817,
     197,
     6,
     -458,
     116,
     -37
    ],
    "SliceThickness": 5,
    "SliceTiming": [
     0,
     1.32,
     0.66
    ],
    "SoftwareVersions": "syngo MR E11",
    "SpacingBetweenSlices": 6,
    "SpoilingState": true,
    "StationName": "AWP66022",
    "TotalReadoutTime": 0.0954601,
    "TxRefAmp": 145.953,
    "dcmmeta_affine": [
     [
      -1.692307710647583,
      0.0,
      1.4538000144004304e-11,
      109.30000305175781
     ],
     [
      0.0,
      1.692307710647583,
      1.8864000639329248e-11,
      -111.62779235839844
     ],
     [
      4.100461723638427e-12,
      -5.3206154759788404e-12,
      6.0,
      -12.585229873657227
     ],
     [
      0.0,
      0.0,
      0.0,
      1.0
     ]
    ],
    "dcmmeta_reorient_transform": [
     [
      0.0,
      -1.0,
      0.0,
      129.0
     ],
     [
      1.0,
      0.0,
      0.0,
      0.0
     ],
     [
      0.0,
      0.0,
      1.0,
      0.0
     ],
     [
      0.0,
      0.0,
      0.0,
      1.0
     ]
    ],
    "dcmmeta_shape": [
     130,
     130,
     3,
     14
    ],
    "dcmmeta_slice_dim": 2,
    "dcmmeta_version": 0.6,
    "global": {
     "const": {
      "AcquisitionMatrix": [
       130,
       0,
       0,
       130
      ],
      "AngioFlag": "N",
      "BitsAllocated": 16,
      "BitsStored": 12,
      "BodyPartExamined": "BRAIN",
      "Columns": 260,
      "EchoNumbers": 1,
      "EchoTime": 91.0,
      "EchoTrainLength": 98,
      "FlipAngle": 90.0,
      "HighBit": 11,
      "ImageOrientationPatient": [
       1.0,
       0.0,
       2.423e-12,
       0.0,
       1.0,
       3.144e-12
      ],
      "ImagePositionPatient": [
       -219.30000239611,
       -216.67990541458,
       -12.585229874882
      ],
      "ImageType": [
       "ORIGINAL",
       "PRIMARY",
       "DIFFUSION",
       "NONE",
       "ND",
       "NORM",
       "MOSAIC"
      ],
      "ImagedNucleus": "1H",
      "ImagingFrequency": 123.257408,
      "InPlanePhaseEncodingDirection": "COL",
      "MRAcquisitionType": "2D",
      "MagneticFieldStrength": 3.0,
      "Manufacturer": "SIEMENS",
      "ManufacturerModelName": "Prisma",
      "Modality": "MR",
      "NumberOfAverages": 1.0,
      "NumberOfPhaseEncodingSteps": 98,
      "PercentPhaseFieldOfView": 100.0,
      "PercentSampling": 100.0,
      "PerformedProcedureStepStartTime": "113217.843000",
      "PhotometricInterpretation": "MONOCHROME2",
      "PixelBandwidth": 1480.0,
      "PixelRepresentation": 0,
      "PixelSpacing": [
       1.6923077106476,
       1.6923077106476
      ],
      "ProtocolName": "dwi_dwi_acq_b2000",
      "RepetitionTime": 2000.0,
      "Rows": 260,
      "SAR": 0.02722073737804,
      "SamplesPerPixel": 1,
      "ScanOptions": [
       "PFP",
       "FS"
      ],
      "ScanningSequence": "EP",
      "SequenceVariant": [
       "SK",
       "SP"
      ],
      "SeriesDescription": "dwi_dwi_acq_b2000",
      "SeriesNumber": 6,
      "SeriesTime": "113611.756000",
      "SliceLocation": -12.585229873669,
      "SliceThickness": 5.0,
      "SmallestImagePixelValue": 0,
      "SoftwareVersions": "syngo MR E11",
      "SpacingBetweenSlices": 6.0,
      "SpecificCharacterSet": "ISO_IR 100",
      "StudyID": "1",
      "StudyTime": "113217.771000",
      "TransmitCoilName": "Body",
      "VariableFlipAngleFlag": "N",
      "WindowCenterWidthExplanation": "Algo1",
      "dBdt": 0.0
     },
     "slices": {}
    },
    "time": {
     "samples": {
      "AcquisitionNumber": [
       1,
       2,
       3,
       4,
       5,
       6,
       7,
       8,
       9,
       10,
       11,
       12,
       13,
       14
      ],
      "AcquisitionTime": [
       "113543.192500",
       "113545.192500",
       "113547.192500",
       "113549.192500",
       "113551.192500",
       "113553.192500",
       "113555.192500",
       "113557.192500",
       "113559.192500",
       "113601.192500",
       "113603.192500",
       "113605.192500",
       "113607.192500",
       "113609.192500"
      ],
      "ContentTime": [
       "113611.759000",
       "113611.781000",
       "113611.783000",
       "113611.786000",
       "113611.792000",
       "113611.795000",
       "113611.797000",
       "113611.800000",
       "113611.802000",
       "113611.805000",
       "113611.808000",
       "113611.810000",
       "113611.816000",
       "113611.818000"
      ],
      "InstanceCreationTime": [
       "113611.759000",
       "113611.781000",
       "113611.783000",
       "113611.786000",
       "113611.792000",
       "113611.795000",
       "113611.797000",
       "113611.800000",
       "113611.802000",
       "113611.805000",
       "113611.808000",
       "113611.810000",
       "113611.816000",
       "113611.818000"
      ],
      "InstanceNumber": [
       1,
       2,
       3,
       4,
       5,
       6,
       7,
       8,
       9,
       10,
       11,
       12,
       13,
       14
      ],
      "LargestImagePixelValue": [
       1837,
       53,
       52,
       52,
       51,
       49,
       49,
       1837,
       53,
       50,
       51,
       50,
       50,
       49
      ],
      "SequenceName": [
       "*ep_b0",
       "*ep_b2000#1",
       "*ep_b2000#2",
       "*ep_b2000#3",
       "*ep_b2000#4",
       "*ep_b2000#5",
       "*ep_b2000#6",
       "*ep_b0",
       "*ep_b2000#1",
       "*ep_b2000#2",
       "*ep_b2000#3",
       "*ep_b2000#4",
       "*ep_b2000#5",
       "*ep_b2000#6"
      ],
      "WindowCenter": [
       1077.0,
       64.0,
       62.0,
       62.0,
       63.0,
       62.0,
       60.0,
       1074.0,
       64.0,
       62.0,
       62.0,
       63.0,
       64.0,
       60.0
      ],
      "WindowWidth": [
       2487.0,
       166.0,
       164.0,
       163.0,
       164.0,
       164.0,
       158.0,
       2485.0,
       166.0,
       164.0,
       163.0,
       164.0,
       167.0,
       158.0
      ]
     },
     "slices": {}
    }
   }