{
 "AcquisitionMatrixPE": 140,
 "AcquisitionNumber": 1,
 "AcquisitionTime": "13:26:26.227500",
 "BandwidthPerPixelPhaseEncode": 22.556,
 "BaseResolution": 140,
 "CoilCombinationMethod": "Sum of Squares",
 "CoilString": "C:HEA;HEP",
 "ConversionSoftware": "dcm2niix",
 "ConversionSoftwareVersion": "v1.0.20211006",
 "DerivedVendorReportedEchoSpacing": 0.000950016,
 "DeviceSerialNumber": "40292",
 "DwellTime": 2.3e-06,
 "EchoTime": 0.058,
 "EffectiveEchoSpacing": 0.000316672,
 "FlipAngle": 90,
 "ImageComments": "WS20064V1",
 "ImageOrientationPatientDICOM": [
  1,
  0,
  0,
  0,
  1,
  0
 ],
 "ImageOrientationText": "Tra",
 "ImageType": [
  "ORIGINAL",
  "PRIMARY",
  "M",
  "ND",
  "MOSAIC"
 ],
 "ImagingFrequency": 123.234,
 "InPlanePhaseEncodingDirectionDICOM": "COL",
 "InstitutionAddress": "SJohn R. Stre3990,Detroit ,District,US,48201",
 "InstitutionName": "Wayne State Research Facility 3T",
 "InstitutionalDepartmentName": "Department",
 "IntendedFor": [
  "ses-V1/dwi/sub-20064_ses-V1_dwi.nii.gz"
 ],
 "MRAcquisitionType": "2D",
 "MagneticFieldStrength": 3,
 "Manufacturer": "Siemens",
 "ManufacturersModelName": "Verio",
 "MatrixCoilMode": "GRAPPA",
 "Modality": "MR",
 "ParallelReductionFactorInPlane": 3,
 "PartialFourier": 0.875,
 "PatientPosition": "HFS",
 "PercentPhaseFOV": 100,
 "PercentSampling": 100,
 "PhaseEncodingDirection": "j-",
 "PhaseEncodingSteps": 123,
 "PhaseResolution": 1,
 "PixelBandwidth": 1553,
 "ProcedureStepDescription": "ZAHID_RESEARCH^A2CP - CHRONIC PAIN 01252021",
 "ProtocolName": "DWI_B0_AP",
 "PulseSequenceDetails": "%CustomerSeq%\\cmrr_mbep2d_se",
 "ReceiveCoilName": "32Ch_Head",
 "ReconMatrixPE": 140,
 "RefLinesPE": 36,
 "RepetitionTime": 8,
 "SAR": 0.188597,
 "ScanOptions": "PFP\\FS",
 "ScanningSequence": "EP",
 "SequenceName": "epse2d1_140",
 "SequenceVariant": "SK",
 "SeriesDescription": "DWI_B0_AP",
 "SeriesNumber": 3,
 "ShimSetting": [
  4675,
  14049,
  1528,
  -11,
  -173,
  -72,
  393,
  123
 ],
 "SliceThickness": 1.7,
 "SliceTiming": [
  0,
  0.0975,
  0.1975,
  0.2975,
  0.395,
  0.495,
  0.595,
  0.6925,
  0.7925,
  0.8925,
  0.99,
  1.09,
  1.19,
  1.2875,
  1.3875,
  1.4875,
  1.585,
  1.685,
  1.785,
  1.8825,
  1.9825,
  2.0825,
  2.18,
  2.28,
  2.38,
  2.4775,
  2.5775,
  2.6775,
  2.775,
  2.875,
  2.9725,
  3.0725,
  3.1725,
  3.27,
  3.37,
  3.47,
  3.5675,
  3.6675,
  3.7675,
  3.865,
  3.965,
  4.065,
  4.1625,
  4.2625,
  4.3625,
  4.46,
  4.56,
  4.66,
  4.7575,
  4.8575,
  4.9575,
  5.055,
  5.155,
  5.255,
  5.3525,
  5.4525,
  5.5525,
  5.65,
  5.75,
  5.85,
  5.9475,
  6.0475,
  6.1475,
  6.245,
  6.345,
  6.445,
  6.5425,
  6.6425,
  6.7425,
  6.84,
  6.94,
  7.04,
  7.1375,
  7.2375,
  7.3375,
  7.435,
  7.535,
  7.635,
  7.7325,
  7.8325,
  7.9325
 ],
 "SoftwareVersions": "syngo MR B17",
 "SpacingBetweenSlices": 1.7,
 "StationName": "MRC40292",
 "TotalReadoutTime": 0.0440174,
 "TxRefAmp": 488.195,
 "dcmmeta_affine": [
  [
   -1.7142857313156128,
   0.0,
   0.0,
   124.58020782470703
  ],
  [
   0.0,
   1.7142857313156128,
   0.0,
   -128.93951416015625
  ],
  [
   0.0,
   0.0,
   1.7000000476837158,
   -62.18180847167969
  ],
  [
   0.0,
   0.0,
   0.0,
   1.0
  ]
 ],
 "dcmmeta_reorient_transform": [
  [
   0.0,
   -1.0,
   0.0,
   139.0
  ],
  [
   1.0,
   0.0,
   0.0,
   0.0
  ],
  [
   0.0,
   0.0,
   1.0,
   0.0
  ],
  [
   0.0,
   0.0,
   0.0,
   1.0
  ]
 ],
 "dcmmeta_shape": [
  140,
  140,
  81
 ],
 "dcmmeta_slice_dim": 2,
 "dcmmeta_version": 0.6,
 "global": {
  "const": {
   "AcquisitionMatrix": [
    140,
    0,
    0,
    140
   ],
   "AngioFlag": "N",
   "BitsAllocated": 16,
   "BitsStored": 12,
   "Columns": 1260,
   "ContentTime": "132651.000000",
   "EchoNumbers": 1,
   "EchoTime": 58.0,
   "EchoTrainLength": 1,
   "FlipAngle": 90.0,
   "HighBit": 11,
   "ImageOrientationPatient": [
    1.0,
    0.0,
    0.0,
    0.0,
    1.0,
    0.0
   ],
   "ImagePositionPatient": [
    -1084.5802180767,
    -1069.3462116718,
    -62.18180847168
   ],
   "ImageType": [
    "ORIGINAL",
    "PRIMARY",
    "M",
    "ND",
    "MOSAIC"
   ],
   "ImagedNucleus": "1H",
   "ImagingFrequency": 123.234188,
   "InPlanePhaseEncodingDirection": "COL",
   "InstanceCreationTime": "132651.000000",
   "LargestImagePixelValue": 4095,
   "MRAcquisitionType": "2D",
   "MagneticFieldStrength": 3.0,
   "Manufacturer": "SIEMENS",
   "ManufacturerModelName": "Verio",
   "Modality": "MR",
   "NumberOfAverages": 1.0,
   "NumberOfPhaseEncodingSteps": 123,
   "PercentPhaseFieldOfView": 100.0,
   "PercentSampling": 100.0,
   "PerformedProcedureStepStartTime": "131453.546000",
   "PhotometricInterpretation": "MONOCHROME2",
   "PixelBandwidth": 1553.0,
   "PixelRepresentation": 0,
   "PixelSpacing": [
    1.7142857313156,
    1.7142857313156
   ],
   "ProtocolName": "DWI_B0_AP",
   "RepetitionTime": 8000.0,
   "Rows": 1260,
   "SAR": 0.18859703637355,
   "SamplesPerPixel": 1,
   "ScanOptions": [
    "PFP",
    "FS"
   ],
   "ScanningSequence": "EP",
   "SequenceName": "epse2d1_140",
   "SequenceVariant": "SK",
   "SeriesDescription": "DWI_B0_AP",
   "SeriesNumber": 3,
   "SeriesTime": "132650.984000",
   "SliceLocation": -62.18180847168,
   "SliceThickness": 1.7000000476837,
   "SmallestImagePixelValue": 0,
   "SoftwareVersions": "syngo MR B17",
   "SpacingBetweenSlices": 1.7,
   "SpecificCharacterSet": "ISO_IR 100",
   "StudyID": "1",
   "StudyTime": "131453.500000",
   "TransmitCoilName": "Body",
   "VariableFlipAngleFlag": "N",
   "WindowCenterWidthExplanation": "Algo1",
   "dBdt": 0.0
  },
  "slices": {}
 },
 "time": {
  "samples": {
   "AcquisitionNumber": [
    1,
    2,
    3
   ],
   "AcquisitionTime": [
    "132626.227500",
    "132634.257500",
    "132642.290000"
   ],
   "InstanceNumber": [
    1,
    2,
    3
   ],
   "WindowCenter": [
    600.0,
    599.0,
    598.0
   ],
   "WindowWidth": [
    1350.0,
    1348.0,
    1346.0
   ]
  },
  "slices": {}
 }
}