{
  "AcquisitionMatrixPE": 256,
  "AcquisitionNumber": 1,
  "AcquisitionTime": "14:57:12.175000",
  "BaseResolution": 256,
  "CoilCombinationMethod": "Adaptive Combine",
  "CoilString": "C:HEA;HEP",
  "ConversionSoftware": "dcm2niix",
  "ConversionSoftwareVersion": "v1.0.20211006",
  "DeviceSerialNumber": "40292",
  "DwellTime": 7.5e-06,
  "EchoTime": 0.00386,
  "FlipAngle": 15,
  "ImageOrientationPatientDICOM": [1, -2.05103e-10, 0, 2.05103e-10, 1, 0],
  "ImageOrientationText": "Tra",
  "ImageType": [
    "ORIGINAL",
    "PRIMARY",
    "M",
    "ND"
],
  "ImagingFrequency": 123.234,
  "InPlanePhaseEncodingDirectionDICOM": "ROW",
  "InstitutionAddress": "SJohn R. Stre3990,Detroit ,District,US,48201",
  "InstitutionName": "Wayne State Research Facility 3T",
  "InstitutionalDepartmentName": "Department",
  "MRAcquisitionType": "2D",
  "MagneticFieldStrength": 3,
  "Manufacturer": "Siemens",
  "ManufacturersModelName": "Verio",
  "MatrixCoilMode": "SENSE",
  "Modality": "MR",
  "NumberOfAverages": 2,
  "PartialFourier": 1,
  "PatientPosition": "HFS",
  "PercentPhaseFOV": 100,
  "PercentSampling": 100,
  "PhaseEncodingDirection": "i",
  "PhaseEncodingSteps": 256,
  "PhaseResolution": 1,
  "PixelBandwidth": 260,
  "ProcedureStepDescription": "ZAHID_RESEARCH^A2CP - CHRONIC PAIN 01252021",
  "ProtocolName": "Axial GRE scan",
  "PulseSequenceDetails": "%SiemensSeq%\\gre",
  "ReceiveCoilName": "32Ch_Head",
  "ReconMatrixPE": 256,
  "RepetitionTime": 0.15,
  "SAR": 0.00389196,
  "ScanningSequence": "GR",
  "SequenceName": "*fl2d1",
  "SequenceVariant": "SP",
  "SeriesDescription": "Axial GRE scan",
  "SeriesNumber": 2,
  "ShimSetting": [4675, 14087, 1125, -195, -204, -86, 221, 98],
  "SliceThickness": 5,
  "SliceTiming": [0, 0.07812, 0.01562, 0.10938, 0.03125, 0.125, 0.04688, 0.14062, 0.07812],
  "SoftwareVersions": "syngo MR B17",
  "SpacingBetweenSlices": 5,
  "StationName": "MRC40292",
  "TxRefAmp": 310.521,
  "dcmmeta_affine": [
    [-0.859375, 1.7626072823517802e-10, 0.0, 114.68404388427734],
    [1.7626072823517802e-10, 0.859375, 0.0, -127.87678527832031],
    [0.0, 0.0, 5.0, -20.0],
    [0.0, 0.0, 0.0, 1.0]
],
  "dcmmeta_reorient_transform": [
    [0.0, -1.0, 0.0, 255.0],
    [1.0, 0.0, 0.0, 0.0],
    [0.0, 0.0, -1.0, 8.0],
    [0.0, 0.0, 0.0, 1.0]
],
  "dcmmeta_shape": [256, 256, 9],
  "dcmmeta_slice_dim": 2,
  "dcmmeta_version": 0.6,
  "global": {
    "const": {
      "AcquisitionMatrix": [0, 256, 256, 0],
      "AcquisitionNumber": 1,
      "AngioFlag": "N",
      "BitsAllocated": 16,
      "BitsStored": 12,
      "Columns": 256,
      "EchoNumbers": 1,
      "EchoTime": 3.86,
      "EchoTrainLength": 1,
      "FlipAngle": 15.0,
      "HighBit": 11,
      "ImageOrientationPatient": [1.0, -2.051034e-10, 0.0, 2.051034e-10, 1.0, 0.0],
      "ImageType": [
        "ORIGINAL",
        "PRIMARY",
        "M",
        "ND"
],
      "ImagedNucleus": "1H",
      "ImagingFrequency": 123.2345,
      "InPlanePhaseEncodingDirection": "ROW",
      "MRAcquisitionType": "2D",
      "MagneticFieldStrength": 3.0,
      "Manufacturer": "SIEMENS",
      "ManufacturerModelName": "Verio",
      "Modality": "MR",
      "NumberOfAverages": 2.0,
      "NumberOfPhaseEncodingSteps": 256,
      "PercentPhaseFieldOfView": 100.0,
      "PercentSampling": 100.0,
      "PerformedProcedureStepStartTime": "145617.078000",
      "PhotometricInterpretation": "MONOCHROME2",
      "PixelBandwidth": 260.0,
      "PixelRepresentation": 0,
      "PixelSpacing": [0.859375, 0.859375],
      "ProtocolName": "Axial GRE scan",
      "RepetitionTime": 150.0,
      "Rows": 256,
      "SAR": 0.00389196080598,
      "SamplesPerPixel": 1,
      "ScanningSequence": "GR",
      "SequenceName": "*fl2d1",
      "SequenceVariant": "SP",
      "SeriesDescription": "Axial GRE scan",
      "SeriesNumber": 2,
      "SeriesTime": "145830.265000",
      "SliceThickness": 5.0,
      "SmallestImagePixelValue": 0,
      "SoftwareVersions": "syngo MR B17",
      "SpacingBetweenSlices": 5.0,
      "SpecificCharacterSet": "ISO_IR 100",
      "StudyID": "2",
      "StudyTime": "145617.062000",
      "TransmitCoilName": "Body",
      "VariableFlipAngleFlag": "N",
      "WindowCenterWidthExplanation": "Algo1",
      "dBdt": 0.0},
    "slices": {
      "AcquisitionTime": ["145712.175000", "145712.257500", "145712.192500", "145712.275000", "145712.207500", "145712.292500", "145712.225000", "145712.307500", "145712.242500"],
      "ContentTime": ["145830.281000", "145830.281000", "145830.281000", "145830.281000", "145830.281000", "145830.281000", "145830.281000", "145830.296000", "145830.281000"],
      "CsaImage.GSWDDataType": [
        "predicted",
        "predicted",
        "predicted",
        "predicted",
        "predicted",
        "measured",
        "predicted",
        "measured",
        "predicted"
],
      "CsaImage.ICE_Dims": [
        "X_1_1_1_1_1_1_1_1_1_1_1_80",
        "X_1_1_1_1_1_1_6_1_1_2_1_80",
        "X_1_1_1_1_1_1_2_1_1_3_1_80",
        "X_1_1_1_1_1_1_7_1_1_4_1_80",
        "X_1_1_1_1_1_1_3_1_1_5_1_80",
        "X_1_1_1_1_1_1_8_1_1_6_1_80",
        "X_1_1_1_1_1_1_4_1_1_7_1_80",
        "X_1_1_1_1_1_1_9_1_1_8_1_80",
        "X_1_1_1_1_1_1_5_1_1_9_1_80"
],
      "CsaImage.ProtocolSliceNumber": [0, 1, 2, 3, 4, 5, 6, 7, 8],
      "CsaImage.RFSWDDataType": [
        "predicted",
        "predicted",
        "predicted",
        "predicted",
        "predicted",
        "measured",
        "predicted",
        "measured",
        "predicted"
],
      "CsaImage.SliceMeasurementDuration": [76957.5, 76960.0, 76957.5, 76957.5, 76957.5, 76957.5, 76957.5, 76960.0, 76957.5],
      "CsaImage.SlicePosition_PCS": [
        [-114.68404057, -91.26383779, -20.0],
        [-114.68404057, -91.26383779, -15.0],
        [-114.68404057, -91.26383779, -10.0],
        [-114.68404057, -91.26383779, -5.0],
        [-114.68404057, -91.26383779, 0.0],
        [-114.68404057, -91.26383779, 5.0],
        [-114.68404057, -91.26383779, 10.0],
        [-114.68404057, -91.26383779, 15.0],
        [-114.68404057, -91.26383779, 20.0]
],
      "CsaImage.TimeAfterStart": [0.0, 0.0825, 0.015, 0.1, 0.0325, 0.115, 0.05, 0.1325, 0.065],
      "ImagePositionPatient": [
        [-114.68404056898, -91.26383779177, -20.0],
        [-114.68404056898, -91.26383779177, -15.0],
        [-114.68404056898, -91.26383779177, -10.0],
        [-114.68404056898, -91.26383779177, -5.0],
        [-114.68404056898, -91.26383779177, 0.0],
        [-114.68404056898, -91.26383779177, 5.0],
        [-114.68404056898, -91.26383779177, 10.0],
        [-114.68404056898, -91.26383779177, 15.0],
        [-114.68404056898, -91.26383779177, 20.0]
],
      "InstanceCreationTime": ["145830.281000", "145830.281000", "145830.281000", "145830.281000", "145830.281000", "145830.281000", "145830.281000", "145830.296000", "145830.281000"],
      "InstanceNumber": [1, 2, 3, 4, 5, 6, 7, 8, 9],
      "LargestImagePixelValue": [1109, 1132, 1165, 1284, 1167, 1071, 976, 896, 814],
      "SliceLocation": [-20.0, -15.0, -10.0, -5.0, 0.0, 5.0, 10.0, 15.0, 20.0],
      "WindowCenter": [730.0, 748.0, 763.0, 768.0, 761.0, 745.0, 724.0, 699.0, 673.0],
      "WindowWidth": [1418.0, 1447.0, 1473.0, 1486.0, 1476.0, 1451.0, 1418.0, 1378.0, 1338.0]
    }
  }
}