{
    "AcquisitionMatrixPE": 140,
    "AcquisitionNumber": 1,
    "AcquisitionTime": "12:31:44.000000",
    "BodyPartExamined": "BRAIN",
    "CoilString": "RM:Nova32ch",
    "ConversionSoftware": "dcm2niix",
    "ConversionSoftwareVersion": "v1.0.20211006",
    "DeviceSerialNumber": "000000000UM750MR",
    "EchoTime": 0.0817,
    "EffectiveEchoSpacing": 0.000768,
    "FlipAngle": 90,
    "ImageOrientationPatientDICOM": [
     1,
     0,
     0,
     0,
     1,
     0
    ],
    "ImageType": [
     "ORIGINAL",
     "PRIMARY",
     "OTHER"
    ],
    "ImagingFrequency": 127.767,
    "InPlanePhaseEncodingDirectionDICOM": "COL",
    "InstitutionName": "UOFMResearch",
    "IntendedFor": [
     "ses-V3/dwi/sub-20097_ses-V3_dwi.nii.gz"
    ],
    "InternalPulseSequenceName": "EPI2",
    "MRAcquisitionType": "2D",
    "MagneticFieldStrength": 3,
    "Manufacturer": "GE",
    "ManufacturersModelName": "DISCOVERY MR750",
    "Modality": "MR",
    "MultibandAccelerationFactor": 3,
    "PatientPosition": "HFS",
    "PercentPhaseFOV": 100,
    "PercentSampling": 100,
    "PhaseEncodingDirection": "j",
    "PhaseEncodingPolarityGE": "Flipped",
    "PixelBandwidth": 1785.71,
    "ProtocolName": "A2CPS 32ch HB 09/2/2022",
    "ReconMatrixPE": 140,
    "RepetitionTime": 4.1,
    "SAR": 0.235823,
    "ScanOptions": "CL_GEMS\\SAT_GEMS\\EDR_GEMS\\EPI_GEMS\\HYPERBAND_GEMS\\PFF\\FS",
    "ScanningSequence": "EP\\RM",
    "SequenceVariant": "NONE",
    "SeriesDescription": "REV_POL: DTI",
    "SeriesNumber": 311,
    "SliceThickness": 1.7,
    "SoftwareVersions": "29\\LX\\DV29.1_R02_2131.a",
    "SpacingBetweenSlices": 1.7,
    "StationName": "MR01MR01",
    "TotalReadoutTime": 0.106752,
    "dcmmeta_affine": [
     [
      -1.7143000364303589,
      0.0,
      0.0,
      117.29285430908203
     ],
     [
      0.0,
      1.7143000364303589,
      0.0,
      -113.51984405517578
     ],
     [
      0.0,
      0.0,
      1.6999969482421875,
      -17.549835205078125
     ],
     [
      0.0,
      0.0,
      0.0,
      1.0
     ]
    ],
    "dcmmeta_reorient_transform": [
     [
      0.0,
      -1.0,
      0.0,
      139.0
     ],
     [
      1.0,
      0.0,
      0.0,
      0.0
     ],
     [
      0.0,
      0.0,
      -1.0,
      80.0
     ],
     [
      0.0,
      0.0,
      0.0,
      1.0
     ]
    ],
    "dcmmeta_shape": [
     140,
     140,
     81
    ],
    "dcmmeta_slice_dim": 2,
    "dcmmeta_version": 0.6,
    "global": {
     "const": {
      "AcquisitionMatrix": [
       140,
       0,
       0,
       140
      ],
      "AcquisitionNumber": 1,
      "AcquisitionTime": "123144",
      "AnatomicRegionSequence": [
       {
        "CodeMeaning": "Brain",
        "CodeValue": "T-A0100",
        "CodingSchemeDesignator": "SRT"
       }
      ],
      "AngioFlag": "N",
      "BeatRejectionFlag": "Y",
      "BitsAllocated": 16,
      "BitsStored": 16,
      "BodyPartExamined": "BRAIN",
      "CardiacNumberOfImages": 0,
      "Columns": 140,
      "ContentTime": "123144",
      "EchoNumbers": 1,
      "EchoTime": 81.7,
      "EchoTrainLength": 1,
      "FlipAngle": 90.0,
      "GeometryOfKSpaceTraversal": "RECTILINEAR",
      "HeartRate": 0,
      "HighBit": 15,
      "ImageOrientationPatient": [
       1.0,
       -0.0,
       0.0,
       -0.0,
       1.0,
       0.0
      ],
      "ImageType": [
       "ORIGINAL",
       "PRIMARY",
       "OTHER"
      ],
      "ImagedNucleus": "1H",
      "ImagesInAcquisition": 16929,
      "ImagingFrequency": 127.767073,
      "InPlanePhaseEncodingDirection": "COL",
      "MRAcquisitionType": "2D",
      "MagneticFieldStrength": 3.0,
      "Manufacturer": "GE MEDICAL SYSTEMS",
      "ManufacturerModelName": "DISCOVERY MR750",
      "Modality": "MR",
      "NumberOfAverages": 1.0,
      "PercentPhaseFieldOfView": 100.0,
      "PercentSampling": 100.0,
      "PerformedLocation": "MR01",
      "PerformedProcedureStepStartTime": "122119",
      "PhotometricInterpretation": "MONOCHROME2",
      "PixelBandwidth": 1785.71,
      "PixelRepresentation": 1,
      "PixelSpacing": [
       1.7143,
       1.7143
      ],
      "ProtocolName": "A2CPS 32ch HB 09/2/2022",
      "ReceiveCoilName": "RM:Nova32ch",
      "ReconstructionDiameter": 240.0,
      "RectilinearPhaseEncodeReordering": "REVERSE_LINEAR",
      "ReferencedPerformedProcedureStepSequence": [
       {
        "ReferencedSOPClassUID": "1.2.840.10008.3.1.2.3.3",
        "ReferencedSOPInstanceUID": "1.2.840.113619.6.495.171421650416546950166447614475527267489"
       }
      ],
      "RepetitionTime": 4100.0,
      "Rows": 140,
      "SAR": 0.235823,
      "SamplesPerPixel": 1,
      "ScanOptions": [
       "CL_GEMS",
       "SAT_GEMS",
       "EDR_GEMS",
       "EPI_GEMS",
       "HYPERBAND_GEMS",
       "PFF",
       "FS"
      ],
      "ScanningSequence": [
       "EP",
       "RM"
      ],
      "SequenceVariant": "NONE",
      "SeriesDescription": "REV_POL: DTI",
      "SeriesNumber": 311,
      "SeriesTime": "123138",
      "SliceThickness": 1.7,
      "SmallestImagePixelValue": 0,
      "SoftwareVersions": [
       "29",
       "LX",
       "DV29.1_R02_2131.a"
      ],
      "SpacingBetweenSlices": 1.7,
      "SpecificCharacterSet": "ISO_IR 100",
      "StackID": "1",
      "StudyID": "11498",
      "StudyTime": "122447",
      "TriggerWindow": 0,
      "VariableFlipAngleFlag": "N"
     },
