{
  "AcquisitionMatrixPE": 140,
  "AcquisitionNumber": 1,
  "AcquisitionTime": "19:15:51.842500",
  "BandwidthPerPixelPhaseEncode": 10.352,
  "BaseResolution": 140,
  "BodyPartExamined": "BRAIN",
  "CoilCombinationMethod": "Adaptive Combine",
  "ConsistencyInfo": "N4_VE11C_LATEST_20160120",
  "ConversionSoftware": "dcm2niix",
  "ConversionSoftwareVersion": "v1.0.20211006",
  "DerivedVendorReportedEchoSpacing": 0.000689998,
  "DeviceSerialNumber": "66022",
  "DiffusionScheme": "Monopolar",
  "DwellTime": 2.1e-06,
  "EchoTime": 0.088,
  "EchoTrainLength": 105,
  "EffectiveEchoSpacing": 0.000689998,
  "FlipAngle": 90,
  "ImageOrientationPatientDICOM": [1, 0, 0, 0, 1, 0],
  "ImageOrientationText": "Tra",
  "ImageType": [
    "ORIGINAL",
    "PRIMARY",
    "DIFFUSION",
    "NONE",
    "ND"
],
  "ImagingFrequency": 123.257,
  "InPlanePhaseEncodingDirectionDICOM": "COL",
  "InstitutionAddress": "East Beltline NE 2750,Grand Rapids,MI,US,49503",
  "InstitutionName": "SPECTRUM HEALTH   ICCB",
  "InstitutionalDepartmentName": "Department",
  "MRAcquisitionType": "2D",
  "MagneticFieldStrength": 3,
  "Manufacturer": "Siemens",
  "ManufacturersModelName": "Prisma",
  "MatrixCoilMode": "SENSE",
  "Modality": "MR",
  "PartialFourier": 0.75,
  "PatientPosition": "HFS",
  "PercentPhaseFOV": 100,
  "PercentSampling": 100,
  "PhaseEncodingDirection": "j",
  "PhaseEncodingSteps": 105,
  "PhaseResolution": 1,
  "PixelBandwidth": 1700,
  "ProtocolName": "DWI_B0_PA",
  "PulseSequenceDetails": "%SiemensSeq%\\ep2d_diff",
  "ReceiveCoilActiveElements": "HE1-4;NE1,2",
  "ReceiveCoilName": "HeadNeck_64",
  "ReconMatrixPE": 140,
  "RepetitionTime": 12.3,
  "SAR": 0.0622964,
  "ScanOptions": "PFP\\FS",
  "ScanningSequence": "EP",
  "SequenceName": "*ep_b0",
  "SequenceVariant": "SK\\SP",
  "SeriesDescription": "DWI_B0_PA",
  "SeriesNumber": 4,
  "ShimSetting": [-1204, -11040, 2827, 170, 172, -367, 177, 35],
  "SliceThickness": 1.7,
  "SliceTiming": [0, 6.21875, 0.15625, 6.35938, 0.29688, 6.51562, 0.45312, 6.67188, 0.60938, 6.82812, 0.75, 6.96875, 0.90625, 7.125, 1.0625, 7.28125, 1.21875, 7.42188, 1.35938, 7.57812, 1.51562, 7.73438, 1.67188, 7.875, 1.8125, 8.03125, 1.96875, 8.1875, 2.125, 8.34375, 2.28125, 8.48438, 2.42188, 8.64062, 2.57812, 8.79688, 2.73438, 8.9375, 2.875, 9.09375, 3.03125, 9.25, 3.1875, 9.40625, 3.32812, 9.54688, 3.48438, 9.70312, 3.64062, 9.85938, 3.78125, 10, 3.9375, 10.1562, 4.09375, 10.3125, 4.25, 10.4531, 4.39062, 10.6094, 4.54688, 10.7656, 4.70312, 10.9062, 4.84375, 11.0625, 5, 11.2188, 5.15625, 11.375, 5.3125, 11.5156, 5.45312, 11.6719, 5.60938, 11.8281, 5.76562, 11.9688, 5.90625, 12.125, 6.0625],
  "SoftwareVersions": "syngo MR E11",
  "SpacingBetweenSlices": 1.7,
  "SpoilingState": true,
  "StationName": "AWP66022",
  "TotalReadoutTime": 0.0959097,
  "TxRefAmp": 162.826,
  "VendorReportedEchoSpacing": 0.00069,
  "dcmmeta_affine": [
    [-1.7142857313156128, 0.0, 0.0, 117.0],
    [0.0, 1.7142857313156128, 0.0, -110.18571472167969],
    [4.153714264903963e-12, -5.389714282516556e-12, 1.7000045776367188, -55.70036315917969],
    [0.0, 0.0, 0.0, 1.0]
],
  "dcmmeta_reorient_transform": [
    [0.0, -1.0, 0.0, 139.0],
    [1.0, 0.0, 0.0, 0.0],
    [0.0, 0.0, -1.0, 80.0],
    [0.0, 0.0, 0.0, 1.0]
],
  "dcmmeta_shape": [140, 140, 81],
  "dcmmeta_slice_dim": 2,
  "dcmmeta_version": 0.6,
  "global": {
    "const": {
      "AccessionNumber": "IC20220504",
      "AcquisitionMatrix": [140, 0, 0, 140],
      "AcquisitionNumber": 1,
      "AngioFlag": "N",
      "BitsAllocated": 16,
      "BitsStored": 12,
      "BodyPartExamined": "BRAIN",
      "Columns": 140,
      "EchoNumbers": 1,
      "EchoTime": 88.0,
      "EchoTrainLength": 105,
      "FlipAngle": 90.0,
      "HighBit": 11,
      "ImageOrientationPatient": [1.0, 0.0, 2.423e-12, 0.0, 1.0, 3.144e-12],
      "ImageType": [
        "ORIGINAL",
        "PRIMARY",
        "DIFFUSION",
        "NONE",
        "ND"
],
      "ImagedNucleus": "1H",
      "ImagingFrequency": 123.257391,
      "InPlanePhaseEncodingDirection": "COL",
      "MRAcquisitionType": "2D",
      "MagneticFieldStrength": 3.0,
      "Manufacturer": "SIEMENS",
      "ManufacturerModelName": "Prisma",
      "Modality": "MR",
      "NumberOfAverages": 1.0,
      "NumberOfPhaseEncodingSteps": 105,
      "PercentPhaseFieldOfView": 100.0,
      "PercentSampling": 100.0,
      "PerformedProcedureStepStartTime": "185609.191000",
      "PhotometricInterpretation": "MONOCHROME2",
      "PixelBandwidth": 1700.0,
      "PixelRepresentation": 0,
      "PixelSpacing": [1.7142857313156, 1.7142857313156],
      "ProtocolName": "DWI_B0_PA",
      "RepetitionTime": 12300.0,
      "Rows": 140,
      "SAR": 0.06229640277267,
      "SamplesPerPixel": 1,
      "ScanOptions": [
        "PFP",
        "FS"
],
      "ScanningSequence": "EP",
      "SequenceName": "*ep_b0",
      "SequenceVariant": [
        "SK",
        "SP"
],
      "SeriesDescription": "DWI_B0_PA",
      "SeriesNumber": 4,
      "SeriesTime": "191604.825000",
      "SliceThickness": 1.7000000476837,
      "SmallestImagePixelValue": 0,
      "SoftwareVersions": "syngo MR E11",
      "SpacingBetweenSlices": 1.7,
      "SpecificCharacterSet": "ISO_IR 100",
      "StudyID": "1",
      "StudyTime": "185609.123000",
      "TransmitCoilName": "Body",
      "VariableFlipAngleFlag": "N",
      "WindowCenterWidthExplanation": "Algo1",
      "dBdt": 0.0},
