{
  "AcquisitionMatrixPE": 208,
  "AcquisitionNumber": 1,
  "AcquisitionTime": "13:15:51.942500",
  "BaseResolution": 256,
  "BodyPartExamined": "BRAIN",
  "CoilCombinationMethod": "Sum of Squares",
  "ConsistencyInfo": "N4_VE11C_LATEST_20160120",
  "ConversionSoftware": "dcm2niix",
  "ConversionSoftwareVersion": "v1.0.20211006",
  "DeviceSerialNumber": "70032",
  "DwellTime": 8.1e-06,
  "EchoTime": 0.00606,
  "FlipAngle": 15,
  "ImageOrientationPatientDICOM": [1, 0, 0, 0, 1, 0],
  "ImageOrientationText": "Tra",
  "ImageType": [
    "ORIGINAL",
    "PRIMARY",
    "M",
    "NORM",
    "DIS2D"
],
  "ImagingFrequency": 123.218,
  "InPlanePhaseEncodingDirectionDICOM": "COL",
  "InstitutionAddress": "Ridge Ave. 2650 ,Evanston, IL,Chicago,US,60201",
  "InstitutionName": "EVANSTON HOSP",
  "InstitutionalDepartmentName": "Department",
  "MRAcquisitionType": "2D",
  "MagneticFieldStrength": 3,
  "Manufacturer": "Siemens",
  "ManufacturersModelName": "Skyra_fit",
  "MatrixCoilMode": "SENSE",
  "Modality": "MR",
  "NumberOfAverages": 2,
  "PartialFourier": 1,
  "PatientPosition": "HFS",
  "PercentPhaseFOV": 81.25,
  "PercentSampling": 100,
  "PhaseEncodingDirection": "j-",
  "PhaseEncodingSteps": 208,
  "PhaseResolution": 1,
  "PixelBandwidth": 240,
  "ProtocolName": "anat-T1w_acq-GRE",
  "PulseSequenceDetails": "%SiemensSeq%\\gre",
  "ReceiveCoilActiveElements": "HC3-7;NC1",
  "ReceiveCoilName": "HeadNeck_64",
  "ReconMatrixPE": 208,
  "RepetitionTime": 0.15,
  "SAR": 0.00104498,
  "ScanningSequence": "GR",
  "SequenceName": "*fl2d1r",
  "SequenceVariant": "SP",
  "SeriesDescription": "anat-T1w_acq-GRE",
  "SeriesNumber": 4,
  "ShimSetting": [-7331, 5536, 11541, -682, -195, -130, -33, -355],
  "SliceThickness": 5,
  "SliceTiming": [0, 0.08594, 0.01562, 0.10156, 0.03125, 0.11719, 0.04688, 0.13281, 0.07031],
  "SoftwareVersions": "syngo MR E11",
  "SpacingBetweenSlices": 5,
  "StationName": "MRC40210",
  "TxRefAmp": 196.257,
  "dcmmeta_affine": [
    [-0.859375, 0.0, 0.0, 112.18019104003906],
    [0.0, 0.859375, 0.0, -90.15380096435547],
    [0.0, 0.0, 5.0, -15.717572212219238],
    [0.0, 0.0, 0.0, 1.0]
],
  "dcmmeta_reorient_transform": [
    [0.0, -1.0, 0.0, 207.0],
    [1.0, 0.0, 0.0, 0.0],
    [0.0, 0.0, -1.0, 8.0],
    [0.0, 0.0, 0.0, 1.0]
],
  "dcmmeta_shape": [256, 208, 9],
  "dcmmeta_slice_dim": 2,
  "dcmmeta_version": 0.6,
  "global": {
    "const": {
      "AcquisitionMatrix": [256, 0, 0, 208],
      "AcquisitionNumber": 1,
      "AngioFlag": "N",
      "BitsAllocated": 16,
      "BitsStored": 12,
      "BodyPartExamined": "BRAIN",
      "Columns": 256,
      "EchoNumbers": 1,
      "EchoTime": 6.06,
      "EchoTrainLength": 1,
      "FlipAngle": 15.0,
      "HighBit": 11,
      "ImageOrientationPatient": [1.0, 0.0, 0.0, 0.0, 1.0, 0.0],
      "ImageType": [
        "ORIGINAL",
        "PRIMARY",
        "M",
        "NORM",
        "DIS2D"
],
      "ImagedNucleus": "1H",
      "ImagingFrequency": 123.217781,
      "InPlanePhaseEncodingDirection": "COL",
      "MRAcquisitionType": "2D",
      "MagneticFieldStrength": 3.0,
      "Manufacturer": "SIEMENS",
      "ManufacturerModelName": "Skyra_fit",
      "Modality": "MR",
      "NumberOfAverages": 2.0,
      "NumberOfPhaseEncodingSteps": 208,
      "PercentPhaseFieldOfView": 81.25,
      "PercentSampling": 100.0,
      "PerformedProcedureStepStartTime": "130607.568000",
      "PhotometricInterpretation": "MONOCHROME2",
      "PixelBandwidth": 240.0,
      "PixelRepresentation": 0,
      "PixelSpacing": [0.859375, 0.859375],
      "ProtocolName": "anat-T1w_acq-GRE",
      "ReferencedPerformedProcedureStepSequence": [
        {
          "ReferencedSOPClassUID": "1.2.840.10008.3.1.2.3.3",
          "ReferencedSOPInstanceUID": "1.3.12.2.1107.5.2.42.70032.30000022060115375187000000002"}
],
      "RepetitionTime": 150.0,
      "Rows": 208,
      "SAR": 0.00104498121513,
      "SamplesPerPixel": 1,
      "ScanningSequence": "GR",
      "SequenceName": "*fl2d1r",
      "SequenceVariant": "SP",
      "SeriesDescription": "anat-T1w_acq-GRE",
      "SeriesNumber": 4,
      "SeriesTime": "131654.984000",
      "SliceThickness": 5.0,
      "SmallestImagePixelValue": 0,
      "SoftwareVersions": "syngo MR E11",
      "SpacingBetweenSlices": 5.0,
      "SpecificCharacterSet": "ISO_IR 100",
      "StudyID": "1",
      "StudyTime": "130607.471000",
      "TransmitCoilName": "Body",
      "VariableFlipAngleFlag": "N",
      "WindowCenterWidthExplanation": "Algo1",
      "dBdt": 0.0},
    "slices": {
      "AcquisitionTime": ["131551.942500", "131552.042500", "131551.992500"],
      "ContentTime": ["131654.987000", "131654.991000", "131654.989000"],
      "CsaImage.ICE_Dims": [
        "X_1_1_1_1_1_1_1_1_1_1_1_124",
        "X_1_1_1_1_1_1_3_1_1_2_1_124",
        "X_1_1_1_1_1_1_2_1_1_3_1_124"
],
      "CsaImage.ProtocolSliceNumber": [0, 1, 2],
      "CsaImage.SlicePosition_PCS": [
        [-112.18018794, -87.73682535, -4.71757221],
        [-112.18018794, -87.73682535, 0.28242782],
        [-112.18018794, -87.73682535, 5.28242779]
],
      "ImagePositionPatient": [
        [-112.1801879406, -87.736825346947, -15.717572212219],
        [-112.1801879406, -87.736825346947, -10.717572182417],
        [-112.1801879406, -87.736825346947, -5.7175722122192]
],
      "InstanceCreationTime": ["131654.987000", "131654.991000", "131654.989000"],
      "InstanceNumber": [1, 2, 3],
      "LargestImagePixelValue": [1798, 1757, 1816],
      "SliceLocation": [-15.717572212219, -10.717572182417, -5.7175722122192],
      "WindowCenter": [1162.0, 1154.0, 1171.0],
      "WindowWidth": [2217.0, 2175.0, 2233.0]
    }
  }
}