{
  "AcquisitionMatrixPE": 90,
  "AcquisitionNumber": 1,
  "AcquisitionTime": "15:49:5.542500",
  "BandwidthPerPixelPhaseEncode": 30.864,
  "BaseResolution": 90,
  "CoilCombinationMethod": "Sum of Squares",
  "CoilString": "C:HEA;HEP",
  "ConversionSoftware": "dcm2niix",
  "ConversionSoftwareVersion": "v1.0.20211006",
  "DerivedVendorReportedEchoSpacing": 0.000720005,
  "DeviceSerialNumber": "40292",
  "DwellTime": 3.3e-06,
  "EchoTime": 0.03,
  "EffectiveEchoSpacing": 0.000360002,
  "FlipAngle": 52,
  "ImageComments": "Unaliased MB6/PE4\r\nWS20100V1",
  "ImageOrientationPatientDICOM": [1, 0, 0, 0, 1, 0],
  "ImageOrientationText": "Tra",
  "ImageType": [
    "ORIGINAL",
    "PRIMARY",
    "M",
    "MB",
    "ND",
    "MOSAIC"
],
  "ImagingFrequency": 123.234,
  "InPlanePhaseEncodingDirectionDICOM": "COL",
  "InstitutionAddress": "SJohn R. Stre3990,Detroit ,District,US,48201",
  "InstitutionName": "Wayne State Research Facility 3T",
  "InstitutionalDepartmentName": "Department",
  "MRAcquisitionType": "2D",
  "MagneticFieldStrength": 3,
  "Manufacturer": "Siemens",
  "ManufacturersModelName": "Verio",
  "MatrixCoilMode": "GRAPPA",
  "Modality": "MR",
  "MultibandAccelerationFactor": 6,
  "ParallelReductionFactorInPlane": 2,
  "PartialFourier": 1,
  "PatientPosition": "HFS",
  "PercentPhaseFOV": 100,
  "PercentSampling": 100,
  "PhaseEncodingDirection": "j-",
  "PhaseEncodingSteps": 90,
  "PhaseResolution": 1,
  "PixelBandwidth": 1684,
  "ProcedureStepDescription": "ZAHID_RESEARCH^A2CP - CHRONIC PAIN 01252021",
  "ProtocolName": "CUFF1",
  "PulseSequenceDetails": "%CustomerSeq%\\cmrr_mbep2d_bold",
  "ReceiveCoilName": "32Ch_Head",
  "ReconMatrixPE": 90,
  "RefLinesPE": 24,
  "RepetitionTime": 0.8,
  "SAR": 0.0690677,
  "ScanOptions": "FS",
  "ScanningSequence": "EP",
  "SequenceName": "epfid2d1_90",
  "SequenceVariant": "SK\\SS",
  "SeriesDescription": "CUFF1",
  "SeriesNumber": 10,
  "ShimSetting": [4715, 13928, 1610, 248, -254, -482, 486, 176],
  "SliceThickness": 2.4,
  "SliceTiming": [0, 0.08, 0.16, 0.24, 0.32, 0.4, 0.48, 0.56, 0.64, 0.7225, 0, 0.08, 0.16, 0.24, 0.32, 0.4, 0.48, 0.56, 0.64, 0.7225, 0, 0.08, 0.16, 0.24, 0.32, 0.4, 0.48, 0.56, 0.64, 0.7225, 0, 0.08, 0.16, 0.24, 0.32, 0.4, 0.48, 0.56, 0.64, 0.7225, 0, 0.08, 0.16, 0.24, 0.32, 0.4, 0.48, 0.56, 0.64, 0.7225, 0, 0.08, 0.16, 0.24, 0.32, 0.4, 0.48, 0.56, 0.64, 0.7225],
  "SoftwareVersions": "syngo MR B17",
  "SpacingBetweenSlices": 2.4,
  "StationName": "MRC40292",
  "TaskName": "cuff",
  "TotalReadoutTime": 0.0320402,
  "TxRefAmp": 453.108,
  "dcmmeta_affine": [
    [-2.4000000953674316, 0.0, 0.0, 106.07254791259766],
    [0.0, 2.4000000953674316, 0.0, -108.11922454833984],
    [0.0, 0.0, 2.4000000953674316, -60.1010627746582],
    [0.0, 0.0, 0.0, 1.0]
],
  "dcmmeta_reorient_transform": [
    [0.0, -1.0, 0.0, 89.0],
    [1.0, 0.0, 0.0, 0.0],
    [0.0, 0.0, 1.0, 0.0],
    [0.0, 0.0, 0.0, 1.0]
],
  "dcmmeta_shape": [90, 90, 60, 450],
  "dcmmeta_slice_dim": 2,
  "dcmmeta_version": 0.6,
  "global": {
    "const": {
      "AcquisitionMatrix": [90, 0, 0, 90],
      "AngioFlag": "N",
      "BitsAllocated": 16,
      "BitsStored": 12,
      "Columns": 720,
      "EchoNumbers": 1,
      "EchoTime": 30.0,
      "EchoTrainLength": 1,
      "FlipAngle": 52.0,
      "HighBit": 11,
      "ImageOrientationPatient": [1.0, 0.0, 0.0, 0.0, 1.0, 0.0],
      "ImagePositionPatient": [-862.07258045673, -861.4808113575, -60.101062774658],
      "ImageType": [
        "ORIGINAL",
        "PRIMARY",
        "M",
        "MB",
        "ND",
        "MOSAIC"
],
      "ImagedNucleus": "1H",
      "ImagingFrequency": 123.234307,
      "InPlanePhaseEncodingDirection": "COL",
      "MRAcquisitionType": "2D",
      "MagneticFieldStrength": 3.0,
      "Manufacturer": "SIEMENS",
      "ManufacturerModelName": "Verio",
      "Modality": "MR",
      "NumberOfAverages": 1.0,
      "NumberOfPhaseEncodingSteps": 90,
      "PercentPhaseFieldOfView": 100.0,
      "PercentSampling": 100.0,
      "PerformedProcedureStepStartTime": "145910.390000",
      "PhotometricInterpretation": "MONOCHROME2",
      "PixelBandwidth": 1684.0,
      "PixelRepresentation": 0,
      "PixelSpacing": [2.4000000953674, 2.4000000953674],
      "ProtocolName": "CUFF1",
      "RepetitionTime": 800.0,
      "Rows": 720,
      "SAR": 0.06906767497639,
      "SamplesPerPixel": 1,
      "ScanOptions": "FS",
      "ScanningSequence": "EP",
      "SequenceName": "epfid2d1_90",
      "SequenceVariant": [
        "SK",
        "SS"
],
      "SeriesDescription": "CUFF1",
      "SeriesNumber": 10,
      "SeriesTime": "154955.453000",
      "SliceLocation": -60.101062774658,
      "SliceThickness": 2.4000000953674,
      "SmallestImagePixelValue": 0,
      "SoftwareVersions": "syngo MR B17",
      "SpacingBetweenSlices": 2.4000000387935,
      "SpecificCharacterSet": "ISO_IR 100",
      "StudyID": "1",
      "StudyTime": "145910.375000",
      "TransmitCoilName": "Body",
      "VariableFlipAngleFlag": "N",
      "WindowCenterWidthExplanation": "Algo1",
      "dBdt": 0.0},
