{
  "AcquisitionMatrixPE": 256,
  "AcquisitionNumber": 2,
  "AcquisitionTime": "14:39:10.770000",
  "BodyPartExamined": "BRAIN",
  "CoilString": "MULTI COIL",
  "ConversionSoftware": "dcm2niix",
  "ConversionSoftwareVersion": "v1.0.20211006",
  "DeviceSerialNumber": "71399",
  "EchoTime": 0.002999,
  "EchoTrainLength": 150,
  "EstimatedEffectiveEchoSpacing": 1.6196e-05,
  "EstimatedTotalReadoutTime": 0.00412997,
  "FlipAngle": 8,
  "ImageOrientationPatientDICOM": [0, 1, 0, 0, 0, -1],
  "ImageType": [
    "ORIGINAL",
    "PRIMARY",
    "M",
    "FFE",
    "M",
    "FFE"
],
  "ImagingFrequency": 127.767,
  "InPlanePhaseEncodingDirectionDICOM": "ROW",
  "InstitutionAddress": "5835 S. Cottage Grove",
  "InstitutionName": "UNIVERSITY OF CHICAGO MEDICAL CENTER",
  "InstitutionalDepartmentName": "BRIC",
  "MRAcquisitionType": "3D",
  "MTState": false,
  "MagneticFieldStrength": 3,
  "Manufacturer": "Philips",
  "ManufacturersModelName": "Ingenia",
  "Modality": "MR",
  "ParallelAcquisitionTechnique": "SENSE",
  "ParallelReductionFactorInPlane": 2,
  "PatientPosition": "HFS",
  "PercentPhaseFOV": 93.75,
  "PercentSampling": 78.5398,
  "PhaseEncodingAxis": "i",
  "PhaseEncodingSteps": 256,
  "PhilipsRWVIntercept": 0,
  "PhilipsRWVSlope": 3.96703,
  "PhilipsRescaleIntercept": 0,
  "PhilipsRescaleSlope": 3.96703,
  "PhilipsScaleSlope": 0.0045314,
  "PixelBandwidth": 241,
  "ProtocolName": "WIP T1_MPRAGE",
  "ReconMatrixPE": 256,
  "RepetitionTime": 0.0066582,
  "SAR": 0.0254814,
  "ScanOptions": "OTHER",
  "ScanningSequence": "GR",
  "SequenceVariant": "MP",
  "SeriesDescription": "T1_MPRAGE",
  "SeriesNumber": 201,
  "SliceThickness": 1,
  "SoftwareVersions": "5.6.1\\5.6.1.0",
  "SpacingBetweenSlices": 1,
  "SpoilingState": true,
  "SpoilingType": "COMBINED",
  "StationName": "HOST-1O4ONO2CHP",
  "UsePhilipsFloatNotDisplayScaling": 1,
  "WaterFatShift": 1.80605,
  "dcmmeta_affine": [
    [1.0, 0.0, 0.0, -111.3800048828125],
    [0.0, 1.0, 0.0, -105.7552719116211],
    [0.0, 0.0, 1.0, -126.56815338134766],
    [0.0, 0.0, 0.0, 1.0]
],
  "dcmmeta_reorient_transform": [
    [0.0, 0.0, -1.0, 255.0],
    [0.0, -1.0, 0.0, 255.0],
    [-1.0, 0.0, 0.0, 224.0],
    [0.0, 0.0, 0.0, 1.0]
],
  "dcmmeta_shape": [225, 256, 256],
  "dcmmeta_slice_dim": 0,
  "dcmmeta_version": 0.6,
  "global": {
    "const": {
      "AcquisitionDuration": 337.56787109375,
      "AcquisitionMatrix": [0, 256, 256, 0],
      "AcquisitionNumber": 2,
      "AcquisitionTime": "143910.77",
      "B1rms": 0.6123404502868652,
      "BitsAllocated": 16,
      "BitsStored": 12,
      "BodyPartExamined": "BRAIN",
      "Columns": 256,
      "ContentTime": "143910.77",
      "DiffusionBValue": 0.0,
      "DiffusionGradientOrientation": [0.0, 0.0, 0.0],
      "EchoNumbers": 1,
      "EchoTime": 2.999,
      "EchoTrainLength": 150,
      "FlipAngle": 8.0,
      "HeartRate": 0,
      "HighBit": 11,
      "HighRRValue": 0,
      "ImageOrientationPatient": [0.0, 1.0, 0.0, 0.0, 0.0, -1.0],
      "ImageType": [
        "ORIGINAL",
        "PRIMARY",
        "M_FFE",
        "M",
        "FFE"
],
      "ImagedNucleus": "1H",
      "ImagingFrequency": 127.767232,
      "InPlanePhaseEncodingDirection": "ROW",
      "IntervalsAcquired": 0,
      "IntervalsRejected": 0,
      "IssueTimeOfImagingServiceRequest": "143404.513",
      "LowRRValue": 0,
      "MRAcquisitionType": "3D",
      "MagneticFieldStrength": 3.0,
      "Manufacturer": "Philips",
      "ManufacturerModelName": "Ingenia",
      "Modality": "MR",
      "NumberOfAverages": 1.0,
      "NumberOfPhaseEncodingSteps": 256,
      "NumberOfTemporalPositions": 1,
      "PercentPhaseFieldOfView": 93.75,
      "PercentSampling": 78.5398178100586,
      "PerformedProcedureStepEndTime": "143404",
      "PerformedProcedureStepStartTime": "143404",
      "PerformedProtocolCodeSequence": [
        {
          "CodeMeaning": "UNDEFINED",
          "CodeValue": "UNDEFINED",
          "CodingSchemeDesignator": "UNDEFINED",
          "ContextGroupExtensionFlag": "N"
        }
],
      "PhotometricInterpretation": "MONOCHROME2",
      "PixelBandwidth": 241.0,
      "PixelRepresentation": 0,
      "PixelSpacing": [1.0, 1.0],
      "PregnancyStatus": 1,
      "PresentationLUTShape": "IDENTITY",
      "ProtocolName": "WIP T1_MPRAGE",
      "RealWorldValueMappingSequence": [
        {
          "LUTExplanation": "Real World Value Mapping for normalized",
          "LUTLabel": "Philips",
          "MeasurementUnitsCodeSequence": [
            {
              "CodeMeaning": "no units",
              "CodeValue": "1",
              "CodingSchemeDesignator": "UCUM",
              "ContextUID": "1.2.840.10008.6.1.918"}
],
          "RealWorldValueFirstValueMapped": 0,
          "RealWorldValueIntercept": 0.0,
          "RealWorldValueLastValueMapped": 4095,
          "RealWorldValueSlope": 3.967032967032967}
],
      "ReceiveCoilName": "MULTI COIL",
      "ReconstructionDiameter": 256.0,
      "ReferencedPerformedProcedureStepSequence": [
        {
          "InstanceCreationDate": "20211220",
          "InstanceCreationTime": "143404.888",
          "InstanceCreatorUID": "1.3.46.670589.11.89.5",
          "InstanceNumber": 0,
          "ReferencedSOPClassUID": "1.2.840.10008.3.1.2.3.3",
          "ReferencedSOPInstanceUID": "1.3.46.670589.11.71399.5.0.13416.2021122014340488005"}
],
      "RepetitionTime": 6.65819978713989,
      "RescaleIntercept": 0.0,
      "RescaleSlope": 3.96703296703296,
      "RescaleType": "normalized",
      "Rows": 256,
      "SAR": 0.02548142895102,
      "SamplesPerPixel": 1,
      "ScanOptions": "OTHER",
      "ScanningSequence": "GR",
      "SequenceVariant": "MP",
      "SeriesDescription": "T1_MPRAGE",
      "SeriesNumber": 201,
      "SeriesTime": "143846.36000",
      "SliceThickness": 1.0,
      "SoftwareVersions": ["5.6.1", "5.6.1.0"],
      "SpacingBetweenSlices": 1.0,
      "SpecificCharacterSet": "ISO_IR 100",
      "StudyID": "664058043",
      "StudyTime": "143404",
      "TemporalPositionIdentifier": 1,
      "dBdt": 120.669853210449},
