{
 "AcquisitionMatrixPE": 90,
 "AcquisitionNumber": 1,
 "AcquisitionTime": "13:43:12.442500",
 "BandwidthPerPixelPhaseEncode": 52.083,
 "BaseResolution": 90,
 "CoilCombinationMethod": "Sum of Squares",
 "CoilString": "C:HEA;HEP",
 "ConversionSoftware": "dcm2niix",
 "ConversionSoftwareVersion": "v1.0.20211006",
 "DerivedVendorReportedEchoSpacing": 0.000640004,
 "DeviceSerialNumber": "40292",
 "DwellTime": 3e-06,
 "EchoTime": 0.058,
 "EffectiveEchoSpacing": 0.000213335,
 "FlipAngle": 90,
 "ImageComments": "WS20064V1",
 "ImageOrientationPatientDICOM": [
  1,
  0,
  0,
  0,
  1,
  0
 ],
 "ImageOrientationText": "Tra",
 "ImageType": [
  "ORIGINAL",
  "PRIMARY",
  "M",
  "ND",
  "MOSAIC"
 ],
 "ImagingFrequency": 123.234,
 "InPlanePhaseEncodingDirectionDICOM": "COL",
 "InstitutionAddress": "SJohn R. Stre3990,Detroit ,District,US,48201",
 "InstitutionName": "Wayne State Research Facility 3T",
 "InstitutionalDepartmentName": "Department",
 "IntendedFor": [
  "ses-V1/func/sub-20064_ses-V1_task-cuff_run-01_bold.nii.gz",
  "ses-V1/func/sub-20064_ses-V1_task-cuff_run-02_bold.nii.gz",
  "ses-V1/func/sub-20064_ses-V1_task-rest_run-01_bold.nii.gz",
  "ses-V1/func/sub-20064_ses-V1_task-rest_run-02_bold.nii.gz"
 ],
 "MRAcquisitionType": "2D",
 "MagneticFieldStrength": 3,
 "Manufacturer": "Siemens",
 "ManufacturersModelName": "Verio",
 "MatrixCoilMode": "GRAPPA",
 "Modality": "MR",
 "ParallelReductionFactorInPlane": 3,
 "PartialFourier": 0.875,
 "PatientPosition": "HFS",
 "PercentPhaseFOV": 100,
 "PercentSampling": 100,
 "PhaseEncodingDirection": "j-",
 "PhaseEncodingSteps": 80,
 "PhaseResolution": 1,
 "PixelBandwidth": 1852,
 "ProcedureStepDescription": "ZAHID_RESEARCH^A2CP - CHRONIC PAIN 01252021",
 "ProtocolName": "FMRI_B0_AP",
 "PulseSequenceDetails": "%CustomerSeq%\\cmrr_mbep2d_se",
 "ReceiveCoilName": "32Ch_Head",
 "ReconMatrixPE": 90,
 "RefLinesPE": 36,
 "RepetitionTime": 6,
 "SAR": 0.186259,
 "ScanOptions": "PFP\\FS",
 "ScanningSequence": "EP",
 "SequenceName": "epse2d1_90",
 "SequenceVariant": "SK",
 "SeriesDescription": "FMRI_B0_AP",
 "SeriesNumber": 7,
 "ShimSetting": [
  4676,
  14051,
  1522,
  -33,
  -173,
  -96,
  403,
  120
 ],
 "SliceThickness": 2.4,
 "SliceTiming": [
  0,
  0.1025,
  0.2025,
  0.3025,
  0.4025,
  0.5025,
  0.6025,
  0.705,
  0.805,
  0.905,
  1.005,
  1.105,
  1.205,
  1.305,
  1.4075,
  1.5075,
  1.6075,
  1.7075,
  1.8075,
  1.9075,
  2.01,
  2.11,
  2.21,
  2.31,
  2.41,
  2.51,
  2.6125,
  2.7125,
  2.8125,
  2.9125,
  3.0125,
  3.1125,
  3.2125,
  3.315,
  3.415,
  3.515,
  3.615,
  3.715,
  3.815,
  3.9175,
  4.0175,
  4.1175,
  4.2175,
  4.3175,
  4.4175,
  4.5175,
  4.62,
  4.72,
  4.82,
  4.92,
  5.02,
  5.12,
  5.2225,
  5.3225,
  5.4225,
  5.5225,
  5.6225,
  5.7225,
  5.825,
  5.925
 ],
 "SoftwareVersions": "syngo MR B17",
 "SpacingBetweenSlices": 2.4,
 "StationName": "MRC40292",
 "TotalReadoutTime": 0.0189868,
 "TxRefAmp": 488.195,
 "dcmmeta_affine": [
  [
   -2.4000000953674316,
   0.0,
   0.0,
   112.58021545410156
  ],
  [
   0.0,
   2.4000000953674316,
   0.0,
   -116.25379943847656
  ],
  [
   0.0,
   0.0,
   2.3999998569488525,
   -64.9818115234375
  ],
  [
   0.0,
   0.0,
   0.0,
   1.0
  ]
 ],
 "dcmmeta_reorient_transform": [
  [
   0.0,
   -1.0,
   0.0,
   89.0
  ],
  [
   1.0,
   0.0,
   0.0,
   0.0
  ],
  [
   0.0,
   0.0,
   1.0,
   0.0
  ],
  [
   0.0,
   0.0,
   0.0,
   1.0
  ]
 ],
 "dcmmeta_shape": [
  90,
  90,
  60
 ],
 "dcmmeta_slice_dim": 2,
 "dcmmeta_version": 0.6,
 "global": {
  "const": {
   "AcquisitionMatrix": [
    90,
    0,
    0,
    90
   ],
   "AngioFlag": "N",
   "BitsAllocated": 16,
   "BitsStored": 12,
   "Columns": 720,
   "ContentTime": "134332.031000",
   "EchoNumbers": 1,
   "EchoTime": 58.0,
   "EchoTrainLength": 1,
   "FlipAngle": 90.0,
   "HighBit": 11,
   "ImageOrientationPatient": [
    1.0,
    0.0,
    0.0,
    0.0,
    1.0,
    0.0
   ],
   "ImagePositionPatient": [
    -868.58024168015,
    -853.34623527527,
    -64.981811523438
   ],
   "ImageType": [
    "ORIGINAL",
    "PRIMARY",
    "M",
    "ND",
    "MOSAIC"
   ],
   "ImagedNucleus": "1H",
   "ImagingFrequency": 123.234242,
   "InPlanePhaseEncodingDirection": "COL",
   "InstanceCreationTime": "134332.031000",
   "MRAcquisitionType": "2D",
   "MagneticFieldStrength": 3.0,
   "Manufacturer": "SIEMENS",
   "ManufacturerModelName": "Verio",
   "Modality": "MR",
   "NumberOfAverages": 1.0,
   "NumberOfPhaseEncodingSteps": 80,
   "PercentPhaseFieldOfView": 100.0,
   "PercentSampling": 100.0,
   "PerformedProcedureStepStartTime": "131453.546000",
   "PhotometricInterpretation": "MONOCHROME2",
   "PixelBandwidth": 1852.0,
   "PixelRepresentation": 0,
   "PixelSpacing": [
    2.4000000953674,
    2.4000000953674
   ],
   "ProtocolName": "FMRI_B0_AP",
   "RepetitionTime": 6000.0,
   "Rows": 720,
   "SAR": 0.18625877515195,
   "SamplesPerPixel": 1,
   "ScanOptions": [
    "PFP",
    "FS"
   ],
   "ScanningSequence": "EP",
   "SequenceName": "epse2d1_90",
   "SequenceVariant": "SK",
   "SeriesDescription": "FMRI_B0_AP",
   "SeriesNumber": 7,
   "SeriesTime": "134332.031000",
   "SliceLocation": -64.981811523438,
   "SliceThickness": 2.4000000953674,
   "SmallestImagePixelValue": 0,
   "SoftwareVersions": "syngo MR B17",
   "SpacingBetweenSlices": 2.3999999741376,
   "SpecificCharacterSet": "ISO_IR 100",
   "StudyID": "1",
   "StudyTime": "131453.500000",
   "TransmitCoilName": "Body",
   "VariableFlipAngleFlag": "N",
   "WindowCenterWidthExplanation": "Algo1",
   "dBdt": 0.0
  },
  "slices": {}
 },
 "time": {
  "samples": {
   "AcquisitionNumber": [
    1,
    2,
    3
   ],
   "AcquisitionTime": [
    "134312.442500",
    "134318.467500",
    "134324.492500"
   ],
   "InstanceNumber": [
    1,
    2,
    3
   ],
   "LargestImagePixelValue": [
    3769,
    3709,
    3782
   ],
   "WindowCenter": [
    563.0,
    562.0,
    566.0
   ],
   "WindowWidth": [
    1248.0,
    1245.0,
    1258.0
   ]
  },
  "slices": {}
 }
}