{
  "AcquisitionMatrixPE": 130,
  "AcquisitionNumber": 1,
  "AcquisitionTime": "14:59:14.347500",
  "BandwidthPerPixelPhaseEncode": 8.097,
  "BaseResolution": 130,
  "CoilCombinationMethod": "Sum of Squares",
  "CoilString": "C:HEA;HEP",
  "ConversionSoftware": "dcm2niix",
  "ConversionSoftwareVersion": "v1.0.20211006",
  "DerivedVendorReportedEchoSpacing": 0.00095002,
  "DeviceSerialNumber": "40292",
  "DiffusionScheme": "Monopolar",
  "DwellTime": 3.4e-06,
  "EchoTime": 0.0972,
  "EffectiveEchoSpacing": 0.000950019,
  "FlipAngle": 90,
  "ImageOrientationPatientDICOM": [1, 0, 0, 0, 1, 0],
  "ImageOrientationText": "Tra",
  "ImageType": [
    "ORIGINAL",
    "PRIMARY",
    "DIFFUSION",
    "NONE",
    "ND"
],
  "ImagingFrequency": 123.234,
  "InPlanePhaseEncodingDirectionDICOM": "COL",
  "InstitutionAddress": "SJohn R. Stre3990,Detroit ,District,US,48201",
  "InstitutionName": "Wayne State Research Facility 3T",
  "InstitutionalDepartmentName": "Department",
  "MRAcquisitionType": "2D",
  "MagneticFieldStrength": 3,
  "Manufacturer": "Siemens",
  "ManufacturersModelName": "Verio",
  "MatrixCoilMode": "SENSE",
  "Modality": "MR",
  "PartialFourier": 0.75,
  "PatientPosition": "HFS",
  "PercentPhaseFOV": 100,
  "PercentSampling": 100,
  "PhaseEncodingDirection": "j-",
  "PhaseEncodingSteps": 98,
  "PhaseResolution": 1,
  "PixelBandwidth": 1131,
  "ProcedureStepDescription": "ZAHID_RESEARCH^A2CP - CHRONIC PAIN 01252021",
  "ProtocolName": "DWI_b1000",
  "PulseSequenceDetails": "%CustomerSeq%\\cmrr_mbep2d_diff",
  "ReceiveCoilName": "32Ch_Head",
  "ReconMatrixPE": 130,
  "RepetitionTime": 2,
  "SAR": 0.0212778,
  "ScanOptions": "PFP\\FS",
  "ScanningSequence": "EP",
  "SequenceName": "ep_b1000#1",
  "SequenceVariant": "SK\\SS",
  "SeriesDescription": "DWI_b1000",
  "SeriesNumber": 3,
  "ShimSetting": [4727, 14100, 1103, 184, -183, 432, -200, 541],
  "SliceThickness": 5,
  "SliceTiming": [0, 1.34375, 0.67188],
  "SoftwareVersions": "syngo MR B17",
  "SpacingBetweenSlices": 6,
  "StationName": "MRC40292",
  "TotalReadoutTime": 0.122553,
  "TxRefAmp": 310.521,
  "dcmmeta_affine": [
    [-1.692307710647583, 0.0, 0.0, 114.68404388427734],
    [0.0, 1.692307710647583, 0.0, -127.04385375976562],
    [0.0, 0.0, 6.0, -6.0],
    [0.0, 0.0, 0.0, 1.0]
],
  "dcmmeta_reorient_transform": [
    [0.0, -1.0, 0.0, 129.0],
    [1.0, 0.0, 0.0, 0.0],
    [0.0, 0.0, -1.0, 2.0],
    [0.0, 0.0, 0.0, 1.0]
],
  "dcmmeta_shape": [130, 130, 3, 12],
  "dcmmeta_slice_dim": 2,
  "dcmmeta_version": 0.6,
  "global": {
    "const": {
      "AcquisitionMatrix": [130, 0, 0, 130],
      "AngioFlag": "N",
      "BitsAllocated": 16,
      "BitsStored": 12,
      "Columns": 130,
      "EchoNumbers": 1,
      "EchoTime": 97.2,
      "EchoTrainLength": 1,
      "FlipAngle": 90.0,
      "HighBit": 11,
      "ImageOrientationPatient": [1.0, 0.0, 0.0, 0.0, 1.0, 0.0],
      "ImageType": [
        "ORIGINAL",
        "PRIMARY",
        "DIFFUSION",
        "NONE",
        "ND"
],
      "ImagedNucleus": "1H",
      "ImagingFrequency": 123.234466,
      "InPlanePhaseEncodingDirection": "COL",
      "MRAcquisitionType": "2D",
      "MagneticFieldStrength": 3.0,
      "Manufacturer": "SIEMENS",
      "ManufacturerModelName": "Verio",
      "Modality": "MR",
      "NumberOfAverages": 1.0,
      "NumberOfPhaseEncodingSteps": 98,
      "PercentPhaseFieldOfView": 100.0,
      "PercentSampling": 100.0,
      "PerformedProcedureStepStartTime": "145617.078000",
      "PhotometricInterpretation": "MONOCHROME2",
      "PixelBandwidth": 1131.0,
      "PixelRepresentation": 0,
      "PixelSpacing": [1.6923077106476, 1.6923077106476],
      "ProtocolName": "DWI_b1000",
      "RepetitionTime": 2000.0,
      "Rows": 130,
      "SAR": 0.02127783976148,
      "SamplesPerPixel": 1,
      "ScanOptions": [
        "PFP",
        "FS"
],
      "ScanningSequence": "EP",
      "SequenceVariant": [
        "SK",
        "SS"
],
      "SeriesDescription": "DWI_b1000",
      "SeriesNumber": 3,
      "SeriesTime": "145938.546000",
      "SliceThickness": 5.0,
      "SoftwareVersions": "syngo MR B17",
      "SpacingBetweenSlices": 6.0,
      "SpecificCharacterSet": "ISO_IR 100",
      "StudyID": "2",
      "StudyTime": "145617.062000",
      "TransmitCoilName": "Body",
      "VariableFlipAngleFlag": "N",
      "WindowCenterWidthExplanation": "Algo1",
      "dBdt": 0.0},
    "slices": {
      "AcquisitionTime": ["145914.347500", "145915.685000", "145915.017500", "145916.355000", "145917.695000", "145917.025000", "145918.362500", "145919.702500", "145919.032500", "145920.372500", "145921.710000", "145921.040000", "145922.380000", "145923.717500", "145923.050000", "145924.387500", "145925.725000", "145925.057500", "145926.395000", "145927.735000", "145927.065000", "145928.405000", "145929.742500", "145929.072500", "145930.412500", "145931.750000", "145931.080000", "145932.420000", "145933.757500", "145933.090000", "145934.427500", "145935.767500", "145935.097500", "145936.435000", "145937.775000", "145937.105000"],
      "ContentTime": ["145938.546000", "145938.546000", "145938.546000", "145938.546000", "145938.546000", "145938.546000", "145938.562000", "145938.562000", "145938.562000", "145938.562000", "145938.562000", "145938.562000", "145938.562000", "145938.578000", "145938.578000", "145938.578000", "145938.578000", "145938.578000", "145938.578000", "145938.593000", "145938.578000", "145938.593000", "145938.593000", "145938.593000", "145938.593000", "145938.593000", "145938.593000", "145938.593000", "145938.593000", "145938.593000", "145938.593000", "145938.609000", "145938.593000", "145938.609000", "145938.609000", "145938.609000"],
      "CsaImage.ICE_Dims": [
        "X_1_1_1_1_1_1_1_1_1_1_1_84",
        "X_1_1_1_1_1_1_3_1_1_2_1_84",
        "X_1_1_1_1_1_1_2_1_1_3_1_84",
        "X_1_1_1_2_1_1_1_1_1_1_1_84",
        "X_1_1_1_2_1_1_3_1_1_2_1_84",
        "X_1_1_1_2_1_1_2_1_1_3_1_84",
        "X_1_1_1_3_1_1_1_1_1_1_1_84",
        "X_1_1_1_3_1_1_3_1_1_2_1_84",
        "X_1_1_1_3_1_1_2_1_1_3_1_84",
        "X_1_1_1_4_1_1_1_1_1_1_1_84",
        "X_1_1_1_4_1_1_3_1_1_2_1_84",
        "X_1_1_1_4_1_1_2_1_1_3_1_84",
        "X_1_1_1_5_1_1_1_1_1_1_1_84",
        "X_1_1_1_5_1_1_3_1_1_2_1_84",
        "X_1_1_1_5_1_1_2_1_1_3_1_84",
        "X_1_1_1_6_1_1_1_1_1_1_1_84",
        "X_1_1_1_6_1_1_3_1_1_2_1_84",
        "X_1_1_1_6_1_1_2_1_1_3_1_84",
        "X_1_1_1_7_1_1_1_1_1_1_1_84",
        "X_1_1_1_7_1_1_3_1_1_2_1_84",
        "X_1_1_1_7_1_1_2_1_1_3_1_84",
        "X_1_1_1_8_1_1_1_1_1_1_1_84",
        "X_1_1_1_8_1_1_3_1_1_2_1_84",
        "X_1_1_1_8_1_1_2_1_1_3_1_84",
        "X_1_1_1_9_1_1_1_1_1_1_1_84",
        "X_1_1_1_9_1_1_3_1_1_2_1_84",
        "X_1_1_1_9_1_1_2_1_1_3_1_84",
        "X_1_1_1_10_1_1_1_1_1_1_1_84",
        "X_1_1_1_10_1_1_3_1_1_2_1_84",
        "X_1_1_1_10_1_1_2_1_1_3_1_84",
        "X_1_1_1_11_1_1_1_1_1_1_1_84",
        "X_1_1_1_11_1_1_3_1_1_2_1_84",
        "X_1_1_1_11_1_1_2_1_1_3_1_84",
        "X_1_1_1_12_1_1_1_1_1_1_1_84",
        "X_1_1_1_12_1_1_3_1_1_2_1_84",
        "X_1_1_1_12_1_1_2_1_1_3_1_84"
],
      "CsaImage.TimeAfterStart": [0.0, 1.34, 0.67, 2.01, 3.3475, 2.6775, 4.0175, 5.355, 4.6875, 6.025, 7.3625, 6.695, 8.0325, 9.3725, 8.7025, 10.04, 11.38, 10.71, 12.05, 13.3875, 12.7175, 14.0575, 15.395, 14.7275, 16.065, 17.4025, 16.735, 18.0725, 19.4125, 18.7425, 20.0825, 21.42, 20.75, 22.09, 23.4275, 22.7575],
      "InstanceCreationTime": ["145938.546000", "145938.546000", "145938.546000", "145938.546000", "145938.546000", "145938.546000", "145938.562000", "145938.562000", "145938.562000", "145938.562000", "145938.562000", "145938.562000", "145938.562000", "145938.578000", "145938.578000", "145938.578000", "145938.578000", "145938.578000", "145938.578000", "145938.593000", "145938.578000", "145938.593000", "145938.593000", "145938.593000", "145938.593000", "145938.593000", "145938.593000", "145938.593000", "145938.593000", "145938.593000", "145938.593000", "145938.609000", "145938.593000", "145938.609000", "145938.609000", "145938.609000"],
      "InstanceNumber": [1, 2, 3, 4, 5, 6, 7, 8, 9, 10, 11, 12, 13, 14, 15, 16, 17, 18, 19, 20, 21, 22, 23, 24, 25, 26, 27, 28, 29, 30, 31, 32, 33, 34, 35, 36],
      "LargestImagePixelValue": [1242, 937, 511, 1578, 1050, 585, 1694, 1049, 578, 1439, 1117, 525, 1809, 1271, 607, 1608, 1272, 574, 1558, 1211, 563, 1601, 1127, 594, 1967, 1251, 643, 1900, 1251, 643, 2062, 1291, 610, 1797, 1350, 651],
      "SmallestImagePixelValue": [7, 8, 8, 8, 8, 9, 9, 8, 8, 8, 8, 8, 7, 8, 7, 8, 8, 8, 8, 8, 8, 8, 8, 8, 7, 8, 8, 8, 8, 8, 8, 8, 9, 8, 8, 7],
      "WindowCenter": [305.0, 299.0, 288.0, 307.0, 298.0, 286.0, 309.0, 299.0, 286.0, 308.0, 301.0, 291.0, 311.0, 303.0, 292.0, 307.0, 300.0, 289.0, 305.0, 298.0, 287.0, 308.0, 300.0, 289.0, 311.0, 302.0, 289.0, 304.0, 295.0, 283.0, 304.0, 293.0, 280.0, 311.0, 300.0, 287.0],
      "WindowWidth": [677.0, 659.0, 621.0, 710.0, 671.0, 620.0, 717.0, 674.0, 621.0, 689.0, 664.0, 627.0, 719.0, 679.0, 632.0, 697.0, 671.0, 624.0, 689.0, 665.0, 621.0, 707.0, 672.0, 627.0, 737.0, 687.0, 631.0, 723.0, 674.0, 620.0, 722.0, 673.0, 614.0, 738.0, 688.0, 624.0]
    }
  },
  "time": {
    "samples": {
      "AcquisitionNumber": [1, 2, 3, 4, 5, 6, 7, 8, 9, 10, 11, 12],
      "SequenceName": [
 "ep_b1000#1",
 "ep_b1000#2",
 "ep_b1000#3",
 "ep_b1000#4",
 "ep_b1000#5",
 "ep_b1000#6",
 "ep_b1000#7",
 "ep_b1000#8",
 "ep_b1000#9",
 "ep_b1000#10",
 "ep_b1000#11",
 "ep_b1000#12"
]
    },
    "slices": {
      "CsaImage.ProtocolSliceNumber": [0, 1, 2],
      "CsaImage.SlicePosition_PCS": [
        [-114.68404174, -91.26383901, -6.0],
        [-114.68404174, -91.26383901, 0.0],
        [-114.68404174, -91.26383901, 6.0]
],
      "ImagePositionPatient": [
        [-114.68404173851, -91.263839006424, -6.0],
        [-114.68404173851, -91.263839006424, 0.0],
        [-114.68404173851, -91.263839006424, 6.0]
],
      "SliceLocation": [-6.0, 0.0, 6.0]
    }
  }
}