{
 "AcquisitionMatrixPE": 140,
 "AcquisitionNumber": 1,
 "AcquisitionTime": "14:30:1.105000",
 "BandwidthPerPixelPhaseEncode": 10.352,
 "BaseResolution": 140,
 "BodyPartExamined": "BRAIN",
 "CoilCombinationMethod": "Adaptive Combine",
 "ConsistencyInfo": "N4_VE11C_LATEST_20160120",
 "ConversionSoftware": "dcm2niix",
 "ConversionSoftwareVersion": "v1.0.20211006",
 "DerivedVendorReportedEchoSpacing": 0.000689998,
 "DeviceSerialNumber": "70032",
 "DiffusionScheme": "Monopolar",
 "DwellTime": 2.1e-06,
 "EchoTime": 0.089,
 "EchoTrainLength": 105,
 "EffectiveEchoSpacing": 0.000689998,
 "FlipAngle": 90,
 "ImageOrientationPatientDICOM": [
  1,
  0,
  0,
  0,
  1,
  0
 ],
 "ImageOrientationText": "Tra",
 "ImageType": [
  "ORIGINAL",
  "PRIMARY",
  "DIFFUSION",
  "NONE",
  "ND"
 ],
 "ImagingFrequency": 123.218,
 "InPlanePhaseEncodingDirectionDICOM": "COL",
 "InstitutionAddress": "Ridge Ave. 2650 ,Evanston, IL,Chicago,US,60201",
 "InstitutionName": "EVANSTON HOSP",
 "InstitutionalDepartmentName": "Department",
 "IntendedFor": [
  "ses-V1/dwi/sub-10221_ses-V1_dwi.nii.gz"
 ],
 "MRAcquisitionType": "2D",
 "MagneticFieldStrength": 3,
 "Manufacturer": "Siemens",
 "ManufacturersModelName": "Skyra_fit",
 "MatrixCoilMode": "SENSE",
 "Modality": "MR",
 "PartialFourier": 0.75,
 "PatientPosition": "HFS",
 "PercentPhaseFOV": 100,
 "PercentSampling": 100,
 "PhaseEncodingDirection": "j-",
 "PhaseEncodingSteps": 105,
 "PhaseResolution": 1,
 "PixelBandwidth": 1700,
 "ProtocolName": "DWI_B0_AP",
 "PulseSequenceDetails": "%CustomerSeq%\\ep2d_diff_sms_abcd",
 "ReceiveCoilActiveElements": "HC3-7;NC1",
 "ReceiveCoilName": "HeadNeck_64",
 "ReconMatrixPE": 140,
 "RepetitionTime": 12.4,
 "SAR": 0.120016,
 "ScanOptions": "PFP\\FS",
 "ScanningSequence": "EP",
 "SequenceName": "ep_b0",
 "SequenceVariant": "SK\\SP",
 "SeriesDescription": "DWI_B0_AP",
 "SeriesNumber": 6,
 "ShimSetting": [
  -7371,
  5522,
  11916,
  -317,
  -326,
  -45,
  519,
  -442
 ],
 "SliceThickness": 1.7,
 "SliceTiming": [
  0,
  6.26562,
  0.14062,
  6.42188,
  0.29688,
  6.5625,
  0.45312,
  6.71875,
  0.60938,
  6.875,
  0.76562,
  7.03125,
  0.90625,
  7.17188,
  1.0625,
  7.32812,
  1.21875,
  7.48438,
  1.375,
  7.64062,
  1.53125,
  7.79688,
  1.67188,
  7.9375,
  1.82812,
  8.09375,
  1.98438,
  8.25,
  2.14062,
  8.40625,
  2.28125,
  8.5625,
  2.4375,
  8.70312,
  2.59375,
  8.85938,
  2.75,
  9.01562,
  2.90625,
  9.17188,
  3.04688,
  9.3125,
  3.20312,
  9.46875,
  3.35938,
  9.625,
  3.51562,
  9.78125,
  3.65625,
  9.9375,
  3.8125,
  10.0781,
  3.96875,
  10.2344,
  4.125,
  10.3906,
  4.28125,
  10.5469,
  4.42188,
  10.6875,
  4.57812,
  10.8438,
  4.73438,
  11,
  4.89062,
  11.1562,
  5.04688,
  11.3125,
  5.1875,
  11.4531,
  5.34375,
  11.6094,
  5.5,
  11.7656,
  5.65625,
  11.9219,
  5.79688,
  12.0781,
  5.95312,
  12.2188,
  6.10938
 ],
 "SoftwareVersions": "syngo MR E11",
 "SpacingBetweenSlices": 1.7,
 "SpoilingState": true,
 "StationName": "MRC40210",
 "TotalReadoutTime": 0.0959097,
 "TxRefAmp": 310.349,
 "VendorReportedEchoSpacing": 0.00069,
 "WipMemBlock": "7b58abed-125e-4982-9b88-ac51bc0e8cb2",
 "dcmmeta_affine": [
  [
   -1.7142857313156128,
   0.0,
   0.0,
   126.85585021972656
  ],
  [
   0.0,
   1.7142857313156128,
   0.0,
   -116.06949615478516
  ],
  [
   0.0,
   0.0,
   1.7000045776367188,
   -71.29769134521484
  ],
  [
   0.0,
   0.0,
   0.0,
   1.0
  ]
 ],
 "dcmmeta_reorient_transform": [
  [
   0.0,
   -1.0,
   0.0,
   139.0
  ],
  [
   1.0,
   0.0,
   0.0,
   0.0
  ],
  [
   0.0,
   0.0,
   -1.0,
   80.0
  ],
  [
   0.0,
   0.0,
   0.0,
   1.0
  ]
 ],
 "dcmmeta_shape": [
  140,
  140,
  81
 ],
 "dcmmeta_slice_dim": 2,
 "dcmmeta_version": 0.6,
 "global": {
  "const": {
   "AcquisitionMatrix": [
    140,
    0,
    0,
    140
   ],
   "AcquisitionNumber": 1,
   "AngioFlag": "N",
   "BitsAllocated": 16,
   "BitsStored": 12,
   "BodyPartExamined": "BRAIN",
   "Columns": 140,
   "EchoNumbers": 1,
   "EchoTime": 89.0,
   "EchoTrainLength": 105,
   "FlipAngle": 90.0,
   "HighBit": 11,
   "ImageOrientationPatient": [
    1.0,
    0.0,
    0.0,
    0.0,
    1.0,
    0.0
   ],
   "ImageType": [
    "ORIGINAL",
    "PRIMARY",
    "DIFFUSION",
    "NONE",
    "ND"
   ],
   "ImagedNucleus": "1H",
   "ImagingFrequency": 123.21764,
   "InPlanePhaseEncodingDirection": "COL",
   "MRAcquisitionType": "2D",
   "MagneticFieldStrength": 3.0,
   "Manufacturer": "SIEMENS",
   "ManufacturerModelName": "Skyra_fit",
   "Modality": "MR",
   "NumberOfAverages": 1.0,
   "NumberOfPhaseEncodingSteps": 105,
   "PercentPhaseFieldOfView": 100.0,
   "PercentSampling": 100.0,
   "PerformedProcedureStepStartTime": "135834.985000",
   "PhotometricInterpretation": "MONOCHROME2",
   "PixelBandwidth": 1700.0,
   "PixelRepresentation": 0,
   "PixelSpacing": [
    1.7142857313156,
    1.7142857313156
   ],
   "ProtocolName": "DWI_B0_AP",
   "ReferencedPerformedProcedureStepSequence": [
    {
     "ReferencedSOPClassUID": "1.2.840.10008.3.1.2.3.3",
     "ReferencedSOPInstanceUID": "1.3.12.2.1107.5.2.42.70032.30000021111813571680000000004"
    }
   ],
   "RepetitionTime": 12400.0,
   "Rows": 140,
   "SAR": 0.12001636977808,
   "SamplesPerPixel": 1,
   "ScanOptions": [
    "PFP",
    "FS"
   ],
   "ScanningSequence": "EP",
   "SequenceName": "ep_b0",
   "SequenceVariant": [
    "SK",
    "SP"
   ],
   "SeriesDescription": "DWI_B0_AP",
   "SeriesNumber": 6,
   "SeriesTime": "143007.313000",
   "SliceThickness": 1.7000000476837,
   "SmallestImagePixelValue": 0,
   "SoftwareVersions": "syngo MR E11",
   "SpacingBetweenSlices": 1.7,
   "SpecificCharacterSet": "ISO_IR 100",
   "StudyID": "1",
   "StudyTime": "135834.893000",
   "TransmitCoilName": "Body",
   "VariableFlipAngleFlag": "N",
   "WindowCenterWidthExplanation": "Algo1",
   "dBdt": 0.0
  },
