{
  "AcquisitionMatrixPE": 90,
  "AcquisitionNumber": 1,
  "AcquisitionTime": "14:53:55.002500",
  "BandwidthPerPixelPhaseEncode": 20.576,
  "BaseResolution": 90,
  "BodyPartExamined": "BRAIN",
  "CoilCombinationMethod": "Sum of Squares",
  "ConsistencyInfo": "N4_VE11C_LATEST_20160120",
  "ConversionSoftware": "dcm2niix",
  "ConversionSoftwareVersion": "v1.0.20211006",
  "DerivedVendorReportedEchoSpacing": 0.000540003,
  "DeviceSerialNumber": "70032",
  "DwellTime": 2.2e-06,
  "EchoTime": 0.032,
  "EchoTrainLength": 90,
  "EffectiveEchoSpacing": 0.000540003,
  "FlipAngle": 52,
  "ImageComments": "SMS_ABCD_V1.2; MB=6; FOVshift=3; K_PE=5; K_RO=5; LeakBlockOn;",
  "ImageOrientationPatientDICOM": [1, 0, 0, 0, 1, 0],
  "ImageOrientationText": "Tra",
  "ImageType": [
    "ORIGINAL",
    "PRIMARY",
    "M",
    "ND",
    "MOSAIC"
],
  "ImagingFrequency": 123.218,
  "InPlanePhaseEncodingDirectionDICOM": "COL",
  "InstitutionAddress": "Ridge Ave. 2650 ,Evanston, IL,Chicago,US,60201",
  "InstitutionName": "EVANSTON HOSP",
  "InstitutionalDepartmentName": "Department",
  "MRAcquisitionType": "2D",
  "MagneticFieldStrength": 3,
  "Manufacturer": "Siemens",
  "ManufacturersModelName": "Skyra_fit",
  "Modality": "MR",
  "MultibandAccelerationFactor": 6,
  "PartialFourier": 1,
  "PatientPosition": "HFS",
  "PercentPhaseFOV": 100,
  "PercentSampling": 100,
  "PhaseEncodingDirection": "j-",
  "PhaseEncodingSteps": 90,
  "PhaseResolution": 1,
  "PixelBandwidth": 2525,
  "ProtocolName": "CUFF1",
  "PulseSequenceDetails": "%CustomerSeq%\\ep2d_bold_sms_abcd",
  "ReceiveCoilActiveElements": "HC3-7;NC1",
  "ReceiveCoilName": "HeadNeck_64",
  "ReconMatrixPE": 90,
  "RefLinesPE": 8,
  "RepetitionTime": 0.8,
  "SAR": 0.0545581,
  "ScanOptions": "FS",
  "ScanningSequence": "EP",
  "SequenceName": "epfid2d1_90",
  "SequenceVariant": "SK",
  "SeriesDescription": "CUFF1",
  "SeriesNumber": 12,
  "ShimSetting": [-7384, 5519, 11914, -322, -292, -121, 471, -507],
  "SliceThickness": 2.4,
  "SliceTiming": [0.3475, 0, 0.4325, 0.0875, 0.52, 0.1725, 0.6075, 0.26, 0.6925, 0.3475, 0, 0.4325, 0.0875, 0.52, 0.1725, 0.6075, 0.26, 0.6925, 0.3475, 0, 0.4325, 0.0875, 0.52, 0.1725, 0.6075, 0.26, 0.6925, 0.3475, 0, 0.4325, 0.0875, 0.52, 0.1725, 0.6075, 0.26, 0.6925, 0.3475, 0, 0.4325, 0.0875, 0.52, 0.1725, 0.6075, 0.26, 0.6925, 0.3475, 0, 0.4325, 0.0875, 0.52, 0.1725, 0.6075, 0.26, 0.6925],
  "SoftwareVersions": "syngo MR E11",
  "SpacingBetweenSlices": 2.4,
  "StationName": "MRC40210",
  "TaskName": "cuff",
  "TotalReadoutTime": 0.0480603,
  "TxRefAmp": 310.349,
  "WipMemBlock": "665d3640-9d95-4ab7-9ccc-341167f685b2",
  "dcmmeta_affine": [
    [-2.4000000953674316, 0.0, 0.0, 113.00000762939453],
    [0.0, 2.4000000953674316, 0.0, -110.60000610351562],
    [0.0, 0.0, 2.3999998569488525, -63.599998474121094],
    [0.0, 0.0, 0.0, 1.0]
],
  "dcmmeta_reorient_transform": [
    [0.0, -1.0, 0.0, 89.0],
    [1.0, 0.0, 0.0, 0.0],
    [0.0, 0.0, 1.0, 0.0],
    [0.0, 0.0, 0.0, 1.0]
],
  "dcmmeta_shape": [90, 90, 54, 450],
  "dcmmeta_slice_dim": 2,
  "dcmmeta_version": 0.6,
  "global": {
    "const": {
      "AcquisitionMatrix": [90, 0, 0, 90],
      "AngioFlag": "N",
      "BitsAllocated": 16,
      "BitsStored": 12,
      "BodyPartExamined": "BRAIN",
      "Columns": 720,
      "EchoNumbers": 1,
      "EchoTime": 32.0,
      "EchoTrainLength": 90,
      "FlipAngle": 52.0,
      "HighBit": 11,
      "ImageOrientationPatient": [1.0, 0.0, 0.0, 0.0, 1.0, 0.0],
      "ImagePositionPatient": [-869.00003433228, -859.00003433228, -63.599998474121],
      "ImageType": [
        "ORIGINAL",
        "PRIMARY",
        "M",
        "ND",
        "MOSAIC"
],
      "ImagedNucleus": "1H",
      "ImagingFrequency": 123.217767,
      "InPlanePhaseEncodingDirection": "COL",
      "MRAcquisitionType": "2D",
      "MagneticFieldStrength": 3.0,
      "Manufacturer": "SIEMENS",
      "ManufacturerModelName": "Skyra_fit",
      "Modality": "MR",
      "NumberOfAverages": 1.0,
      "NumberOfPhaseEncodingSteps": 90,
      "PercentPhaseFieldOfView": 100.0,
      "PercentSampling": 100.0,
      "PerformedProcedureStepStartTime": "135834.985000",
      "PhotometricInterpretation": "MONOCHROME2",
      "PixelBandwidth": 2525.0,
      "PixelRepresentation": 0,
      "PixelSpacing": [2.4000000953674, 2.4000000953674],
      "ProtocolName": "CUFF1",
      "ReferencedPerformedProcedureStepSequence": [
        {
          "ReferencedSOPClassUID": "1.2.840.10008.3.1.2.3.3",
          "ReferencedSOPInstanceUID": "1.3.12.2.1107.5.2.42.70032.30000021111813571680000000004"}
],
      "RepetitionTime": 800.0,
      "Rows": 720,
      "SAR": 0.05455806733436,
      "SamplesPerPixel": 1,
      "ScanOptions": "FS",
      "ScanningSequence": "EP",
      "SequenceName": "epfid2d1_90",
      "SequenceVariant": "SK",
      "SeriesDescription": "CUFF1",
      "SeriesNumber": 12,
      "SeriesTime": "145428.223000",
      "SliceLocation": -63.599998474121,
      "SliceThickness": 2.4000000953674,
      "SmallestImagePixelValue": 0,
      "SoftwareVersions": "syngo MR E11",
      "SpacingBetweenSlices": 2.3999999424197,
      "SpecificCharacterSet": "ISO_IR 100",
      "StudyID": "1",
      "StudyTime": "135834.893000",
      "TransmitCoilName": "Body",
      "VariableFlipAngleFlag": "N",
      "WindowCenterWidthExplanation": "Algo1",
      "dBdt": 0.0},
