{
 "AcquisitionMatrixPE": 141,
 "AcquisitionNumber": 5,
 "AcquisitionTime": "11:53:29.300000",
 "BodyPartExamined": "BRAIN",
 "CoilString": "MULTI COIL",
 "ConversionSoftware": "dcm2niix",
 "ConversionSoftwareVersion": "v1.0.20211006",
 "DeviceSerialNumber": "71399",
 "EchoTime": 0.103405,
 "EchoTrainLength": 141,
 "EffectiveEchoSpacing": 0.000999911,
 "EstimatedEffectiveEchoSpacing": 0.000999911,
 "EstimatedTotalReadoutTime": 0.142987,
 "FlipAngle": 78,
 "ImageOrientationPatientDICOM": [
  1,
  0,
  0,
  0,
  1,
  0
 ],
 "ImageType": [
  "ORIGINAL",
  "PRIMARY",
  "M",
  "SE",
  "M",
  "SE"
 ],
 "ImagingFrequency": 127.767,
 "InPlanePhaseEncodingDirectionDICOM": "COL",
 "InstitutionAddress": "5835 S. Cottage Grove",
 "InstitutionName": "UNIVERSITY OF CHICAGO MEDICAL CENTER",
 "InstitutionalDepartmentName": "BRIC",
 "MRAcquisitionType": "2D",
 "MTState": false,
 "MagneticFieldStrength": 3,
 "Manufacturer": "Philips",
 "ManufacturersModelName": "Ingenia",
 "Modality": "MR",
 "ParallelAcquisitionTechnique": "MBSENSE",
 "ParallelReductionOutOfPlane": 3,
 "PartialFourierDirection": "PHASE",
 "PartialFourierEnabled": "YES",
 "PatientPosition": "HFS",
 "PercentPhaseFOV": 100,
 "PercentSampling": 100.714,
 "PhaseEncodingAxis": "j",
 "PhaseEncodingDirection": "j",
 "PhaseEncodingStepsNoPartialFourier": 141,
 "PhilipsRWVIntercept": 0,
 "PhilipsRWVSlope": 2.63663,
 "PhilipsRescaleIntercept": 0,
 "PhilipsRescaleSlope": 2.63663,
 "PhilipsScaleSlope": 0.0346259,
 "PixelBandwidth": 1619,
 "ProtocolName": "WIP DWI",
 "ReconMatrixPE": 144,
 "RepetitionTime": 8.09359,
 "SAR": 0.0908999,
 "ScanOptions": "FS",
 "ScanningSequence": "SE",
 "SequenceVariant": "SK",
 "SeriesDescription": "DWI",
 "SeriesNumber": 501,
 "SliceThickness": 1.7,
 "SoftwareVersions": "5.6.1\\5.6.1.0",
 "SpacingBetweenSlices": 1.7,
 "StationName": "HOST-1O4ONO2CHP",
 "TotalReadoutTime": 0.142987,
 "UsePhilipsFloatNotDisplayScaling": 1,
 "WaterFatShift": 62.5555
}