{
 "AcquisitionMatrixPE": 90,
 "AcquisitionNumber": 1,
 "AcquisitionTime": "14:45:0.610000",
 "BandwidthPerPixelPhaseEncode": 17.361,
 "BaseResolution": 90,
 "BodyPartExamined": "BRAIN",
 "CoilCombinationMethod": "Adaptive Combine",
 "ConsistencyInfo": "N4_VE11C_LATEST_20160120",
 "ConversionSoftware": "dcm2niix",
 "ConversionSoftwareVersion": "v1.0.20211006",
 "DerivedVendorReportedEchoSpacing": 0.000640004,
 "DeviceSerialNumber": "70032",
 "DwellTime": 2.3e-06,
 "EchoTime": 0.08,
 "EchoTrainLength": 90,
 "EffectiveEchoSpacing": 0.000640004,
 "FlipAngle": 90,
 "ImageOrientationPatientDICOM": [
  1,
  0,
  0,
  0,
  1,
  0
 ],
 "ImageOrientationText": "Tra",
 "ImageType": [
  "ORIGINAL",
  "PRIMARY",
  "M",
  "ND"
 ],
 "ImagingFrequency": 123.218,
 "InPlanePhaseEncodingDirectionDICOM": "COL",
 "InstitutionAddress": "Ridge Ave. 2650 ,Evanston, IL,Chicago,US,60201",
 "InstitutionName": "EVANSTON HOSP",
 "InstitutionalDepartmentName": "Department",
 "IntendedFor": [
  "ses-V1/func/sub-10221_ses-V1_task-cuff_run-01_bold.nii.gz",
  "ses-V1/func/sub-10221_ses-V1_task-cuff_run-02_bold.nii.gz",
  "ses-V1/func/sub-10221_ses-V1_task-rest_run-01_bold.nii.gz",
  "ses-V1/func/sub-10221_ses-V1_task-rest_run-02_bold.nii.gz"
 ],
 "MRAcquisitionType": "2D",
 "MagneticFieldStrength": 3,
 "Manufacturer": "Siemens",
 "ManufacturersModelName": "Skyra_fit",
 "MatrixCoilMode": "SENSE",
 "Modality": "MR",
 "PartialFourier": 1,
 "PatientPosition": "HFS",
 "PercentPhaseFOV": 100,
 "PercentSampling": 100,
 "PhaseEncodingDirection": "j-",
 "PhaseEncodingSteps": 90,
 "PhaseResolution": 1,
 "PixelBandwidth": 2415,
 "ProtocolName": "FMRI_B0_AP",
 "PulseSequenceDetails": "%CustomerSeq%\\ep2d_se_sms_abcd",
 "ReceiveCoilActiveElements": "HC3-7;NC1",
 "ReceiveCoilName": "HeadNeck_64",
 "ReconMatrixPE": 90,
 "RepetitionTime": 7.38,
 "SAR": 0.13024,
 "ScanOptions": "FS",
 "ScanningSequence": "EP",
 "SequenceName": "epse2d1_90",
 "SequenceVariant": "SK\\SP",
 "SeriesDescription": "FMRI_B0_AP",
 "SeriesNumber": 9,
 "ShimSetting": [
  -7384,
  5519,
  11914,
  -322,
  -292,
  -121,
  471,
  -507
 ],
 "SliceThickness": 2.4,
 "SliceTiming": [
  3.6875,
  0,
  3.82812,
  0.14062,
  3.96875,
  0.26562,
  4.09375,
  0.40625,
  4.23438,
  0.54688,
  4.375,
  0.6875,
  4.51562,
  0.8125,
  4.64062,
  0.95312,
  4.78125,
  1.09375,
  4.92188,
  1.23438,
  5.0625,
  1.35938,
  5.1875,
  1.5,
  5.32812,
  1.64062,
  5.46875,
  1.78125,
  5.60938,
  1.90625,
  5.73438,
  2.04688,
  5.875,
  2.1875,
  6.01562,
  2.32812,
  6.14062,
  2.45312,
  6.28125,
  2.59375,
  6.42188,
  2.73438,
  6.5625,
  2.875,
  6.70312,
  3,
  6.82812,
  3.14062,
  6.96875,
  3.28125,
  7.10938,
  3.42188,
  7.25,
  3.54688
 ],
 "SoftwareVersions": "syngo MR E11",
 "SpacingBetweenSlices": 2.4,
 "SpoilingState": true,
 "StationName": "MRC40210",
 "TotalReadoutTime": 0.0569604,
 "TxRefAmp": 310.349,
 "VendorReportedEchoSpacing": 0.00064,
 "WipMemBlock": "74ea6b86-2283-49d9-babb-9ab6b8856a0f",
 "dcmmeta_affine": [
  [
   -2.4000000953674316,
   0.0,
   0.0,
   113.00000762939453
  ],
  [
   0.0,
   2.4000000953674316,
   0.0,
   -110.60000610351562
  ],
  [
   0.0,
   0.0,
   2.3999977111816406,
   -63.59988021850586
  ],
  [
   0.0,
   0.0,
   0.0,
   1.0
  ]
 ],
 "dcmmeta_reorient_transform": [
  [
   0.0,
   -1.0,
   0.0,
   89.0
  ],
  [
   1.0,
   0.0,
   0.0,
   0.0
  ],
  [
   0.0,
   0.0,
   -1.0,
   53.0
  ],
  [
   0.0,
   0.0,
   0.0,
   1.0
  ]
 ],
 "dcmmeta_shape": [
  90,
  90,
  54
 ],
 "dcmmeta_slice_dim": 2,
 "dcmmeta_version": 0.6,
 "global": {
  "const": {
   "AcquisitionMatrix": [
    90,
    0,
    0,
    90
   ],
   "AcquisitionNumber": 1,
   "AngioFlag": "N",
   "BitsAllocated": 16,
   "BitsStored": 12,
   "BodyPartExamined": "BRAIN",
   "Columns": 90,
   "EchoNumbers": 1,
   "EchoTime": 80.0,
   "EchoTrainLength": 90,
   "FlipAngle": 90.0,
   "HighBit": 11,
   "ImageOrientationPatient": [
    1.0,
    0.0,
    0.0,
    0.0,
    1.0,
    0.0
   ],
   "ImageType": [
    "ORIGINAL",
    "PRIMARY",
    "M",
    "ND"
   ],
   "ImagedNucleus": "1H",
   "ImagingFrequency": 123.217712,
   "InPlanePhaseEncodingDirection": "COL",
   "MRAcquisitionType": "2D",
   "MagneticFieldStrength": 3.0,
   "Manufacturer": "SIEMENS",
   "ManufacturerModelName": "Skyra_fit",
   "Modality": "MR",
   "NumberOfAverages": 1.0,
   "NumberOfPhaseEncodingSteps": 90,
   "PercentPhaseFieldOfView": 100.0,
   "PercentSampling": 100.0,
   "PerformedProcedureStepStartTime": "135834.985000",
   "PhotometricInterpretation": "MONOCHROME2",
   "PixelBandwidth": 2415.0,
   "PixelRepresentation": 0,
   "PixelSpacing": [
    2.4000000953674,
    2.4000000953674
   ],
   "ProtocolName": "FMRI_B0_AP",
   "ReferencedPerformedProcedureStepSequence": [
    {
     "ReferencedSOPClassUID": "1.2.840.10008.3.1.2.3.3",
     "ReferencedSOPInstanceUID": "1.3.12.2.1107.5.2.42.70032.30000021111813571680000000004"
    }
   ],
   "RepetitionTime": 7380.0,
   "Rows": 90,
   "SAR": 0.13024042451045,
   "SamplesPerPixel": 1,
   "ScanOptions": "FS",
   "ScanningSequence": "EP",
   "SequenceName": "epse2d1_90",
   "SequenceVariant": [
    "SK",
    "SP"
   ],
   "SeriesDescription": "FMRI_B0_AP",
   "SeriesNumber": 9,
   "SeriesTime": "144504.679000",
   "SliceThickness": 2.4000000953674,
   "SmallestImagePixelValue": 0,
   "SoftwareVersions": "syngo MR E11",
   "SpacingBetweenSlices": 2.4,
   "SpecificCharacterSet": "ISO_IR 100",
   "StudyID": "1",
   "StudyTime": "135834.893000",
   "TransmitCoilName": "Body",
   "VariableFlipAngleFlag": "N",
   "WindowCenterWidthExplanation": "Algo1",
   "dBdt": 0.0
  },
